RESTRICTION: || (== net472) (== netcoreapp3.1)
NUGET
  remote: https://api.nuget.org/v3/index.json
    AspNetCore.HealthChecks.SqlServer (3.0)
      Microsoft.Extensions.Diagnostics.HealthChecks (>= 3.0)
      System.Data.SqlClient (>= 4.7)
    AsyncEnumerator (4.0.2)
      Microsoft.Bcl.AsyncInterfaces (>= 1.0) - restriction: || (== net472) (&& (== netcoreapp3.1) (>= net461)) (&& (== netcoreapp3.1) (< netstandard2.1))
      System.Threading.Tasks.Extensions (>= 4.5.2) - restriction: || (== net472) (&& (== netcoreapp3.1) (>= net461)) (&& (== netcoreapp3.1) (< netstandard2.1))
    Autofac (4.9.4) - restriction: || (&& (== net472) (>= netcoreapp3.1)) (== netcoreapp3.1)
    Autofac.Extensions.DependencyInjection (5.0.1) - restriction: || (&& (== net472) (>= netcoreapp3.1)) (== netcoreapp3.1)
      Autofac (>= 4.9.1)
      Microsoft.Extensions.DependencyInjection.Abstractions (>= 2.1)
    AutoFixture (4.11)
      Fare (>= 2.1.1 < 3.0)
      System.ComponentModel.Annotations (>= 4.3) - restriction: || (&& (== net472) (< net452)) (== netcoreapp3.1)
    AutoFixture.Xunit2 (4.11)
      AutoFixture (>= 4.11)
      xunit.extensibility.core (>= 2.0 < 3.0) - restriction: || (== net472) (&& (== netcoreapp3.1) (>= net452))
      xunit.extensibility.core (>= 2.2 < 3.0) - restriction: || (&& (== net472) (< net452)) (== netcoreapp3.1)
    AWSSDK.Core (3.3.104.12) - restriction: || (&& (== net472) (>= netcoreapp3.1)) (== netcoreapp3.1)
    AWSSDK.DynamoDBv2 (3.3.104.14) - restriction: || (&& (== net472) (>= netcoreapp3.1)) (== netcoreapp3.1)
      AWSSDK.Core (>= 3.3.104.12 < 3.4)
    Be.Vlaanderen.Basisregisters.AggregateSource (4.1)
      Be.Vlaanderen.Basisregisters.Utilities.HashCodeCalculator (>= 2.1) - restriction: || (&& (== net472) (>= netcoreapp3.1)) (== netcoreapp3.1)
      Be.Vlaanderen.Basisregisters.Utilities.HexByteConvertor (>= 2.1) - restriction: || (&& (== net472) (>= netcoreapp3.1)) (== netcoreapp3.1)
      Be.Vlaanderen.Basisregisters.Utilities.ToStringBuilder (>= 2.1.1) - restriction: || (&& (== net472) (>= netcoreapp3.1)) (== netcoreapp3.1)
      Newtonsoft.Json (>= 12.0.3) - restriction: || (&& (== net472) (>= netcoreapp3.1)) (== netcoreapp3.1)
      NodaTime (>= 2.4.7) - restriction: || (&& (== net472) (>= netcoreapp3.1)) (== netcoreapp3.1)
    Be.Vlaanderen.Basisregisters.AggregateSource.ExplicitRouting (4.1)
      Be.Vlaanderen.Basisregisters.AggregateSource (4.1) - restriction: || (&& (== net472) (>= netcoreapp3.1)) (== netcoreapp3.1)
    Be.Vlaanderen.Basisregisters.AggregateSource.SqlStreamStore (4.1) - restriction: || (&& (== net472) (>= netcoreapp3.1)) (== netcoreapp3.1)
      Be.Vlaanderen.Basisregisters.AggregateSource (4.1) - restriction: || (&& (== net472) (>= netcoreapp3.1)) (== netcoreapp3.1)
      Be.Vlaanderen.Basisregisters.EventHandling (>= 2.1) - restriction: || (&& (== net472) (>= netcoreapp3.1)) (== netcoreapp3.1)
      SqlStreamStore (>= 1.1.3) - restriction: || (&& (== net472) (>= netcoreapp3.1)) (== netcoreapp3.1)
    Be.Vlaanderen.Basisregisters.AggregateSource.SqlStreamStore.Autofac (4.1)
      Autofac.Extensions.DependencyInjection (>= 5.0.1) - restriction: || (&& (== net472) (>= netcoreapp3.1)) (== netcoreapp3.1)
      Be.Vlaanderen.Basisregisters.AggregateSource (4.1) - restriction: || (&& (== net472) (>= netcoreapp3.1)) (== netcoreapp3.1)
      Be.Vlaanderen.Basisregisters.AggregateSource.SqlStreamStore (4.1) - restriction: || (&& (== net472) (>= netcoreapp3.1)) (== netcoreapp3.1)
      SqlStreamStore (>= 1.1.3) - restriction: || (&& (== net472) (>= netcoreapp3.1)) (== netcoreapp3.1)
      SqlStreamStore.MsSql (>= 1.1.3) - restriction: || (&& (== net472) (>= netcoreapp3.1)) (== netcoreapp3.1)
    Be.Vlaanderen.Basisregisters.AggregateSource.Testing (4.1)
      Be.Vlaanderen.Basisregisters.AggregateSource (4.1) - restriction: || (&& (== net472) (>= netcoreapp3.1)) (== netcoreapp3.1)
      CompareNETObjects (>= 4.64) - restriction: || (&& (== net472) (>= netcoreapp3.1)) (== netcoreapp3.1)
      Microsoft.CSharp (>= 4.7) - restriction: || (&& (== net472) (>= netcoreapp3.1)) (== netcoreapp3.1)
      Newtonsoft.Json (>= 12.0.3) - restriction: || (&& (== net472) (>= netcoreapp3.1)) (== netcoreapp3.1)
    Be.Vlaanderen.Basisregisters.AggregateSource.Testing.CommandHandling (4.1)
      Be.Vlaanderen.Basisregisters.AggregateSource.Testing (4.1) - restriction: || (&& (== net472) (>= netcoreapp3.1)) (== netcoreapp3.1)
      Be.Vlaanderen.Basisregisters.CommandHandling (4.1) - restriction: || (&& (== net472) (>= netcoreapp3.1)) (== netcoreapp3.1)
    Be.Vlaanderen.Basisregisters.AggregateSource.Testing.SqlStreamStore (4.1) - restriction: || (&& (== net472) (>= netcoreapp3.1)) (== netcoreapp3.1)
      Be.Vlaanderen.Basisregisters.AggregateSource.Testing (4.1) - restriction: || (&& (== net472) (>= netcoreapp3.1)) (== netcoreapp3.1)
      Be.Vlaanderen.Basisregisters.EventHandling (>= 2.1) - restriction: || (&& (== net472) (>= netcoreapp3.1)) (== netcoreapp3.1)
      SqlStreamStore (>= 1.1.3) - restriction: || (&& (== net472) (>= netcoreapp3.1)) (== netcoreapp3.1)
    Be.Vlaanderen.Basisregisters.AggregateSource.Testing.SqlStreamStore.Autofac (4.1)
      Autofac.Extensions.DependencyInjection (>= 5.0.1) - restriction: || (&& (== net472) (>= netcoreapp3.1)) (== netcoreapp3.1)
      Be.Vlaanderen.Basisregisters.AggregateSource.SqlStreamStore.Autofac (4.1) - restriction: || (&& (== net472) (>= netcoreapp3.1)) (== netcoreapp3.1)
      Be.Vlaanderen.Basisregisters.AggregateSource.Testing.CommandHandling (4.1) - restriction: || (&& (== net472) (>= netcoreapp3.1)) (== netcoreapp3.1)
      Be.Vlaanderen.Basisregisters.AggregateSource.Testing.SqlStreamStore (4.1) - restriction: || (&& (== net472) (>= netcoreapp3.1)) (== netcoreapp3.1)
      Be.Vlaanderen.Basisregisters.AggregateSource.Testing.Xunit (4.1) - restriction: || (&& (== net472) (>= netcoreapp3.1)) (== netcoreapp3.1)
    Be.Vlaanderen.Basisregisters.AggregateSource.Testing.Xunit (4.1)
      Be.Vlaanderen.Basisregisters.AggregateSource.Testing (4.1) - restriction: || (&& (== net472) (>= netcoreapp3.1)) (== netcoreapp3.1)
      Microsoft.Extensions.Logging (>= 3.1) - restriction: || (&& (== net472) (>= netcoreapp3.1)) (== netcoreapp3.1)
      xunit (>= 2.4.1) - restriction: || (&& (== net472) (>= netcoreapp3.1)) (== netcoreapp3.1)
    Be.Vlaanderen.Basisregisters.Api (10.2)
      Autofac (>= 4.9.4) - restriction: || (&& (== net472) (>= netcoreapp3.1)) (== netcoreapp3.1)
      Autofac.Extensions.DependencyInjection (>= 5.0.1) - restriction: || (&& (== net472) (>= netcoreapp3.1)) (== netcoreapp3.1)
      Be.Vlaanderen.Basisregisters.AggregateSource (>= 4.1) - restriction: || (&& (== net472) (>= netcoreapp3.1)) (== netcoreapp3.1)
      Be.Vlaanderen.Basisregisters.AspNetCore.Mvc.Formatters.Json (>= 2.1) - restriction: || (&& (== net472) (>= netcoreapp3.1)) (== netcoreapp3.1)
      Be.Vlaanderen.Basisregisters.AspNetCore.Mvc.Logging (>= 2.1) - restriction: || (&& (== net472) (>= netcoreapp3.1)) (== netcoreapp3.1)
      Be.Vlaanderen.Basisregisters.AspNetCore.Mvc.Middleware.AddCorrelationId (>= 2.1) - restriction: || (&& (== net472) (>= netcoreapp3.1)) (== netcoreapp3.1)
      Be.Vlaanderen.Basisregisters.AspNetCore.Mvc.Middleware.AddCorrelationIdToLogContext (>= 2.1) - restriction: || (&& (== net472) (>= netcoreapp3.1)) (== netcoreapp3.1)
      Be.Vlaanderen.Basisregisters.AspNetCore.Mvc.Middleware.AddCorrelationIdToResponse (>= 2.1) - restriction: || (&& (== net472) (>= netcoreapp3.1)) (== netcoreapp3.1)
      Be.Vlaanderen.Basisregisters.AspNetCore.Mvc.Middleware.AddHttpSecurityHeaders (>= 1.2 < 2.0) - restriction: || (&& (== net472) (>= netcoreapp3.1)) (== netcoreapp3.1)
      Be.Vlaanderen.Basisregisters.AspNetCore.Mvc.Middleware.AddRemoteIpAddress (>= 2.1) - restriction: || (&& (== net472) (>= netcoreapp3.1)) (== netcoreapp3.1)
      Be.Vlaanderen.Basisregisters.AspNetCore.Mvc.Middleware.AddVersionHeader (>= 2.1) - restriction: || (&& (== net472) (>= netcoreapp3.1)) (== netcoreapp3.1)
      Be.Vlaanderen.Basisregisters.AspNetCore.Mvc.Middleware.DefaultResponseCompressionQuality (>= 2.1) - restriction: || (&& (== net472) (>= netcoreapp3.1)) (== netcoreapp3.1)
      Be.Vlaanderen.Basisregisters.AspNetCore.Mvc.Middleware.EnableRequestRewind (>= 2.1) - restriction: || (&& (== net472) (>= netcoreapp3.1)) (== netcoreapp3.1)
      Be.Vlaanderen.Basisregisters.AspNetCore.Mvc.ModelBinding.GuidHeader (>= 2.1) - restriction: || (&& (== net472) (>= netcoreapp3.1)) (== netcoreapp3.1)
      Be.Vlaanderen.Basisregisters.AspNetCore.Swagger (>= 3.0) - restriction: || (&& (== net472) (>= netcoreapp3.1)) (== netcoreapp3.1)
      Be.Vlaanderen.Basisregisters.AspNetCore.Swagger.ReDoc (>= 3.0) - restriction: || (&& (== net472) (>= netcoreapp3.1)) (== netcoreapp3.1)
      Be.Vlaanderen.Basisregisters.Aws.DistributedMutex (>= 2.0) - restriction: || (&& (== net472) (>= netcoreapp3.1)) (== netcoreapp3.1)
      Be.Vlaanderen.Basisregisters.DataDog.Tracing (>= 4.1) - restriction: || (&& (== net472) (>= netcoreapp3.1)) (== netcoreapp3.1)
      Be.Vlaanderen.Basisregisters.DataDog.Tracing.AspNetCore (>= 4.1) - restriction: || (&& (== net472) (>= netcoreapp3.1)) (== netcoreapp3.1)
      Be.Vlaanderen.Basisregisters.DataDog.Tracing.Autofac (>= 4.1) - restriction: || (&& (== net472) (>= netcoreapp3.1)) (== netcoreapp3.1)
      Be.Vlaanderen.Basisregisters.DataDog.Tracing.Sql (>= 4.1) - restriction: || (&& (== net472) (>= netcoreapp3.1)) (== netcoreapp3.1)
      Be.Vlaanderen.Basisregisters.DataDog.Tracing.SqlStreamStore (>= 4.1) - restriction: || (&& (== net472) (>= netcoreapp3.1)) (== netcoreapp3.1)
      Be.Vlaanderen.Basisregisters.EventHandling.Autofac (>= 2.1) - restriction: || (&& (== net472) (>= netcoreapp3.1)) (== netcoreapp3.1)
      Be.Vlaanderen.Basisregisters.Generators.Guid.Deterministic (>= 2.1) - restriction: || (&& (== net472) (>= netcoreapp3.1)) (== netcoreapp3.1)
      Be.Vlaanderen.Basisregisters.ProblemDetails (>= 4.1.1) - restriction: || (&& (== net472) (>= netcoreapp3.1)) (== netcoreapp3.1)
      Destructurama.JsonNet (>= 1.2.1) - restriction: || (&& (== net472) (>= netcoreapp3.1)) (== netcoreapp3.1)
      FluentValidation.AspNetCore (>= 8.6.1) - restriction: || (&& (== net472) (>= netcoreapp3.1)) (== netcoreapp3.1)
      Microsoft.AspNetCore.Diagnostics.EntityFrameworkCore (>= 3.1) - restriction: || (&& (== net472) (>= netcoreapp3.1)) (== netcoreapp3.1)
      Microsoft.AspNetCore.Mvc.NewtonsoftJson (>= 3.1) - restriction: || (&& (== net472) (>= netcoreapp3.1)) (== netcoreapp3.1)
      Microsoft.AspNetCore.Mvc.Versioning.ApiExplorer (>= 4.1.1) - restriction: || (&& (== net472) (>= netcoreapp3.1)) (== netcoreapp3.1)
      Microsoft.EntityFrameworkCore (>= 3.1) - restriction: || (&& (== net472) (>= netcoreapp3.1)) (== netcoreapp3.1)
      Microsoft.Extensions.Configuration (>= 3.1) - restriction: || (&& (== net472) (>= netcoreapp3.1)) (== netcoreapp3.1)
      Microsoft.Extensions.Configuration.CommandLine (>= 3.1) - restriction: || (&& (== net472) (>= netcoreapp3.1)) (== netcoreapp3.1)
      Microsoft.Extensions.Configuration.EnvironmentVariables (>= 3.1) - restriction: || (&& (== net472) (>= netcoreapp3.1)) (== netcoreapp3.1)
      Microsoft.Extensions.Configuration.FileExtensions (>= 3.1) - restriction: || (&& (== net472) (>= netcoreapp3.1)) (== netcoreapp3.1)
      Microsoft.Extensions.Configuration.Json (>= 3.1) - restriction: || (&& (== net472) (>= netcoreapp3.1)) (== netcoreapp3.1)
      Microsoft.Extensions.DependencyInjection (>= 3.1) - restriction: || (&& (== net472) (>= netcoreapp3.1)) (== netcoreapp3.1)
      Microsoft.Extensions.Diagnostics.HealthChecks.EntityFrameworkCore (>= 3.1) - restriction: || (&& (== net472) (>= netcoreapp3.1)) (== netcoreapp3.1)
      Microsoft.Extensions.Localization (>= 3.1) - restriction: || (&& (== net472) (>= netcoreapp3.1)) (== netcoreapp3.1)
      Microsoft.Extensions.Options.ConfigurationExtensions (>= 3.1) - restriction: || (&& (== net472) (>= netcoreapp3.1)) (== netcoreapp3.1)
      Microsoft.SyndicationFeed.ReaderWriter (>= 1.0.2) - restriction: || (&& (== net472) (>= netcoreapp3.1)) (== netcoreapp3.1)
      Microsoft.VisualStudio.Web.BrowserLink (>= 2.2) - restriction: || (&& (== net472) (>= netcoreapp3.1)) (== netcoreapp3.1)
      Newtonsoft.Json (>= 12.0.3) - restriction: || (&& (== net472) (>= netcoreapp3.1)) (== netcoreapp3.1)
      Polly (>= 7.2) - restriction: || (&& (== net472) (>= netcoreapp3.1)) (== netcoreapp3.1)
      Serilog (>= 2.9) - restriction: || (&& (== net472) (>= netcoreapp3.1)) (== netcoreapp3.1)
      Serilog.Enrichers.Environment (>= 2.1.3) - restriction: || (&& (== net472) (>= netcoreapp3.1)) (== netcoreapp3.1)
      Serilog.Enrichers.Thread (>= 3.1) - restriction: || (&& (== net472) (>= netcoreapp3.1)) (== netcoreapp3.1)
      Serilog.Extensions.Logging (>= 3.0.1) - restriction: || (&& (== net472) (>= netcoreapp3.1)) (== netcoreapp3.1)
      Serilog.Formatting.Compact (>= 1.1) - restriction: || (&& (== net472) (>= netcoreapp3.1)) (== netcoreapp3.1)
      Serilog.Settings.Configuration (>= 3.1) - restriction: || (&& (== net472) (>= netcoreapp3.1)) (== netcoreapp3.1)
      Serilog.Sinks.Console (>= 3.1.1) - restriction: || (&& (== net472) (>= netcoreapp3.1)) (== netcoreapp3.1)
      Serilog.Sinks.File (>= 4.1) - restriction: || (&& (== net472) (>= netcoreapp3.1)) (== netcoreapp3.1)
      SqlStreamStore (>= 1.1.3) - restriction: || (&& (== net472) (>= netcoreapp3.1)) (== netcoreapp3.1)
      SqlStreamStore.MsSql (>= 1.1.3) - restriction: || (&& (== net472) (>= netcoreapp3.1)) (== netcoreapp3.1)
      Swashbuckle.AspNetCore (>= 5.0.0-rc5) - restriction: || (&& (== net472) (>= netcoreapp3.1)) (== netcoreapp3.1)
      Swashbuckle.AspNetCore.Filters (>= 5.0.0-rc9) - restriction: || (&& (== net472) (>= netcoreapp3.1)) (== netcoreapp3.1)
      System.Text.Encoding.CodePages (>= 4.7) - restriction: || (&& (== net472) (>= netcoreapp3.1)) (== netcoreapp3.1)
    Be.Vlaanderen.Basisregisters.AspNetCore.Mvc.Formatters.Json (2.1) - restriction: || (&& (== net472) (>= netcoreapp3.1)) (== netcoreapp3.1)
      Be.Vlaanderen.Basisregisters.Converters.TrimString (>= 2.1) - restriction: || (&& (== net472) (>= netcoreapp3.1)) (== netcoreapp3.1)
      Be.Vlaanderen.Basisregisters.Utilities.Rfc3339DateTimeOffset (>= 2.1) - restriction: || (&& (== net472) (>= netcoreapp3.1)) (== netcoreapp3.1)
      Newtonsoft.Json (>= 12.0.3) - restriction: || (&& (== net472) (>= netcoreapp3.1)) (== netcoreapp3.1)
      NodaTime.Serialization.JsonNet (>= 2.2) - restriction: || (&& (== net472) (>= netcoreapp3.1)) (== netcoreapp3.1)
    Be.Vlaanderen.Basisregisters.AspNetCore.Mvc.Logging (2.1) - restriction: || (&& (== net472) (>= netcoreapp3.1)) (== netcoreapp3.1)
      Newtonsoft.Json (>= 12.0.3) - restriction: || (&& (== net472) (>= netcoreapp3.1)) (== netcoreapp3.1)
    Be.Vlaanderen.Basisregisters.AspNetCore.Mvc.Middleware.AddCorrelationId (2.1) - restriction: || (&& (== net472) (>= netcoreapp3.1)) (== netcoreapp3.1)
    Be.Vlaanderen.Basisregisters.AspNetCore.Mvc.Middleware.AddCorrelationIdToLogContext (2.1) - restriction: || (&& (== net472) (>= netcoreapp3.1)) (== netcoreapp3.1)
      Serilog (>= 2.9) - restriction: || (&& (== net472) (>= netcoreapp3.1)) (== netcoreapp3.1)
    Be.Vlaanderen.Basisregisters.AspNetCore.Mvc.Middleware.AddCorrelationIdToResponse (2.1) - restriction: || (&& (== net472) (>= netcoreapp3.1)) (== netcoreapp3.1)
    Be.Vlaanderen.Basisregisters.AspNetCore.Mvc.Middleware.AddHttpSecurityHeaders (1.2.1) - restriction: || (&& (== net472) (>= netcoreapp3.1)) (== netcoreapp3.1)
      Microsoft.AspNetCore.Http.Abstractions (>= 2.2)
    Be.Vlaanderen.Basisregisters.AspNetCore.Mvc.Middleware.AddRemoteIpAddress (2.1) - restriction: || (&& (== net472) (>= netcoreapp3.1)) (== netcoreapp3.1)
    Be.Vlaanderen.Basisregisters.AspNetCore.Mvc.Middleware.AddVersionHeader (2.1) - restriction: || (&& (== net472) (>= netcoreapp3.1)) (== netcoreapp3.1)
    Be.Vlaanderen.Basisregisters.AspNetCore.Mvc.Middleware.DefaultResponseCompressionQuality (2.1) - restriction: || (&& (== net472) (>= netcoreapp3.1)) (== netcoreapp3.1)
    Be.Vlaanderen.Basisregisters.AspNetCore.Mvc.Middleware.EnableRequestRewind (2.1) - restriction: || (&& (== net472) (>= netcoreapp3.1)) (== netcoreapp3.1)
    Be.Vlaanderen.Basisregisters.AspNetCore.Mvc.ModelBinding.GuidHeader (2.1) - restriction: || (&& (== net472) (>= netcoreapp3.1)) (== netcoreapp3.1)
    Be.Vlaanderen.Basisregisters.AspNetCore.Swagger (3.0) - restriction: || (&& (== net472) (>= netcoreapp3.1)) (== netcoreapp3.1)
      Microsoft.AspNetCore.Mvc.Versioning.ApiExplorer (>= 4.1) - restriction: || (&& (== net472) (>= netcoreapp3.1)) (== netcoreapp3.1)
      Microsoft.Extensions.Localization.Abstractions (>= 3.1) - restriction: || (&& (== net472) (>= netcoreapp3.1)) (== netcoreapp3.1)
      Swashbuckle.AspNetCore (>= 5.0.0-rc5) - restriction: || (&& (== net472) (>= netcoreapp3.1)) (== netcoreapp3.1)
      Swashbuckle.AspNetCore.Filters (>= 5.0.0-rc9) - restriction: || (&& (== net472) (>= netcoreapp3.1)) (== netcoreapp3.1)
    Be.Vlaanderen.Basisregisters.AspNetCore.Swagger.ReDoc (3.0) - restriction: || (&& (== net472) (>= netcoreapp3.1)) (== netcoreapp3.1)
      Be.Vlaanderen.Basisregisters.AspNetCore.Swagger (3.0) - restriction: || (&& (== net472) (>= netcoreapp3.1)) (== netcoreapp3.1)
      Microsoft.AspNetCore.Mvc.Versioning.ApiExplorer (>= 4.1) - restriction: || (&& (== net472) (>= netcoreapp3.1)) (== netcoreapp3.1)
      Microsoft.Extensions.FileProviders.Embedded (>= 3.1) - restriction: || (&& (== net472) (>= netcoreapp3.1)) (== netcoreapp3.1)
      Microsoft.Extensions.Localization.Abstractions (>= 3.1) - restriction: || (&& (== net472) (>= netcoreapp3.1)) (== netcoreapp3.1)
      Newtonsoft.Json (>= 12.0.3) - restriction: || (&& (== net472) (>= netcoreapp3.1)) (== netcoreapp3.1)
      NSwag.CodeGeneration.CSharp (>= 13.1.6) - restriction: || (&& (== net472) (>= netcoreapp3.1)) (== netcoreapp3.1)
      NSwag.CodeGeneration.TypeScript (>= 13.1.6) - restriction: || (&& (== net472) (>= netcoreapp3.1)) (== netcoreapp3.1)
      Swashbuckle.AspNetCore (>= 5.0.0-rc5) - restriction: || (&& (== net472) (>= netcoreapp3.1)) (== netcoreapp3.1)
    Be.Vlaanderen.Basisregisters.Aws.DistributedMutex (2.0) - restriction: || (&& (== net472) (>= netcoreapp3.1)) (== netcoreapp3.1)
      AWSSDK.DynamoDBv2 (>= 3.3.104.13) - restriction: || (&& (== net472) (>= netcoreapp3.1)) (== netcoreapp3.1)
      Microsoft.Extensions.Logging (>= 3.1) - restriction: || (&& (== net472) (>= netcoreapp3.1)) (== netcoreapp3.1)
    Be.Vlaanderen.Basisregisters.Build.Pipeline (3.2)
      Fake.Core.Environment (>= 5.18.2)
      Fake.Core.Process (>= 5.18.2)
      Fake.Core.Target (>= 5.18.2)
      Fake.DotNet.AssemblyInfoFile (>= 5.18.2)
      Fake.DotNet.Cli (>= 5.18.2)
      Fake.DotNet.Paket (>= 5.18.2)
      Fake.IO.FileSystem (>= 5.18.2)
      Fake.JavaScript.Npm (>= 5.18.2)
      Newtonsoft.Json (>= 12.0.2)
    Be.Vlaanderen.Basisregisters.CommandHandling (4.1)
    Be.Vlaanderen.Basisregisters.CommandHandling.Idempotency (4.1)
      Autofac.Extensions.DependencyInjection (>= 5.0.1) - restriction: || (&& (== net472) (>= netcoreapp3.1)) (== netcoreapp3.1)
      Be.Vlaanderen.Basisregisters.Converters.Timestamp (>= 2.1) - restriction: || (&& (== net472) (>= netcoreapp3.1)) (== netcoreapp3.1)
      Microsoft.Data.SqlClient (>= 1.1) - restriction: || (&& (== net472) (>= netcoreapp3.1)) (== netcoreapp3.1)
      Microsoft.EntityFrameworkCore.SqlServer (>= 3.1) - restriction: || (&& (== net472) (>= netcoreapp3.1)) (== netcoreapp3.1)
      Microsoft.Extensions.Configuration (>= 3.1) - restriction: || (&& (== net472) (>= netcoreapp3.1)) (== netcoreapp3.1)
      Microsoft.Extensions.Options.ConfigurationExtensions (>= 3.1) - restriction: || (&& (== net472) (>= netcoreapp3.1)) (== netcoreapp3.1)
      Newtonsoft.Json (>= 12.0.3) - restriction: || (&& (== net472) (>= netcoreapp3.1)) (== netcoreapp3.1)
    Be.Vlaanderen.Basisregisters.CommandHandling.SqlStreamStore (4.1)
      Be.Vlaanderen.Basisregisters.AggregateSource (4.1) - restriction: || (&& (== net472) (>= netcoreapp3.1)) (== netcoreapp3.1)
      Be.Vlaanderen.Basisregisters.CommandHandling (4.1) - restriction: || (&& (== net472) (>= netcoreapp3.1)) (== netcoreapp3.1)
      Be.Vlaanderen.Basisregisters.EventHandling (>= 2.1) - restriction: || (&& (== net472) (>= netcoreapp3.1)) (== netcoreapp3.1)
      Be.Vlaanderen.Basisregisters.Generators.Guid.Deterministic (>= 2.1) - restriction: || (&& (== net472) (>= netcoreapp3.1)) (== netcoreapp3.1)
      SqlStreamStore (>= 1.1.3) - restriction: || (&& (== net472) (>= netcoreapp3.1)) (== netcoreapp3.1)
    Be.Vlaanderen.Basisregisters.Converters.Timestamp (2.1) - restriction: || (&& (== net472) (>= netcoreapp3.1)) (== netcoreapp3.1)
      Newtonsoft.Json (>= 12.0.3) - restriction: || (&& (== net472) (>= netcoreapp3.1)) (== netcoreapp3.1)
    Be.Vlaanderen.Basisregisters.Converters.TrimString (2.1) - restriction: || (&& (== net472) (>= netcoreapp3.1)) (== netcoreapp3.1)
      Newtonsoft.Json (>= 12.0.3) - restriction: || (&& (== net472) (>= netcoreapp3.1)) (== netcoreapp3.1)
    Be.Vlaanderen.Basisregisters.Crab (2.0)
      Be.Vlaanderen.Basisregisters.AggregateSource (>= 4.1) - restriction: || (&& (== net472) (>= netcoreapp3.1)) (== netcoreapp3.1)
      Be.Vlaanderen.Basisregisters.Generators.Guid.Deterministic (>= 2.1) - restriction: || (&& (== net472) (>= netcoreapp3.1)) (== netcoreapp3.1)
      NodaTime (>= 2.4.7) - restriction: || (&& (== net472) (>= netcoreapp3.1)) (== netcoreapp3.1)
    Be.Vlaanderen.Basisregisters.DataDog.Tracing (4.1) - restriction: || (&& (== net472) (>= netcoreapp3.1)) (== netcoreapp3.1)
      Microsoft.Extensions.Logging.Abstractions (>= 3.1) - restriction: || (&& (== net472) (>= netcoreapp3.1)) (== netcoreapp3.1)
      Newtonsoft.Json (>= 12.0.3) - restriction: || (&& (== net472) (>= netcoreapp3.1)) (== netcoreapp3.1)
      System.Reactive (>= 4.3.1) - restriction: || (&& (== net472) (>= netcoreapp3.1)) (== netcoreapp3.1)
      System.Reflection (>= 4.3) - restriction: || (&& (== net472) (>= netcoreapp3.1)) (== netcoreapp3.1)
      System.Threading.Tasks.Dataflow (>= 4.11) - restriction: || (&& (== net472) (>= netcoreapp3.1)) (== netcoreapp3.1)
    Be.Vlaanderen.Basisregisters.DataDog.Tracing.AspNetCore (4.1)
      Be.Vlaanderen.Basisregisters.DataDog.Tracing (4.1) - restriction: || (&& (== net472) (>= netcoreapp3.1)) (== netcoreapp3.1)
      Serilog (>= 2.9) - restriction: || (&& (== net472) (>= netcoreapp3.1)) (== netcoreapp3.1)
    Be.Vlaanderen.Basisregisters.DataDog.Tracing.Autofac (4.1)
      Autofac.Extensions.DependencyInjection (>= 5.0.1) - restriction: || (&& (== net472) (>= netcoreapp3.1)) (== netcoreapp3.1)
      Be.Vlaanderen.Basisregisters.DataDog.Tracing (4.1) - restriction: || (&& (== net472) (>= netcoreapp3.1)) (== netcoreapp3.1)
      FeatureToggle (>= 4.0.2) - restriction: || (&& (== net472) (>= netcoreapp3.1)) (== netcoreapp3.1)
      Microsoft.Extensions.Configuration (>= 3.1) - restriction: || (&& (== net472) (>= netcoreapp3.1)) (== netcoreapp3.1)
    Be.Vlaanderen.Basisregisters.DataDog.Tracing.Sql (4.1) - restriction: || (&& (== net472) (>= netcoreapp3.1)) (== netcoreapp3.1)
      Be.Vlaanderen.Basisregisters.DataDog.Tracing (4.1) - restriction: || (&& (== net472) (>= netcoreapp3.1)) (== netcoreapp3.1)
      System.Data.Common (>= 4.3) - restriction: || (&& (== net472) (>= netcoreapp3.1)) (== netcoreapp3.1)
    Be.Vlaanderen.Basisregisters.DataDog.Tracing.SqlStreamStore (4.1)
      Autofac (>= 4.9.4) - restriction: || (&& (== net472) (>= netcoreapp3.1)) (== netcoreapp3.1)
      Be.Vlaanderen.Basisregisters.DataDog.Tracing (4.1) - restriction: || (&& (== net472) (>= netcoreapp3.1)) (== netcoreapp3.1)
      SqlStreamStore.MsSql (>= 1.1.3) - restriction: || (&& (== net472) (>= netcoreapp3.1)) (== netcoreapp3.1)
      System.Data.Common (>= 4.3) - restriction: || (&& (== net472) (>= netcoreapp3.1)) (== netcoreapp3.1)
    Be.Vlaanderen.Basisregisters.EntityFrameworkCore.EntityTypeConfiguration (2.1) - restriction: || (&& (== net472) (>= netcoreapp3.1)) (== netcoreapp3.1)
      Microsoft.EntityFrameworkCore (>= 3.1) - restriction: || (&& (== net472) (>= netcoreapp3.1)) (== netcoreapp3.1)
    Be.Vlaanderen.Basisregisters.EventHandling (2.1)
      Be.Vlaanderen.Basisregisters.Converters.TrimString (>= 2.1) - restriction: || (&& (== net472) (>= netcoreapp3.1)) (== netcoreapp3.1)
      Newtonsoft.Json (>= 12.0.3) - restriction: || (&& (== net472) (>= netcoreapp3.1)) (== netcoreapp3.1)
      NodaTime.Serialization.JsonNet (>= 2.2) - restriction: || (&& (== net472) (>= netcoreapp3.1)) (== netcoreapp3.1)
    Be.Vlaanderen.Basisregisters.EventHandling.Autofac (2.1)
      Autofac.Extensions.DependencyInjection (>= 5.0.1) - restriction: || (&& (== net472) (>= netcoreapp3.1)) (== netcoreapp3.1)
      Be.Vlaanderen.Basisregisters.EventHandling (2.1) - restriction: || (&& (== net472) (>= netcoreapp3.1)) (== netcoreapp3.1)
    Be.Vlaanderen.Basisregisters.Generators.Guid.Deterministic (2.1) - restriction: || (&& (== net472) (>= netcoreapp3.1)) (== netcoreapp3.1)
    Be.Vlaanderen.Basisregisters.GrAr.Common (14.1)
      Be.Vlaanderen.Basisregisters.AggregateSource (>= 4.1) - restriction: || (&& (== net472) (>= netcoreapp3.1)) (== netcoreapp3.1)
      NodaTime (>= 2.4.7) - restriction: || (&& (== net472) (>= netcoreapp3.1)) (== netcoreapp3.1)
    Be.Vlaanderen.Basisregisters.GrAr.Extracts (14.1)
      Be.Vlaanderen.Basisregisters.Api (>= 9.0) - restriction: || (&& (== net472) (>= netcoreapp3.1)) (== netcoreapp3.1)
      Be.Vlaanderen.Basisregisters.Shaperon (>= 7.2) - restriction: || (&& (== net472) (>= netcoreapp3.1)) (== netcoreapp3.1)
    Be.Vlaanderen.Basisregisters.GrAr.Import (14.1)
      Autofac (>= 4.9.4) - restriction: || (&& (== net472) (>= netcoreapp3.1)) (== netcoreapp3.1)
      Be.Vlaanderen.Basisregisters.AggregateSource.SqlStreamStore (>= 4.1) - restriction: || (&& (== net472) (>= netcoreapp3.1)) (== netcoreapp3.1)
      Be.Vlaanderen.Basisregisters.CommandHandling (>= 4.1) - restriction: || (&& (== net472) (>= netcoreapp3.1)) (== netcoreapp3.1)
      Be.Vlaanderen.Basisregisters.CommandHandling.Idempotency (>= 4.1) - restriction: || (&& (== net472) (>= netcoreapp3.1)) (== netcoreapp3.1)
      Be.Vlaanderen.Basisregisters.EventHandling (>= 2.1) - restriction: || (&& (== net472) (>= netcoreapp3.1)) (== netcoreapp3.1)
      Be.Vlaanderen.Basisregisters.Generators.Guid.Deterministic (>= 2.1) - restriction: || (&& (== net472) (>= netcoreapp3.1)) (== netcoreapp3.1)
      CommandLineParser (>= 2.6) - restriction: || (&& (== net472) (>= netcoreapp3.1)) (== netcoreapp3.1)
      Microsoft.Extensions.Configuration.Json (>= 3.1) - restriction: || (&& (== net472) (>= netcoreapp3.1)) (== netcoreapp3.1)
      Microsoft.Extensions.Logging (>= 3.1) - restriction: || (&& (== net472) (>= netcoreapp3.1)) (== netcoreapp3.1)
      Newtonsoft.Json (>= 12.0.3) - restriction: || (&& (== net472) (>= netcoreapp3.1)) (== netcoreapp3.1)
      Serilog (>= 2.9) - restriction: || (&& (== net472) (>= netcoreapp3.1)) (== netcoreapp3.1)
      Serilog.Extensions.Logging (>= 3.0.1) - restriction: || (&& (== net472) (>= netcoreapp3.1)) (== netcoreapp3.1)
      System.Threading.Tasks.Dataflow (>= 4.11) - restriction: || (&& (== net472) (>= netcoreapp3.1)) (== netcoreapp3.1)
    Be.Vlaanderen.Basisregisters.GrAr.Legacy (14.1)
      Be.Vlaanderen.Basisregisters.Utilities.Rfc3339DateTimeOffset (>= 2.1) - restriction: || (&& (== net472) (>= netcoreapp3.1)) (== netcoreapp3.1)
      Newtonsoft.Json (>= 12.0.3) - restriction: || (&& (== net472) (>= netcoreapp3.1)) (== netcoreapp3.1)
    Be.Vlaanderen.Basisregisters.GrAr.Provenance (14.1)
      Be.Vlaanderen.Basisregisters.CommandHandling (>= 4.1) - restriction: || (&& (== net472) (>= netcoreapp3.1)) (== netcoreapp3.1)
      Be.Vlaanderen.Basisregisters.Crab (>= 2.0) - restriction: || (&& (== net472) (>= netcoreapp3.1)) (== netcoreapp3.1)
      Be.Vlaanderen.Basisregisters.GrAr.Common (14.1) - restriction: || (&& (== net472) (>= netcoreapp3.1)) (== netcoreapp3.1)
      Microsoft.CSharp (>= 4.7) - restriction: || (&& (== net472) (>= netcoreapp3.1)) (== netcoreapp3.1)
    Be.Vlaanderen.Basisregisters.ProblemDetails (4.1.1) - restriction: || (&& (== net472) (>= netcoreapp3.1)) (== netcoreapp3.1)
      System.Reflection.Metadata (>= 1.8) - restriction: || (&& (== net472) (>= netcoreapp3.1)) (== netcoreapp3.1)
    Be.Vlaanderen.Basisregisters.ProjectionHandling.Connector (5.1.1) - restriction: || (&& (== net472) (>= netcoreapp3.1)) (== netcoreapp3.1)
      Microsoft.EntityFrameworkCore (>= 3.1) - restriction: || (&& (== net472) (>= netcoreapp3.1)) (== netcoreapp3.1)
    Be.Vlaanderen.Basisregisters.ProjectionHandling.Connector.Testing (5.1.1)
      Be.Vlaanderen.Basisregisters.ProjectionHandling.Connector (5.1.1) - restriction: || (&& (== net472) (>= netcoreapp3.1)) (== netcoreapp3.1)
    Be.Vlaanderen.Basisregisters.ProjectionHandling.LastChangedList (5.1.1)
      Autofac.Extensions.DependencyInjection (>= 5.0.1) - restriction: || (&& (== net472) (>= netcoreapp3.1)) (== netcoreapp3.1)
      Be.Vlaanderen.Basisregisters.AggregateSource.SqlStreamStore.Autofac (>= 4.1) - restriction: || (&& (== net472) (>= netcoreapp3.1)) (== netcoreapp3.1)
      Be.Vlaanderen.Basisregisters.DataDog.Tracing.Sql (>= 4.1) - restriction: || (&& (== net472) (>= netcoreapp3.1)) (== netcoreapp3.1)
      Be.Vlaanderen.Basisregisters.ProjectionHandling.Runner (5.1.1) - restriction: || (&& (== net472) (>= netcoreapp3.1)) (== netcoreapp3.1)
      Be.Vlaanderen.Basisregisters.ProjectionHandling.SqlStreamStore.Autofac (5.1.1) - restriction: || (&& (== net472) (>= netcoreapp3.1)) (== netcoreapp3.1)
      Microsoft.EntityFrameworkCore.SqlServer (>= 3.1) - restriction: || (&& (== net472) (>= netcoreapp3.1)) (== netcoreapp3.1)
      Microsoft.Extensions.DependencyInjection (>= 3.1) - restriction: || (&& (== net472) (>= netcoreapp3.1)) (== netcoreapp3.1)
      Polly (>= 7.2) - restriction: || (&& (== net472) (>= netcoreapp3.1)) (== netcoreapp3.1)
      SqlStreamStore.MsSql (>= 1.1.3) - restriction: || (&& (== net472) (>= netcoreapp3.1)) (== netcoreapp3.1)
    Be.Vlaanderen.Basisregisters.ProjectionHandling.Runner (5.1.1)
      Autofac.Extensions.DependencyInjection (>= 5.0.1) - restriction: || (&& (== net472) (>= netcoreapp3.1)) (== netcoreapp3.1)
      Be.Vlaanderen.Basisregisters.EntityFrameworkCore.EntityTypeConfiguration (>= 2.1) - restriction: || (&& (== net472) (>= netcoreapp3.1)) (== netcoreapp3.1)
      Be.Vlaanderen.Basisregisters.ProjectionHandling.Connector (5.1.1) - restriction: || (&& (== net472) (>= netcoreapp3.1)) (== netcoreapp3.1)
      Be.Vlaanderen.Basisregisters.ProjectionHandling.SqlStreamStore (5.1.1) - restriction: || (&& (== net472) (>= netcoreapp3.1)) (== netcoreapp3.1)
      Microsoft.EntityFrameworkCore.InMemory (>= 3.1) - restriction: || (&& (== net472) (>= netcoreapp3.1)) (== netcoreapp3.1)
      Microsoft.EntityFrameworkCore.SqlServer (>= 3.1) - restriction: || (&& (== net472) (>= netcoreapp3.1)) (== netcoreapp3.1)
      Microsoft.Extensions.Configuration (>= 3.1) - restriction: || (&& (== net472) (>= netcoreapp3.1)) (== netcoreapp3.1)
      Microsoft.Extensions.Configuration.CommandLine (>= 3.1) - restriction: || (&& (== net472) (>= netcoreapp3.1)) (== netcoreapp3.1)
      Microsoft.Extensions.Configuration.EnvironmentVariables (>= 3.1) - restriction: || (&& (== net472) (>= netcoreapp3.1)) (== netcoreapp3.1)
      Microsoft.Extensions.Configuration.FileExtensions (>= 3.1) - restriction: || (&& (== net472) (>= netcoreapp3.1)) (== netcoreapp3.1)
      Microsoft.Extensions.Configuration.Json (>= 3.1) - restriction: || (&& (== net472) (>= netcoreapp3.1)) (== netcoreapp3.1)
      SqlStreamStore (>= 1.1.3) - restriction: || (&& (== net472) (>= netcoreapp3.1)) (== netcoreapp3.1)
    Be.Vlaanderen.Basisregisters.ProjectionHandling.SqlStreamStore (5.1.1)
      Be.Vlaanderen.Basisregisters.EventHandling (>= 2.1) - restriction: || (&& (== net472) (>= netcoreapp3.1)) (== netcoreapp3.1)
      SqlStreamStore (>= 1.1.3) - restriction: || (&& (== net472) (>= netcoreapp3.1)) (== netcoreapp3.1)
    Be.Vlaanderen.Basisregisters.ProjectionHandling.SqlStreamStore.Autofac (5.1.1)
      Autofac.Extensions.DependencyInjection (>= 5.0.1) - restriction: || (&& (== net472) (>= netcoreapp3.1)) (== netcoreapp3.1)
      Be.Vlaanderen.Basisregisters.ProjectionHandling.SqlStreamStore (5.1.1) - restriction: || (&& (== net472) (>= netcoreapp3.1)) (== netcoreapp3.1)
    Be.Vlaanderen.Basisregisters.ProjectionHandling.Syndication (5.1.1)
      Microsoft.Extensions.Http (>= 3.1) - restriction: || (&& (== net472) (>= netcoreapp3.1)) (== netcoreapp3.1)
      Microsoft.Extensions.Logging (>= 3.1) - restriction: || (&& (== net472) (>= netcoreapp3.1)) (== netcoreapp3.1)
      Microsoft.SyndicationFeed.ReaderWriter (>= 1.0.2) - restriction: || (&& (== net472) (>= netcoreapp3.1)) (== netcoreapp3.1)
    Be.Vlaanderen.Basisregisters.ProjectionHandling.Testing.Xunit (5.1.1)
      Be.Vlaanderen.Basisregisters.ProjectionHandling.Connector.Testing (5.1.1) - restriction: || (&& (== net472) (>= netcoreapp3.1)) (== netcoreapp3.1)
      Be.Vlaanderen.Basisregisters.ProjectionHandling.SqlStreamStore (5.1.1) - restriction: || (&& (== net472) (>= netcoreapp3.1)) (== netcoreapp3.1)
      Microsoft.EntityFrameworkCore (>= 3.1) - restriction: || (&& (== net472) (>= netcoreapp3.1)) (== netcoreapp3.1)
      Microsoft.Extensions.Logging (>= 3.1) - restriction: || (&& (== net472) (>= netcoreapp3.1)) (== netcoreapp3.1)
      xunit (>= 2.4.1) - restriction: || (&& (== net472) (>= netcoreapp3.1)) (== netcoreapp3.1)
    Be.Vlaanderen.Basisregisters.Projector (5.1)
      Autofac (>= 4.9.4) - restriction: || (&& (== net472) (>= netcoreapp3.1)) (== netcoreapp3.1)
      Autofac.Extensions.DependencyInjection (>= 5.0.1) - restriction: || (&& (== net472) (>= netcoreapp3.1)) (== netcoreapp3.1)
      Be.Vlaanderen.Basisregisters.ProjectionHandling.Connector (>= 5.1.1) - restriction: || (&& (== net472) (>= netcoreapp3.1)) (== netcoreapp3.1)
      Be.Vlaanderen.Basisregisters.ProjectionHandling.Runner (>= 5.1.1) - restriction: || (&& (== net472) (>= netcoreapp3.1)) (== netcoreapp3.1)
      Dapper (>= 2.0.30) - restriction: || (&& (== net472) (>= netcoreapp3.1)) (== netcoreapp3.1)
      Microsoft.Data.SqlClient (>= 1.1) - restriction: || (&& (== net472) (>= netcoreapp3.1)) (== netcoreapp3.1)
      System.Threading.Tasks.Dataflow (>= 4.11) - restriction: || (&& (== net472) (>= netcoreapp3.1)) (== netcoreapp3.1)
    Be.Vlaanderen.Basisregisters.Shaperon (7.2)
    Be.Vlaanderen.Basisregisters.Testing.Infrastructure.Events (2.1) - copy_local: true, copy_content_to_output_dir: always, content: true
      Be.Vlaanderen.Basisregisters.AggregateSource (>= 4.1) - restriction: || (&& (== net472) (>= netcoreapp3.1)) (== netcoreapp3.1)
      Be.Vlaanderen.Basisregisters.EventHandling (>= 2.1) - restriction: || (&& (== net472) (>= netcoreapp3.1)) (== netcoreapp3.1)
      FluentAssertions (>= 5.9) - restriction: || (&& (== net472) (>= netcoreapp3.1)) (== netcoreapp3.1)
      Newtonsoft.Json (>= 12.0.3) - restriction: || (&& (== net472) (>= netcoreapp3.1)) (== netcoreapp3.1)
      xunit (>= 2.4.1) - restriction: || (&& (== net472) (>= netcoreapp3.1)) (== netcoreapp3.1)
    Be.Vlaanderen.Basisregisters.Utilities.HashCodeCalculator (2.1) - restriction: || (&& (== net472) (>= netcoreapp3.1)) (== netcoreapp3.1)
    Be.Vlaanderen.Basisregisters.Utilities.HexByteConvertor (2.1) - restriction: || (&& (== net472) (>= netcoreapp3.1)) (== netcoreapp3.1)
    Be.Vlaanderen.Basisregisters.Utilities.Rfc3339DateTimeOffset (2.1) - restriction: || (&& (== net472) (>= netcoreapp3.1)) (== netcoreapp3.1)
      Newtonsoft.Json (>= 12.0.3) - restriction: || (&& (== net472) (>= netcoreapp3.1)) (== netcoreapp3.1)
    Be.Vlaanderen.Basisregisters.Utilities.ToStringBuilder (2.1.1) - restriction: || (&& (== net472) (>= netcoreapp3.1)) (== netcoreapp3.1)
    BlackFox.VsWhere (1.0)
      FSharp.Core (>= 4.0.0.1) - restriction: || (== net472) (&& (== netcoreapp3.1) (>= net45))
      FSharp.Core (>= 4.2.3) - restriction: || (&& (== net472) (< net45)) (== netcoreapp3.1)
    Castle.Core (4.4)
      NETStandard.Library (>= 1.6.1) - restriction: || (&& (== net472) (< net35)) (== netcoreapp3.1)
      System.Collections.Specialized (>= 4.3) - restriction: || (&& (== net472) (< net35)) (== netcoreapp3.1)
      System.ComponentModel (>= 4.3) - restriction: || (&& (== net472) (< net35)) (== netcoreapp3.1)
      System.ComponentModel.TypeConverter (>= 4.3) - restriction: || (&& (== net472) (< net35)) (== netcoreapp3.1)
      System.Diagnostics.TraceSource (>= 4.3) - restriction: || (&& (== net472) (< net35)) (== netcoreapp3.1)
      System.Dynamic.Runtime (>= 4.3) - restriction: || (&& (== net472) (< net35)) (== netcoreapp3.1)
      System.Reflection (>= 4.3) - restriction: || (&& (== net472) (< net35)) (== netcoreapp3.1)
      System.Reflection.Emit (>= 4.3) - restriction: || (&& (== net472) (< net35)) (== netcoreapp3.1)
      System.Reflection.TypeExtensions (>= 4.3) - restriction: || (&& (== net472) (< net35)) (== netcoreapp3.1)
      System.Xml.XmlDocument (>= 4.3) - restriction: || (&& (== net472) (< net35)) (== netcoreapp3.1)
    CommandLineParser (2.7.82) - restriction: || (&& (== net472) (>= netcoreapp3.1)) (== netcoreapp3.1)
    CompareNETObjects (4.65) - restriction: || (&& (== net472) (>= netcoreapp3.1)) (== netcoreapp3.1)
      Microsoft.CSharp (>= 4.5) - restriction: || (&& (== net472) (< net40)) (== netcoreapp3.1)
    CsvHelper (12.2.3)
      Microsoft.CSharp (>= 4.5)
      System.Reflection.TypeExtensions (>= 4.4) - restriction: || (&& (== net472) (< net45)) (== netcoreapp3.1)
    Dapper (2.0.30)
      System.Reflection.Emit.Lightweight (>= 4.6) - restriction: || (&& (== net472) (< net461)) (== netcoreapp3.1)
    Destructurama.JsonNet (1.2.1) - restriction: || (&& (== net472) (>= netcoreapp3.1)) (== netcoreapp3.1)
      Microsoft.NETCore.App (>= 1.1.2) - restriction: || (&& (== net472) (>= netcoreapp1.1)) (== netcoreapp3.1)
      Newtonsoft.Json (>= 10.0.3)
      Serilog (>= 2.5)
    DotLiquid (2.0.314) - restriction: || (&& (== net472) (>= netcoreapp3.1)) (== netcoreapp3.1)
    EntityFramework (6.4)
      Microsoft.CSharp (>= 4.7) - restriction: || (&& (== net472) (>= netstandard2.1)) (== netcoreapp3.1)
      System.CodeDom (>= 4.7) - restriction: || (&& (== net472) (>= netstandard2.1)) (== netcoreapp3.1)
      System.ComponentModel.Annotations (>= 4.7) - restriction: || (&& (== net472) (>= netstandard2.1)) (== netcoreapp3.1)
      System.Configuration.ConfigurationManager (>= 4.7) - restriction: || (&& (== net472) (>= netstandard2.1)) (== netcoreapp3.1)
      System.Data.SqlClient (>= 4.8) - restriction: || (&& (== net472) (>= netstandard2.1)) (== netcoreapp3.1)
    Fake.Core.CommandLineParsing (5.19)
      FParsec (>= 1.0.3)
      FSharp.Core (>= 4.7)
      System.ValueTuple (>= 4.4) - restriction: || (== net472) (&& (== netcoreapp3.1) (>= net462))
    Fake.Core.Context (5.19)
      FSharp.Core (>= 4.7)
      System.ValueTuple (>= 4.4) - restriction: || (== net472) (&& (== netcoreapp3.1) (>= net462))
    Fake.Core.Environment (5.19)
      FSharp.Core (>= 4.7)
      System.ValueTuple (>= 4.4) - restriction: || (== net472) (&& (== netcoreapp3.1) (>= net462))
    Fake.Core.FakeVar (5.19)
      Fake.Core.Context (>= 5.19)
      FSharp.Core (>= 4.7)
      System.ValueTuple (>= 4.4) - restriction: || (== net472) (&& (== netcoreapp3.1) (>= net462))
    Fake.Core.Process (5.19)
      Fake.Core.Environment (>= 5.19)
      Fake.Core.FakeVar (>= 5.19)
      Fake.Core.String (>= 5.19)
      Fake.Core.Trace (>= 5.19)
      Fake.IO.FileSystem (>= 5.19)
      FSharp.Core (>= 4.7)
      System.Diagnostics.Process (>= 4.3)
      System.ValueTuple (>= 4.4) - restriction: || (== net472) (&& (== netcoreapp3.1) (>= net462))
    Fake.Core.SemVer (5.19)
      FSharp.Core (>= 4.7)
      System.Runtime.Numerics (>= 4.3)
      System.ValueTuple (>= 4.4) - restriction: || (== net472) (&& (== netcoreapp3.1) (>= net462))
    Fake.Core.String (5.19)
      FSharp.Core (>= 4.7)
      System.ValueTuple (>= 4.4) - restriction: || (== net472) (&& (== netcoreapp3.1) (>= net462))
    Fake.Core.Target (5.19)
      Fake.Core.CommandLineParsing (>= 5.19)
      Fake.Core.Context (>= 5.19)
      Fake.Core.Environment (>= 5.19)
      Fake.Core.FakeVar (>= 5.19)
      Fake.Core.Process (>= 5.19)
      Fake.Core.String (>= 5.19)
      Fake.Core.Trace (>= 5.19)
      FSharp.Control.Reactive (>= 4.2)
      FSharp.Core (>= 4.7)
      System.Reactive.Compatibility (>= 4.3.1)
    Fake.Core.Tasks (5.19)
      Fake.Core.Trace (>= 5.19)
      FSharp.Core (>= 4.7)
      System.ValueTuple (>= 4.4) - restriction: || (== net472) (&& (== netcoreapp3.1) (>= net462))
    Fake.Core.Trace (5.19)
      Fake.Core.Environment (>= 5.19)
      Fake.Core.FakeVar (>= 5.19)
      FSharp.Core (>= 4.7)
      System.ValueTuple (>= 4.4) - restriction: || (== net472) (&& (== netcoreapp3.1) (>= net462))
    Fake.Core.Xml (5.19)
      Fake.Core.String (>= 5.19)
      FSharp.Core (>= 4.7)
      System.ValueTuple (>= 4.4) - restriction: || (== net472) (&& (== netcoreapp3.1) (>= net462))
      System.Xml.ReaderWriter (>= 4.3.1) - restriction: || (&& (== net472) (< net462)) (== netcoreapp3.1)
      System.Xml.XDocument (>= 4.3) - restriction: || (&& (== net472) (< net462)) (== netcoreapp3.1)
      System.Xml.XPath (>= 4.3)
      System.Xml.XPath.XDocument (>= 4.3)
      System.Xml.XPath.XmlDocument (>= 4.3)
    Fake.DotNet.AssemblyInfoFile (5.19)
      Fake.Core.Environment (>= 5.19)
      Fake.Core.String (>= 5.19)
      Fake.Core.Trace (>= 5.19)
      Fake.IO.FileSystem (>= 5.19)
      FSharp.Core (>= 4.7)
      System.ValueTuple (>= 4.4) - restriction: || (== net472) (&& (== netcoreapp3.1) (>= net462))
    Fake.DotNet.Cli (5.19)
      Fake.Core.Environment (>= 5.19)
      Fake.Core.Process (>= 5.19)
      Fake.Core.String (>= 5.19)
      Fake.Core.Trace (>= 5.19)
      Fake.DotNet.MSBuild (>= 5.19)
      Fake.DotNet.NuGet (>= 5.19)
      Fake.IO.FileSystem (>= 5.19)
      FSharp.Core (>= 4.7)
      Mono.Posix.NETStandard (>= 1.0)
      Newtonsoft.Json (>= 12.0.3)
      System.ValueTuple (>= 4.4) - restriction: || (== net472) (&& (== netcoreapp3.1) (>= net462))
    Fake.DotNet.MSBuild (5.19)
      BlackFox.VsWhere (>= 1.0)
      Fake.Core.Environment (>= 5.19)
      Fake.Core.Process (>= 5.19)
      Fake.Core.String (>= 5.19)
      Fake.Core.Trace (>= 5.19)
      Fake.IO.FileSystem (>= 5.19)
      FSharp.Core (>= 4.7)
      MSBuild.StructuredLogger (>= 2.0.152)
      System.ValueTuple (>= 4.4) - restriction: || (== net472) (&& (== netcoreapp3.1) (>= net462))
    Fake.DotNet.NuGet (5.19)
      Fake.Core.Environment (>= 5.19)
      Fake.Core.Process (>= 5.19)
      Fake.Core.SemVer (>= 5.19)
      Fake.Core.String (>= 5.19)
      Fake.Core.Tasks (>= 5.19)
      Fake.Core.Trace (>= 5.19)
      Fake.Core.Xml (>= 5.19)
      Fake.IO.FileSystem (>= 5.19)
      Fake.Net.Http (>= 5.19)
      FSharp.Core (>= 4.7)
      Newtonsoft.Json (>= 12.0.3)
      NuGet.Protocol (>= 4.9.4)
      System.Net.Http (>= 4.3.4)
      System.ValueTuple (>= 4.4) - restriction: || (== net472) (&& (== netcoreapp3.1) (>= net462))
    Fake.DotNet.Paket (5.19)
      Fake.Core.Process (>= 5.19)
      Fake.Core.String (>= 5.19)
      Fake.Core.Trace (>= 5.19)
      Fake.DotNet.Cli (>= 5.19)
      Fake.IO.FileSystem (>= 5.19)
      FSharp.Core (>= 4.7)
      System.ValueTuple (>= 4.4) - restriction: || (== net472) (&& (== netcoreapp3.1) (>= net462))
    Fake.IO.FileSystem (5.19)
      Fake.Core.String (>= 5.19)
      FSharp.Core (>= 4.7)
      System.Diagnostics.FileVersionInfo (>= 4.3)
      System.IO.FileSystem.Watcher (>= 4.3)
      System.ValueTuple (>= 4.4) - restriction: || (== net472) (&& (== netcoreapp3.1) (>= net462))
    Fake.JavaScript.Npm (5.19)
      Fake.Core.Environment (>= 5.19)
      Fake.Core.Process (>= 5.19)
      Fake.IO.FileSystem (>= 5.19)
      Fake.Testing.Common (>= 5.19)
      FSharp.Core (>= 4.7)
    Fake.Net.Http (5.19)
      Fake.Core.Trace (>= 5.19)
      FSharp.Core (>= 4.7)
      System.Net.Http (>= 4.3.4)
      System.ValueTuple (>= 4.4) - restriction: || (== net472) (&& (== netcoreapp3.1) (>= net462))
    Fake.Testing.Common (5.19)
      Fake.Core.Trace (>= 5.19)
      FSharp.Core (>= 4.7)
      System.ValueTuple (>= 4.4) - restriction: || (== net472) (&& (== netcoreapp3.1) (>= net462))
    Fare (2.1.2)
      NETStandard.Library (>= 1.6.1) - restriction: || (&& (== net472) (< net35)) (== netcoreapp3.1)
    FeatureToggle (4.0.2) - restriction: || (&& (== net472) (>= netcoreapp3.1)) (== netcoreapp3.1)
      FeatureToggle.Common (>= 4.0.2)
      Microsoft.Extensions.Configuration (>= 1.1.1) - restriction: || (&& (== net472) (>= netcoreapp1.0)) (== netcoreapp3.1)
      Microsoft.Extensions.Configuration.Json (>= 1.1.1) - restriction: || (&& (== net472) (>= netcoreapp1.0)) (== netcoreapp3.1)
      Microsoft.NETCore.App (>= 1.0.5) - restriction: || (&& (== net472) (>= netcoreapp1.0)) (== netcoreapp3.1)
    FeatureToggle.Common (4.0.2) - restriction: || (&& (== net472) (>= netcoreapp3.1)) (== netcoreapp3.1)
      NETStandard.Library (>= 1.6.1)
    FluentAssertions (5.10)
      System.Configuration.ConfigurationManager (>= 4.4) - restriction: || (&& (== net472) (< net45)) (&& (== net472) (>= netcoreapp2.0)) (&& (== net472) (>= netstandard2.1)) (== netcoreapp3.1)
    FluentValidation (8.6.1) - restriction: || (&& (== net472) (>= netcoreapp3.1)) (== netcoreapp3.1)
      System.ComponentModel.Annotations (>= 4.4.1)
    FluentValidation.AspNetCore (8.6.1) - restriction: || (&& (== net472) (>= netcoreapp3.1)) (== netcoreapp3.1)
      FluentValidation (>= 8.6.1)
      FluentValidation.DependencyInjectionExtensions (>= 8.6.1)
    FluentValidation.DependencyInjectionExtensions (8.6.1) - restriction: || (&& (== net472) (>= netcoreapp3.1)) (== netcoreapp3.1)
      FluentValidation (>= 8.6.1)
      Microsoft.Extensions.DependencyInjection.Abstractions (>= 2.1)
    FParsec (1.0.3)
      FSharp.Core (>= 4.0.0.1) - restriction: || (== net472) (&& (== netcoreapp3.1) (>= net40))
      FSharp.Core (>= 4.2.3) - restriction: || (&& (== net472) (< net40)) (== netcoreapp3.1)
      NETStandard.Library (>= 1.6.1) - restriction: || (&& (== net472) (< net40)) (== netcoreapp3.1)
    FSharp.Control.Reactive (4.2)
      FSharp.Core (>= 4.2.3)
      System.Reactive (>= 4.0)
    FSharp.Core (4.7)
    Microsoft.AspNetCore.Diagnostics.EntityFrameworkCore (3.1) - restriction: || (&& (== net472) (>= netcoreapp3.1)) (== netcoreapp3.1)
      Microsoft.EntityFrameworkCore.Relational (>= 3.1) - restriction: || (&& (== net472) (>= netcoreapp3.1)) (== netcoreapp3.1)
    Microsoft.AspNetCore.Hosting.Abstractions (2.2) - restriction: || (&& (== net472) (>= netcoreapp3.1)) (== netcoreapp3.1)
      Microsoft.AspNetCore.Hosting.Server.Abstractions (>= 2.2)
      Microsoft.AspNetCore.Http.Abstractions (>= 2.2)
      Microsoft.Extensions.Hosting.Abstractions (>= 2.2)
    Microsoft.AspNetCore.Hosting.Server.Abstractions (2.2) - restriction: || (&& (== net472) (>= netcoreapp3.1)) (== netcoreapp3.1)
      Microsoft.AspNetCore.Http.Features (>= 2.2)
      Microsoft.Extensions.Configuration.Abstractions (>= 2.2)
    Microsoft.AspNetCore.Http.Abstractions (2.2) - restriction: || (&& (== net472) (>= netcoreapp3.1)) (== netcoreapp3.1)
      Microsoft.AspNetCore.Http.Features (>= 2.2)
      System.Text.Encodings.Web (>= 4.5)
    Microsoft.AspNetCore.Http.Extensions (2.2) - restriction: || (&& (== net472) (>= netcoreapp3.1)) (== netcoreapp3.1)
      Microsoft.AspNetCore.Http.Abstractions (>= 2.2)
      Microsoft.Extensions.FileProviders.Abstractions (>= 2.2)
      Microsoft.Net.Http.Headers (>= 2.2)
      System.Buffers (>= 4.5)
    Microsoft.AspNetCore.Http.Features (3.1) - restriction: || (&& (== net472) (>= netcoreapp3.1)) (== netcoreapp3.1)
      Microsoft.Extensions.Primitives (>= 3.1)
      System.IO.Pipelines (>= 4.7)
    Microsoft.AspNetCore.JsonPatch (3.1) - restriction: || (&& (== net472) (>= netcoreapp3.1)) (== netcoreapp3.1)
      Microsoft.CSharp (>= 4.7)
      Newtonsoft.Json (>= 12.0.2)
    Microsoft.AspNetCore.Mvc.NewtonsoftJson (3.1) - restriction: || (&& (== net472) (>= netcoreapp3.1)) (== netcoreapp3.1)
      Microsoft.AspNetCore.JsonPatch (>= 3.1) - restriction: || (&& (== net472) (>= netcoreapp3.1)) (== netcoreapp3.1)
      Newtonsoft.Json (>= 12.0.2) - restriction: || (&& (== net472) (>= netcoreapp3.1)) (== netcoreapp3.1)
      Newtonsoft.Json.Bson (>= 1.0.2) - restriction: || (&& (== net472) (>= netcoreapp3.1)) (== netcoreapp3.1)
    Microsoft.AspNetCore.Mvc.Versioning (4.1.1) - restriction: || (&& (== net472) (>= netcoreapp3.1)) (== netcoreapp3.1)
    Microsoft.AspNetCore.Mvc.Versioning.ApiExplorer (4.1.1) - restriction: || (&& (== net472) (>= netcoreapp3.1)) (== netcoreapp3.1)
      Microsoft.AspNetCore.Mvc.Versioning (>= 4.1.1) - restriction: || (&& (== net472) (>= netcoreapp3.1)) (== netcoreapp3.1)
    Microsoft.Bcl.AsyncInterfaces (1.1)
      System.Threading.Tasks.Extensions (>= 4.5.2)
    Microsoft.Bcl.HashCode (1.1) - restriction: || (&& (== net472) (>= netcoreapp3.1)) (== netcoreapp3.1)
    Microsoft.Build (16.4)
      Microsoft.Build.Framework (>= 16.4)
      Microsoft.VisualStudio.Setup.Configuration.Interop (>= 1.16.30) - restriction: || (== net472) (&& (== netcoreapp3.1) (>= net472))
      Microsoft.Win32.Registry (>= 4.3) - restriction: || (&& (== net472) (>= netcoreapp2.1)) (== netcoreapp3.1)
      System.Collections.Immutable (>= 1.5)
      System.Diagnostics.TraceSource (>= 4.0) - restriction: || (&& (== net472) (>= netcoreapp2.1)) (== netcoreapp3.1)
      System.Memory (>= 4.5.3)
      System.Reflection.Metadata (>= 1.6) - restriction: || (&& (== net472) (>= netcoreapp2.1)) (== netcoreapp3.1)
      System.Reflection.TypeExtensions (>= 4.1) - restriction: || (&& (== net472) (>= netcoreapp2.1)) (== netcoreapp3.1)
      System.Runtime.Loader (>= 4.0) - restriction: || (&& (== net472) (>= netcoreapp2.1)) (== netcoreapp3.1)
      System.Security.Principal.Windows (>= 4.3) - restriction: || (&& (== net472) (>= netcoreapp2.1)) (== netcoreapp3.1)
      System.Text.Encoding.CodePages (>= 4.0.1) - restriction: || (&& (== net472) (>= netcoreapp2.1)) (== netcoreapp3.1)
      System.Threading.Tasks.Dataflow (>= 4.9)
    Microsoft.Build.Framework (16.4)
      System.Runtime.Serialization.Primitives (>= 4.1.1) - restriction: == netcoreapp3.1
      System.Threading.Thread (>= 4.0) - restriction: == netcoreapp3.1
    Microsoft.Build.Tasks.Core (16.4)
      Microsoft.Build.Framework (>= 16.4)
      Microsoft.Build.Utilities.Core (>= 16.4)
      Microsoft.VisualStudio.Setup.Configuration.Interop (>= 1.16.30) - restriction: || (== net472) (&& (== netcoreapp3.1) (>= net472))
      Microsoft.Win32.Registry (>= 4.3) - restriction: == netcoreapp3.1
      System.CodeDom (>= 4.4) - restriction: == netcoreapp3.1
      System.Collections.Immutable (>= 1.5)
      System.Linq.Parallel (>= 4.0.1) - restriction: == netcoreapp3.1
      System.Net.Http (>= 4.3.4) - restriction: == netcoreapp3.1
      System.Reflection.Metadata (>= 1.6) - restriction: == netcoreapp3.1
      System.Reflection.TypeExtensions (>= 4.1) - restriction: == netcoreapp3.1
      System.Resources.Extensions (>= 4.6)
      System.Resources.Writer (>= 4.0) - restriction: == netcoreapp3.1
      System.Threading.Tasks.Dataflow (>= 4.9)
    Microsoft.Build.Utilities.Core (16.4)
      Microsoft.Build.Framework (>= 16.4)
      Microsoft.VisualStudio.Setup.Configuration.Interop (>= 1.16.30) - restriction: || (== net472) (&& (== netcoreapp3.1) (>= net472))
      Microsoft.Win32.Registry (>= 4.3) - restriction: == netcoreapp3.1
      System.Collections.Immutable (>= 1.5)
      System.Text.Encoding.CodePages (>= 4.0.1) - restriction: == netcoreapp3.1
    Microsoft.CodeCoverage (16.4)
    Microsoft.CSharp (4.7)
    Microsoft.Data.SqlClient (1.1) - restriction: || (&& (== net472) (>= netcoreapp3.1)) (== netcoreapp3.1)
      Microsoft.Identity.Client (>= 3.0.8)
      Microsoft.IdentityModel.JsonWebTokens (>= 5.5)
      Microsoft.IdentityModel.Protocols.OpenIdConnect (>= 5.5)
      Microsoft.Win32.Registry (>= 4.5) - restriction: || (&& (== net472) (< net46)) (&& (== net472) (>= netcoreapp2.1)) (== netcoreapp3.1)
      runtime.native.System.Data.SqlClient.sni (>= 4.4) - restriction: || (&& (== net472) (< net46)) (&& (== net472) (>= netcoreapp2.1)) (== netcoreapp3.1)
      System.Configuration.ConfigurationManager (>= 4.5) - restriction: || (&& (== net472) (< net46)) (&& (== net472) (>= netcoreapp2.1)) (== netcoreapp3.1)
      System.Runtime.Caching (>= 4.5) - restriction: || (&& (== net472) (>= netcoreapp2.1)) (== netcoreapp3.1)
      System.Security.Principal.Windows (>= 4.5) - restriction: || (&& (== net472) (< net46)) (&& (== net472) (>= netcoreapp2.1)) (== netcoreapp3.1)
      System.Text.Encoding.CodePages (>= 4.5) - restriction: || (&& (== net472) (< net46)) (&& (== net472) (>= netcoreapp2.1)) (== netcoreapp3.1)
    Microsoft.EntityFrameworkCore (3.1)
      Microsoft.Bcl.AsyncInterfaces (>= 1.1)
      Microsoft.Bcl.HashCode (>= 1.1)
      Microsoft.EntityFrameworkCore.Abstractions (>= 3.1)
      Microsoft.EntityFrameworkCore.Analyzers (>= 3.1)
      Microsoft.Extensions.Caching.Memory (>= 3.1)
      Microsoft.Extensions.DependencyInjection (>= 3.1)
      Microsoft.Extensions.Logging (>= 3.1)
      System.Collections.Immutable (>= 1.7)
      System.ComponentModel.Annotations (>= 4.7)
      System.Diagnostics.DiagnosticSource (>= 4.7)
    Microsoft.EntityFrameworkCore.Abstractions (3.1) - restriction: || (&& (== net472) (>= netcoreapp3.1)) (== netcoreapp3.1)
    Microsoft.EntityFrameworkCore.Analyzers (3.1) - restriction: || (&& (== net472) (>= netcoreapp3.1)) (== netcoreapp3.1)
    Microsoft.EntityFrameworkCore.Design (3.1)
      Microsoft.CSharp (>= 4.7)
      Microsoft.EntityFrameworkCore.Relational (>= 3.1)
    Microsoft.EntityFrameworkCore.InMemory (3.1)
      Microsoft.EntityFrameworkCore (>= 3.1)
    Microsoft.EntityFrameworkCore.Relational (3.1)
      Microsoft.EntityFrameworkCore (>= 3.1)
    Microsoft.EntityFrameworkCore.SqlServer (3.1) - restriction: || (&& (== net472) (>= netcoreapp3.1)) (== netcoreapp3.1)
      Microsoft.Data.SqlClient (>= 1.0.19269.1)
      Microsoft.EntityFrameworkCore.Relational (>= 3.1)
    Microsoft.Extensions.ApiDescription.Server (3.1.1) - restriction: || (&& (== net472) (>= netcoreapp3.1)) (== netcoreapp3.1)
    Microsoft.Extensions.Caching.Abstractions (3.1) - restriction: || (&& (== net472) (>= netcoreapp3.1)) (== netcoreapp3.1)
      Microsoft.Extensions.Primitives (>= 3.1)
    Microsoft.Extensions.Caching.Memory (3.1) - restriction: || (&& (== net472) (>= netcoreapp3.1)) (== netcoreapp3.1)
      Microsoft.Extensions.Caching.Abstractions (>= 3.1)
      Microsoft.Extensions.DependencyInjection.Abstractions (>= 3.1)
      Microsoft.Extensions.Logging.Abstractions (>= 3.1)
      Microsoft.Extensions.Options (>= 3.1)
    Microsoft.Extensions.Configuration (3.1)
      Microsoft.Extensions.Configuration.Abstractions (>= 3.1)
    Microsoft.Extensions.Configuration.Abstractions (3.1)
      Microsoft.Extensions.Primitives (>= 3.1)
    Microsoft.Extensions.Configuration.Binder (3.1) - restriction: || (&& (== net472) (>= netcoreapp3.1)) (== netcoreapp3.1)
      Microsoft.Extensions.Configuration (>= 3.1)
    Microsoft.Extensions.Configuration.CommandLine (3.1)
      Microsoft.Extensions.Configuration (>= 3.1)
    Microsoft.Extensions.Configuration.EnvironmentVariables (3.1)
      Microsoft.Extensions.Configuration (>= 3.1)
    Microsoft.Extensions.Configuration.FileExtensions (3.1)
      Microsoft.Extensions.Configuration (>= 3.1)
      Microsoft.Extensions.FileProviders.Physical (>= 3.1)
    Microsoft.Extensions.Configuration.Json (3.1)
      Microsoft.Extensions.Configuration (>= 3.1)
      Microsoft.Extensions.Configuration.FileExtensions (>= 3.1)
      System.Text.Json (>= 4.7) - restriction: == net472
      System.Threading.Tasks.Extensions (>= 4.5.2) - restriction: == net472
    Microsoft.Extensions.DependencyInjection (3.1) - restriction: || (&& (== net472) (>= netcoreapp3.1)) (== netcoreapp3.1)
      Microsoft.Extensions.DependencyInjection.Abstractions (>= 3.1)
    Microsoft.Extensions.DependencyInjection.Abstractions (3.1)
    Microsoft.Extensions.DependencyModel (3.1) - restriction: || (&& (== net472) (>= netcoreapp3.1)) (== netcoreapp3.1)
      System.Text.Json (>= 4.7) - restriction: || (&& (== net472) (< net451)) (== netcoreapp3.1)
    Microsoft.Extensions.Diagnostics.HealthChecks (3.1)
      Microsoft.Extensions.Diagnostics.HealthChecks.Abstractions (>= 3.1)
      Microsoft.Extensions.Hosting.Abstractions (>= 3.1)
      Microsoft.Extensions.Options (>= 3.1)
    Microsoft.Extensions.Diagnostics.HealthChecks.Abstractions (3.1)
    Microsoft.Extensions.Diagnostics.HealthChecks.EntityFrameworkCore (3.1) - restriction: || (&& (== net472) (>= netcoreapp3.1)) (== netcoreapp3.1)
      Microsoft.EntityFrameworkCore.Relational (>= 3.1) - restriction: || (&& (== net472) (>= netstandard2.1)) (== netcoreapp3.1)
      Microsoft.Extensions.Diagnostics.HealthChecks (>= 3.1) - restriction: || (&& (== net472) (>= netstandard2.1)) (== netcoreapp3.1)
      Microsoft.Extensions.Diagnostics.HealthChecks.Abstractions (>= 3.1) - restriction: || (&& (== net472) (>= netstandard2.1)) (== netcoreapp3.1)
    Microsoft.Extensions.FileProviders.Abstractions (3.1)
      Microsoft.Extensions.Primitives (>= 3.1)
    Microsoft.Extensions.FileProviders.Embedded (3.1) - restriction: || (&& (== net472) (>= netcoreapp3.1)) (== netcoreapp3.1)
      Microsoft.Extensions.FileProviders.Abstractions (>= 3.1)
    Microsoft.Extensions.FileProviders.Physical (3.1)
      Microsoft.Extensions.FileProviders.Abstractions (>= 3.1)
      Microsoft.Extensions.FileSystemGlobbing (>= 3.1)
    Microsoft.Extensions.FileSystemGlobbing (3.1)
    Microsoft.Extensions.Hosting.Abstractions (3.1)
      Microsoft.Bcl.AsyncInterfaces (>= 1.1) - restriction: == net472
      Microsoft.Extensions.Configuration.Abstractions (>= 3.1)
      Microsoft.Extensions.DependencyInjection.Abstractions (>= 3.1)
      Microsoft.Extensions.FileProviders.Abstractions (>= 3.1)
      Microsoft.Extensions.Logging.Abstractions (>= 3.1)
    Microsoft.Extensions.Http (3.1)
      Microsoft.Extensions.DependencyInjection.Abstractions (>= 3.1)
      Microsoft.Extensions.Logging (>= 3.1)
      Microsoft.Extensions.Options (>= 3.1)
    Microsoft.Extensions.Http.Polly (3.1)
      Microsoft.Extensions.Http (>= 3.1)
      Polly (>= 7.1)
      Polly.Extensions.Http (>= 3.0)
    Microsoft.Extensions.Localization (3.1) - restriction: || (&& (== net472) (>= netcoreapp3.1)) (== netcoreapp3.1)
      Microsoft.Extensions.DependencyInjection.Abstractions (>= 3.1)
      Microsoft.Extensions.Localization.Abstractions (>= 3.1)
      Microsoft.Extensions.Logging.Abstractions (>= 3.1)
      Microsoft.Extensions.Options (>= 3.1)
    Microsoft.Extensions.Localization.Abstractions (3.1) - restriction: || (&& (== net472) (>= netcoreapp3.1)) (== netcoreapp3.1)
    Microsoft.Extensions.Logging (3.1) - restriction: || (&& (== net472) (>= netcoreapp3.1)) (== netcoreapp3.1)
      Microsoft.Extensions.Configuration.Binder (>= 3.1)
      Microsoft.Extensions.DependencyInjection (>= 3.1)
      Microsoft.Extensions.Logging.Abstractions (>= 3.1)
      Microsoft.Extensions.Options (>= 3.1)
    Microsoft.Extensions.Logging.Abstractions (3.1)
    Microsoft.Extensions.Options (3.1)
      Microsoft.Extensions.DependencyInjection.Abstractions (>= 3.1)
      Microsoft.Extensions.Primitives (>= 3.1)
      System.ComponentModel.Annotations (>= 4.7) - restriction: == net472
    Microsoft.Extensions.Options.ConfigurationExtensions (3.1) - restriction: || (&& (== net472) (>= netcoreapp3.1)) (== netcoreapp3.1)
      Microsoft.Extensions.Configuration.Abstractions (>= 3.1)
      Microsoft.Extensions.Configuration.Binder (>= 3.1)
      Microsoft.Extensions.DependencyInjection.Abstractions (>= 3.1)
      Microsoft.Extensions.Options (>= 3.1)
    Microsoft.Extensions.Primitives (3.1)
      System.Memory (>= 4.5.2) - restriction: == net472
      System.Runtime.CompilerServices.Unsafe (>= 4.7) - restriction: == net472
    Microsoft.Identity.Client (4.7.1) - restriction: || (&& (== net472) (>= netcoreapp3.1)) (== netcoreapp3.1)
      Microsoft.CSharp (>= 4.5) - restriction: || (&& (== net472) (< net45)) (&& (== net472) (>= netcoreapp2.1)) (&& (== net472) (>= uap10.0)) (&& (== net472) (>= xamarinios)) (== netcoreapp3.1)
      System.ComponentModel.TypeConverter (>= 4.3) - restriction: || (&& (== net472) (< net45)) (&& (== net472) (>= netcoreapp2.1)) (&& (== net472) (>= xamarinios)) (== netcoreapp3.1)
      System.Net.NameResolution (>= 4.3) - restriction: || (&& (== net472) (>= netcoreapp2.1)) (&& (== net472) (>= uap10.0)) (== netcoreapp3.1)
      System.Private.Uri (>= 4.3.2) - restriction: || (&& (== net472) (< net45)) (&& (== net472) (>= netcoreapp2.1)) (== netcoreapp3.1)
      System.Runtime.Serialization.Formatters (>= 4.3) - restriction: || (&& (== net472) (< net45)) (&& (== net472) (>= netcoreapp2.1)) (&& (== net472) (>= uap10.0)) (&& (== net472) (>= xamarinios)) (== netcoreapp3.1)
      System.Runtime.Serialization.Json (>= 4.3) - restriction: || (&& (== net472) (< net45)) (&& (== net472) (>= netcoreapp2.1)) (&& (== net472) (>= uap10.0)) (== netcoreapp3.1)
      System.Runtime.Serialization.Primitives (>= 4.3) - restriction: || (&& (== net472) (< net45)) (&& (== net472) (>= netcoreapp2.1)) (&& (== net472) (>= uap10.0)) (&& (== net472) (>= xamarinios)) (== netcoreapp3.1)
      System.Security.SecureString (>= 4.3) - restriction: || (&& (== net472) (>= monoandroid9.0)) (&& (== net472) (< net45)) (&& (== net472) (>= netcoreapp2.1)) (&& (== net472) (>= uap10.0)) (&& (== net472) (>= xamarinios)) (== netcoreapp3.1)
      System.Xml.XDocument (>= 4.3) - restriction: || (&& (== net472) (< net45)) (&& (== net472) (>= netcoreapp2.1)) (&& (== net472) (>= uap10.0)) (== netcoreapp3.1)
    Microsoft.IdentityModel.JsonWebTokens (5.6) - restriction: || (&& (== net472) (>= netcoreapp3.1)) (== netcoreapp3.1)
      Microsoft.IdentityModel.Tokens (>= 5.6)
      Newtonsoft.Json (>= 10.0.1)
    Microsoft.IdentityModel.Logging (5.6) - restriction: || (&& (== net472) (>= netcoreapp3.1)) (== netcoreapp3.1)
    Microsoft.IdentityModel.Protocols (5.6) - restriction: || (&& (== net472) (>= netcoreapp3.1)) (== netcoreapp3.1)
      Microsoft.IdentityModel.Logging (>= 5.6)
      Microsoft.IdentityModel.Tokens (>= 5.6)
    Microsoft.IdentityModel.Protocols.OpenIdConnect (5.6) - restriction: || (&& (== net472) (>= netcoreapp3.1)) (== netcoreapp3.1)
      Microsoft.IdentityModel.Protocols (>= 5.6)
      Newtonsoft.Json (>= 10.0.1)
      System.IdentityModel.Tokens.Jwt (>= 5.6)
    Microsoft.IdentityModel.Tokens (5.6) - restriction: || (&& (== net472) (>= netcoreapp3.1)) (== netcoreapp3.1)
      Microsoft.IdentityModel.Logging (>= 5.6)
      Newtonsoft.Json (>= 10.0.1)
      System.Security.Cryptography.Cng (>= 4.5) - restriction: || (&& (== net472) (< net45)) (== netcoreapp3.1)
    Microsoft.Net.Http.Headers (2.2.8) - restriction: || (&& (== net472) (>= netcoreapp3.1)) (== netcoreapp3.1)
      Microsoft.Extensions.Primitives (>= 2.2)
      System.Buffers (>= 4.5)
    Microsoft.NET.Test.Sdk (16.4)
      Microsoft.CodeCoverage (>= 16.4)
      Microsoft.TestPlatform.TestHost (>= 16.4) - restriction: || (&& (== net472) (>= netcoreapp2.1)) (== netcoreapp3.1)
    Microsoft.NETCore.App (2.2.8) - restriction: || (&& (== net472) (>= netcoreapp3.1)) (== netcoreapp3.1)
      Microsoft.NETCore.DotNetHostPolicy (>= 2.2.8) - restriction: || (&& (== net472) (>= netcoreapp2.2)) (== netcoreapp3.1)
      Microsoft.NETCore.Platforms (>= 2.2.4) - restriction: || (&& (== net472) (>= netcoreapp2.2)) (== netcoreapp3.1)
      Microsoft.NETCore.Targets (>= 2.0) - restriction: || (&& (== net472) (>= netcoreapp2.2)) (== netcoreapp3.1)
      NETStandard.Library (>= 2.0.3) - restriction: || (&& (== net472) (>= netcoreapp2.2)) (== netcoreapp3.1)
    Microsoft.NETCore.DotNetAppHost (3.1) - restriction: || (&& (== net472) (>= netcoreapp3.1)) (== netcoreapp3.1)
    Microsoft.NETCore.DotNetHostPolicy (3.1) - restriction: || (&& (== net472) (>= netcoreapp3.1)) (== netcoreapp3.1)
      Microsoft.NETCore.DotNetHostResolver (>= 3.1)
    Microsoft.NETCore.DotNetHostResolver (3.1) - restriction: || (&& (== net472) (>= netcoreapp3.1)) (== netcoreapp3.1)
      Microsoft.NETCore.DotNetAppHost (>= 3.1)
    Microsoft.NETCore.Platforms (3.1) - restriction: || (&& (== net472) (>= netcoreapp3.1)) (== netcoreapp3.1)
    Microsoft.NETCore.Targets (3.1) - restriction: || (&& (== net472) (>= netcoreapp3.1)) (== netcoreapp3.1)
    Microsoft.OpenApi (1.1.4) - restriction: || (&& (== net472) (>= netcoreapp3.1)) (== netcoreapp3.1)
    Microsoft.SqlServer.Types (13.0.4001)
    Microsoft.SyndicationFeed.ReaderWriter (1.0.2) - restriction: || (&& (== net472) (>= netcoreapp3.1)) (== netcoreapp3.1)
      System.Globalization (>= 4.3)
      System.Linq (>= 4.3)
      System.Runtime.Extensions (>= 4.3)
      System.Xml.ReaderWriter (>= 4.3)
    Microsoft.TestPlatform.ObjectModel (16.4) - restriction: || (&& (== net472) (>= netcoreapp2.1)) (== netcoreapp3.1)
      NuGet.Frameworks (>= 5.0)
    Microsoft.TestPlatform.TestHost (16.4) - restriction: || (&& (== net472) (>= netcoreapp2.1)) (== netcoreapp3.1)
      Microsoft.TestPlatform.ObjectModel (>= 16.4) - restriction: || (&& (== net472) (>= netcoreapp2.1)) (&& (== net472) (>= uap10.0)) (== netcoreapp3.1)
      Newtonsoft.Json (>= 9.0.1) - restriction: || (&& (== net472) (>= netcoreapp2.1)) (&& (== net472) (>= uap10.0)) (== netcoreapp3.1)
    Microsoft.VisualStudio.Setup.Configuration.Interop (1.16.30) - restriction: || (== net472) (&& (== netcoreapp3.1) (>= net472))
    Microsoft.VisualStudio.Web.BrowserLink (2.2) - restriction: || (&& (== net472) (>= netcoreapp3.1)) (== netcoreapp3.1)
      Microsoft.AspNetCore.Hosting.Abstractions (>= 2.2)
      Microsoft.AspNetCore.Http.Abstractions (>= 2.2)
      Microsoft.AspNetCore.Http.Extensions (>= 2.2)
      Microsoft.Extensions.FileProviders.Physical (>= 2.2)
    Microsoft.Win32.Primitives (4.3) - restriction: || (&& (== net472) (< net46)) (== netcoreapp3.1)
      Microsoft.NETCore.Platforms (>= 1.1) - restriction: || (&& (== net472) (< net46)) (== netcoreapp3.1)
      Microsoft.NETCore.Targets (>= 1.1) - restriction: || (&& (== net472) (< net46)) (== netcoreapp3.1)
      System.Runtime (>= 4.3) - restriction: || (&& (== net472) (< net46)) (== netcoreapp3.1)
    Microsoft.Win32.Registry (4.7) - restriction: || (&& (== net472) (>= netstandard2.1)) (== netcoreapp3.1)
      System.Security.AccessControl (>= 4.7)
      System.Security.Principal.Windows (>= 4.7)
    Microsoft.Win32.SystemEvents (4.7) - restriction: || (&& (== net472) (>= netcoreapp3.0)) (== netcoreapp3.1)
      Microsoft.NETCore.Platforms (>= 3.1) - restriction: || (&& (== net472) (>= netcoreapp2.0)) (== netcoreapp3.1)
    Mono.Posix.NETStandard (1.0)
    Moq (4.13.1)
      Castle.Core (>= 4.4)
      System.Threading.Tasks.Extensions (>= 4.5.1)
    MSBuild.StructuredLogger (2.0.152)
      Microsoft.Build (>= 14.3) - restriction: || (== net472) (&& (== netcoreapp3.1) (>= net46))
      Microsoft.Build (>= 15.8.166) - restriction: || (&& (== net472) (< net46)) (== netcoreapp3.1)
      Microsoft.Build.Framework (>= 14.3) - restriction: || (== net472) (&& (== netcoreapp3.1) (>= net46))
      Microsoft.Build.Framework (>= 15.8.166) - restriction: || (&& (== net472) (< net46)) (== netcoreapp3.1)
      Microsoft.Build.Tasks.Core (>= 14.3) - restriction: || (== net472) (&& (== netcoreapp3.1) (>= net46))
      Microsoft.Build.Tasks.Core (>= 15.8.166) - restriction: || (&& (== net472) (< net46)) (== netcoreapp3.1)
      Microsoft.Build.Utilities.Core (>= 14.3) - restriction: || (== net472) (&& (== netcoreapp3.1) (>= net46))
      Microsoft.Build.Utilities.Core (>= 15.8.166) - restriction: || (&& (== net472) (< net46)) (== netcoreapp3.1)
    Namotion.Reflection (1.0.7) - restriction: || (&& (== net472) (>= netcoreapp3.1)) (== netcoreapp3.1)
      Microsoft.CSharp (>= 4.3) - restriction: || (&& (== net472) (< net40)) (== netcoreapp3.1)
    NETStandard.Library (2.0.3) - restriction: || (&& (== net472) (< net45)) (&& (== net472) (>= netcoreapp3.1)) (== netcoreapp3.1)
      Microsoft.NETCore.Platforms (>= 1.1)
    NetTopologySuite (2.0)
      System.Memory (>= 4.5.3)
    Newtonsoft.Json (12.0.3)
    Newtonsoft.Json.Bson (1.0.2) - restriction: || (&& (== net472) (>= netcoreapp3.1)) (== netcoreapp3.1)
      Newtonsoft.Json (>= 12.0.1)
    NJsonSchema (10.1.2) - restriction: || (&& (== net472) (>= netcoreapp3.1)) (== netcoreapp3.1)
      Namotion.Reflection (>= 1.0.7)
      Newtonsoft.Json (>= 9.0.1)
    NJsonSchema.CodeGeneration (10.1.2) - restriction: || (&& (== net472) (>= netcoreapp3.1)) (== netcoreapp3.1)
      DotLiquid (>= 2.0.314)
      Newtonsoft.Json (>= 9.0.1)
      NJsonSchema (>= 10.1.2)
    NJsonSchema.CodeGeneration.CSharp (10.1.2) - restriction: || (&& (== net472) (>= netcoreapp3.1)) (== netcoreapp3.1)
      Newtonsoft.Json (>= 9.0.1)
      NJsonSchema (>= 10.1.2)
      NJsonSchema.CodeGeneration (>= 10.1.2)
    NJsonSchema.CodeGeneration.TypeScript (10.1.2) - restriction: || (&& (== net472) (>= netcoreapp3.1)) (== netcoreapp3.1)
      Microsoft.CSharp (>= 4.3)
      Newtonsoft.Json (>= 9.0.1)
      NJsonSchema (>= 10.1.2)
      NJsonSchema.CodeGeneration (>= 10.1.2)
    NodaTime (2.4.7) - restriction: || (&& (== net472) (>= netcoreapp3.1)) (== netcoreapp3.1)
    NodaTime.Serialization.JsonNet (2.2) - restriction: || (&& (== net472) (>= netcoreapp3.1)) (== netcoreapp3.1)
      Newtonsoft.Json (>= 9.0.1)
      NodaTime (>= 2.4.5)
    NSwag.CodeGeneration (13.2) - restriction: || (&& (== net472) (>= netcoreapp3.1)) (== netcoreapp3.1)
      Newtonsoft.Json (>= 9.0.1)
      NJsonSchema (>= 10.1.2)
      NJsonSchema.CodeGeneration (>= 10.1.2)
      NSwag.Core (>= 13.2)
    NSwag.CodeGeneration.CSharp (13.2) - restriction: || (&& (== net472) (>= netcoreapp3.1)) (== netcoreapp3.1)
      NJsonSchema.CodeGeneration.CSharp (>= 10.1.2)
      NSwag.CodeGeneration (>= 13.2)
    NSwag.CodeGeneration.TypeScript (13.2) - restriction: || (&& (== net472) (>= netcoreapp3.1)) (== netcoreapp3.1)
      NJsonSchema.CodeGeneration.TypeScript (>= 10.1.2)
      NSwag.CodeGeneration (>= 13.2)
    NSwag.Core (13.2) - restriction: || (&& (== net472) (>= netcoreapp3.1)) (== netcoreapp3.1)
      Newtonsoft.Json (>= 9.0.1)
      NJsonSchema (>= 10.1.2)
    NuGet.Common (5.4)
      NuGet.Frameworks (>= 5.4)
      System.Diagnostics.Process (>= 4.3) - restriction: == netcoreapp3.1
      System.Threading.Thread (>= 4.3) - restriction: == netcoreapp3.1
    NuGet.Configuration (5.4)
      NuGet.Common (>= 5.4)
      System.Security.Cryptography.ProtectedData (>= 4.3) - restriction: == netcoreapp3.1
    NuGet.Frameworks (5.4)
    NuGet.Packaging (5.4)
      Newtonsoft.Json (>= 9.0.1)
      NuGet.Configuration (>= 5.4)
      NuGet.Versioning (>= 5.4)
      System.Dynamic.Runtime (>= 4.3) - restriction: == netcoreapp3.1
    NuGet.Protocol (5.4)
      NuGet.Packaging (>= 5.4)
      System.Dynamic.Runtime (>= 4.3) - restriction: == netcoreapp3.1
    NuGet.Versioning (5.4)
    Polly (7.2)
    Polly.Extensions.Http (3.0)
      Polly (>= 7.1)
    runtime.debian.8-x64.runtime.native.System.Security.Cryptography.OpenSsl (4.3.3) - restriction: || (&& (== net472) (< net45)) (== netcoreapp3.1)
    runtime.debian.9-x64.runtime.native.System.Security.Cryptography.OpenSsl (4.3.3) - restriction: || (&& (== net472) (< net45)) (== netcoreapp3.1)
    runtime.fedora.23-x64.runtime.native.System.Security.Cryptography.OpenSsl (4.3.3) - restriction: || (&& (== net472) (< net45)) (== netcoreapp3.1)
    runtime.fedora.24-x64.runtime.native.System.Security.Cryptography.OpenSsl (4.3.3) - restriction: || (&& (== net472) (< net45)) (== netcoreapp3.1)
    runtime.fedora.27-x64.runtime.native.System.Security.Cryptography.OpenSsl (4.3.3) - restriction: || (&& (== net472) (< net45)) (== netcoreapp3.1)
    runtime.fedora.28-x64.runtime.native.System.Security.Cryptography.OpenSsl (4.3.3) - restriction: || (&& (== net472) (< net45)) (== netcoreapp3.1)
    runtime.native.System (4.3.1) - restriction: || (&& (== net472) (< net45)) (== netcoreapp3.1)
      Microsoft.NETCore.Platforms (>= 1.1.1)
      Microsoft.NETCore.Targets (>= 1.1.3)
    runtime.native.System.Data.SqlClient.sni (4.7) - restriction: || (&& (== net472) (>= netstandard2.1)) (== netcoreapp3.1)
      runtime.win-arm64.runtime.native.System.Data.SqlClient.sni (>= 4.4)
      runtime.win-x64.runtime.native.System.Data.SqlClient.sni (>= 4.4)
      runtime.win-x86.runtime.native.System.Data.SqlClient.sni (>= 4.4)
    runtime.native.System.Net.Http (4.3.1) - restriction: || (&& (== net472) (< net45)) (== netcoreapp3.1)
      Microsoft.NETCore.Platforms (>= 1.1.1)
      Microsoft.NETCore.Targets (>= 1.1.3)
    runtime.native.System.Security.Cryptography.Apple (4.3.1) - restriction: || (&& (== net472) (< net45)) (== netcoreapp3.1)
      runtime.osx.10.10-x64.runtime.native.System.Security.Cryptography.Apple (>= 4.3.1)
    runtime.native.System.Security.Cryptography.OpenSsl (4.3.3) - restriction: || (&& (== net472) (< net45)) (== netcoreapp3.1)
      runtime.debian.8-x64.runtime.native.System.Security.Cryptography.OpenSsl (>= 4.3.3)
      runtime.debian.9-x64.runtime.native.System.Security.Cryptography.OpenSsl (>= 4.3.3)
      runtime.fedora.23-x64.runtime.native.System.Security.Cryptography.OpenSsl (>= 4.3.3)
      runtime.fedora.24-x64.runtime.native.System.Security.Cryptography.OpenSsl (>= 4.3.3)
      runtime.fedora.27-x64.runtime.native.System.Security.Cryptography.OpenSsl (>= 4.3.3)
      runtime.fedora.28-x64.runtime.native.System.Security.Cryptography.OpenSsl (>= 4.3.3)
      runtime.opensuse.13.2-x64.runtime.native.System.Security.Cryptography.OpenSsl (>= 4.3.3)
      runtime.opensuse.42.1-x64.runtime.native.System.Security.Cryptography.OpenSsl (>= 4.3.3)
      runtime.opensuse.42.3-x64.runtime.native.System.Security.Cryptography.OpenSsl (>= 4.3.3)
      runtime.osx.10.10-x64.runtime.native.System.Security.Cryptography.OpenSsl (>= 4.3.3)
      runtime.rhel.7-x64.runtime.native.System.Security.Cryptography.OpenSsl (>= 4.3.3)
      runtime.ubuntu.14.04-x64.runtime.native.System.Security.Cryptography.OpenSsl (>= 4.3.3)
      runtime.ubuntu.16.04-x64.runtime.native.System.Security.Cryptography.OpenSsl (>= 4.3.3)
      runtime.ubuntu.16.10-x64.runtime.native.System.Security.Cryptography.OpenSsl (>= 4.3.3)
      runtime.ubuntu.18.04-x64.runtime.native.System.Security.Cryptography.OpenSsl (>= 4.3.3)
    runtime.opensuse.13.2-x64.runtime.native.System.Security.Cryptography.OpenSsl (4.3.3) - restriction: || (&& (== net472) (< net45)) (== netcoreapp3.1)
    runtime.opensuse.42.1-x64.runtime.native.System.Security.Cryptography.OpenSsl (4.3.3) - restriction: || (&& (== net472) (< net45)) (== netcoreapp3.1)
    runtime.opensuse.42.3-x64.runtime.native.System.Security.Cryptography.OpenSsl (4.3.3) - restriction: || (&& (== net472) (< net45)) (== netcoreapp3.1)
    runtime.osx.10.10-x64.runtime.native.System.Security.Cryptography.Apple (4.3.1) - restriction: || (&& (== net472) (< net45)) (== netcoreapp3.1)
    runtime.osx.10.10-x64.runtime.native.System.Security.Cryptography.OpenSsl (4.3.3) - restriction: || (&& (== net472) (< net45)) (== netcoreapp3.1)
    runtime.rhel.7-x64.runtime.native.System.Security.Cryptography.OpenSsl (4.3.3) - restriction: || (&& (== net472) (< net45)) (== netcoreapp3.1)
    runtime.ubuntu.14.04-x64.runtime.native.System.Security.Cryptography.OpenSsl (4.3.3) - restriction: || (&& (== net472) (< net45)) (== netcoreapp3.1)
    runtime.ubuntu.16.04-x64.runtime.native.System.Security.Cryptography.OpenSsl (4.3.3) - restriction: || (&& (== net472) (< net45)) (== netcoreapp3.1)
    runtime.ubuntu.16.10-x64.runtime.native.System.Security.Cryptography.OpenSsl (4.3.3) - restriction: || (&& (== net472) (< net45)) (== netcoreapp3.1)
    runtime.ubuntu.18.04-x64.runtime.native.System.Security.Cryptography.OpenSsl (4.3.3) - restriction: || (&& (== net472) (< net45)) (== netcoreapp3.1)
    runtime.win-arm64.runtime.native.System.Data.SqlClient.sni (4.4) - restriction: || (&& (== net472) (>= netstandard2.1)) (== netcoreapp3.1)
    runtime.win-x64.runtime.native.System.Data.SqlClient.sni (4.4) - restriction: || (&& (== net472) (>= netstandard2.1)) (== netcoreapp3.1)
    runtime.win-x86.runtime.native.System.Data.SqlClient.sni (4.4) - restriction: || (&& (== net472) (>= netstandard2.1)) (== netcoreapp3.1)
    Scrutor (3.1) - restriction: || (&& (== net472) (>= netcoreapp3.1)) (== netcoreapp3.1)
      Microsoft.Extensions.DependencyInjection.Abstractions (>= 2.1.1)
      Microsoft.Extensions.DependencyModel (>= 2.1)
    Serilog (2.9)
    Serilog.Enrichers.Environment (2.1.3) - restriction: || (&& (== net472) (>= netcoreapp3.1)) (== netcoreapp3.1)
      NETStandard.Library (>= 1.6.1) - restriction: || (&& (== net472) (< net45)) (== netcoreapp3.1)
      Serilog (>= 2.3)
    Serilog.Enrichers.Thread (3.1) - restriction: || (&& (== net472) (>= netcoreapp3.1)) (== netcoreapp3.1)
      Serilog (>= 2.3)
    Serilog.Extensions.Logging (3.0.1) - restriction: || (&& (== net472) (>= netcoreapp3.1)) (== netcoreapp3.1)
      Microsoft.Extensions.Logging (>= 2.0)
      Serilog (>= 2.8)
    Serilog.Formatting.Compact (1.1) - restriction: || (&& (== net472) (>= netcoreapp3.1)) (== netcoreapp3.1)
      Serilog (>= 2.8)
    Serilog.Settings.Configuration (3.1) - restriction: || (&& (== net472) (>= netcoreapp3.1)) (== netcoreapp3.1)
      Microsoft.Extensions.DependencyModel (>= 2.0.4)
      Microsoft.Extensions.Options.ConfigurationExtensions (>= 2.0)
      Serilog (>= 2.6)
    Serilog.Sinks.Console (3.1.1) - restriction: || (&& (== net472) (>= netcoreapp3.1)) (== netcoreapp3.1)
      Serilog (>= 2.5)
      System.Console (>= 4.3) - restriction: || (&& (== net472) (< net45)) (&& (== net472) (>= netcoreapp1.1)) (== netcoreapp3.1)
      System.Runtime.InteropServices (>= 4.3) - restriction: || (&& (== net472) (>= netcoreapp1.1)) (== netcoreapp3.1)
      System.Runtime.InteropServices.RuntimeInformation (>= 4.3) - restriction: || (&& (== net472) (>= netcoreapp1.1)) (== netcoreapp3.1)
    Serilog.Sinks.File (4.1) - restriction: || (&& (== net472) (>= netcoreapp3.1)) (== netcoreapp3.1)
      Serilog (>= 2.5)
      System.IO.FileSystem (>= 4.0.1) - restriction: || (&& (== net472) (< net45)) (== netcoreapp3.1)
      System.Text.Encoding.Extensions (>= 4.0.11) - restriction: || (&& (== net472) (< net45)) (== netcoreapp3.1)
      System.Threading.Timer (>= 4.0.1) - restriction: || (&& (== net472) (< net45)) (== netcoreapp3.1)
    Serilog.Sinks.XUnit (1.0.21)
      NETStandard.Library (>= 1.6.1) - restriction: || (&& (== net472) (< net45)) (== netcoreapp3.1)
      Serilog (>= 2.6)
      xunit.abstractions (>= 2.0.1)
    SourceLink.Copy.PdbFiles (2.8.3) - copy_local: true
    SourceLink.Embed.AllSourceFiles (2.8.3) - copy_local: true
    SqlStreamStore (1.1.3) - restriction: || (&& (== net472) (>= netcoreapp3.1)) (== netcoreapp3.1)
      Microsoft.CSharp (>= 4.4.1)
    SqlStreamStore.MsSql (1.1.3) - restriction: || (&& (== net472) (>= netcoreapp3.1)) (== netcoreapp3.1)
      SqlStreamStore (>= 1.1.3)
      System.Data.SqlClient (>= 4.4.3)
    Structurizr.AdrTools (0.9.3)
      NETStandard.Library (>= 1.6.1) - restriction: || (&& (== net472) (< net45)) (== netcoreapp3.1)
      Structurizr.Core (>= 0.9.3)
    Structurizr.Client (0.9.5)
      NETStandard.Library (>= 1.6.1) - restriction: || (&& (== net472) (< net45)) (== netcoreapp3.1)
      Structurizr.Core (>= 0.9.5)
      System.Net.Http (>= 4.3.2)
    Structurizr.Core (0.9.5)
      NETStandard.Library (>= 1.6.1) - restriction: || (&& (== net472) (< net45)) (== netcoreapp3.1)
      Newtonsoft.Json (>= 10.0.3)
    Swashbuckle.AspNetCore (5.0) - restriction: || (&& (== net472) (>= netcoreapp3.1)) (== netcoreapp3.1)
      Microsoft.Extensions.ApiDescription.Server (>= 3.0)
      Swashbuckle.AspNetCore.Swagger (>= 5.0)
      Swashbuckle.AspNetCore.SwaggerGen (>= 5.0)
      Swashbuckle.AspNetCore.SwaggerUI (>= 5.0)
    Swashbuckle.AspNetCore.Annotations (5.0) - restriction: || (&& (== net472) (>= netcoreapp3.1)) (== netcoreapp3.1)
      Swashbuckle.AspNetCore.SwaggerGen (>= 5.0)
    Swashbuckle.AspNetCore.Filters (5.0.0-rc9) - restriction: || (&& (== net472) (>= netcoreapp3.1)) (== netcoreapp3.1)
      Microsoft.AspNetCore.Mvc.NewtonsoftJson (>= 3.0) - restriction: || (&& (== net472) (>= netcoreapp3.0)) (== netcoreapp3.1)
      Microsoft.Extensions.DependencyInjection (>= 2.1)
      Microsoft.OpenApi (>= 1.1.4)
      Scrutor (>= 3.0.1)
      Swashbuckle.AspNetCore (>= 5.0.0-rc5)
      Swashbuckle.AspNetCore.Annotations (>= 5.0.0-rc5)
    Swashbuckle.AspNetCore.Swagger (5.0) - restriction: || (&& (== net472) (>= netcoreapp3.1)) (== netcoreapp3.1)
      Microsoft.OpenApi (>= 1.1.4)
    Swashbuckle.AspNetCore.SwaggerGen (5.0) - restriction: || (&& (== net472) (>= netcoreapp3.1)) (== netcoreapp3.1)
      Swashbuckle.AspNetCore.Swagger (>= 5.0)
    Swashbuckle.AspNetCore.SwaggerUI (5.0) - restriction: || (&& (== net472) (>= netcoreapp3.1)) (== netcoreapp3.1)
    System.Buffers (4.5)
    System.CodeDom (4.7) - restriction: || (&& (== net472) (>= netstandard2.1)) (== netcoreapp3.1)
    System.Collections (4.3) - restriction: || (&& (== net472) (< net45)) (== netcoreapp3.1)
      Microsoft.NETCore.Platforms (>= 1.1) - restriction: || (&& (== net472) (< net45)) (== netcoreapp3.1)
      Microsoft.NETCore.Targets (>= 1.1) - restriction: || (&& (== net472) (< net45)) (== netcoreapp3.1)
      System.Runtime (>= 4.3) - restriction: || (&& (== net472) (< net45)) (== netcoreapp3.1)
    System.Collections.Concurrent (4.3) - restriction: || (&& (== net472) (< net45)) (== netcoreapp3.1)
      System.Collections (>= 4.3) - restriction: || (&& (== net472) (< net45)) (== netcoreapp3.1)
      System.Diagnostics.Debug (>= 4.3) - restriction: || (&& (== net472) (< net45)) (== netcoreapp3.1)
      System.Diagnostics.Tracing (>= 4.3) - restriction: || (&& (== net472) (< net45)) (== netcoreapp3.1)
      System.Globalization (>= 4.3) - restriction: || (&& (== net472) (< net45)) (== netcoreapp3.1)
      System.Reflection (>= 4.3) - restriction: || (&& (== net472) (< net45)) (== netcoreapp3.1)
      System.Resources.ResourceManager (>= 4.3) - restriction: || (&& (== net472) (< net45)) (== netcoreapp3.1)
      System.Runtime (>= 4.3) - restriction: || (&& (== net472) (< net45)) (== netcoreapp3.1)
      System.Runtime.Extensions (>= 4.3) - restriction: || (&& (== net472) (< net45)) (== netcoreapp3.1)
      System.Threading (>= 4.3) - restriction: || (&& (== net472) (< net45)) (== netcoreapp3.1)
      System.Threading.Tasks (>= 4.3) - restriction: || (&& (== net472) (< net45)) (== netcoreapp3.1)
    System.Collections.Immutable (1.7)
    System.Collections.NonGeneric (4.3) - restriction: || (&& (== net472) (< net35)) (== netcoreapp3.1)
      System.Diagnostics.Debug (>= 4.3) - restriction: || (&& (== net472) (< net46)) (== netcoreapp3.1)
      System.Globalization (>= 4.3) - restriction: || (&& (== net472) (< net46)) (== netcoreapp3.1)
      System.Resources.ResourceManager (>= 4.3) - restriction: || (&& (== net472) (< net46)) (== netcoreapp3.1)
      System.Runtime (>= 4.3) - restriction: || (&& (== net472) (< net46)) (== netcoreapp3.1)
      System.Runtime.Extensions (>= 4.3) - restriction: || (&& (== net472) (< net46)) (== netcoreapp3.1)
      System.Threading (>= 4.3) - restriction: || (&& (== net472) (< net46)) (== netcoreapp3.1)
    System.Collections.Specialized (4.3) - restriction: || (&& (== net472) (< net35)) (== netcoreapp3.1)
      System.Collections.NonGeneric (>= 4.3) - restriction: || (&& (== net472) (< net46)) (== netcoreapp3.1)
      System.Globalization (>= 4.3) - restriction: || (&& (== net472) (< net46)) (== netcoreapp3.1)
      System.Globalization.Extensions (>= 4.3) - restriction: || (&& (== net472) (< net46)) (== netcoreapp3.1)
      System.Resources.ResourceManager (>= 4.3) - restriction: || (&& (== net472) (< net46)) (== netcoreapp3.1)
      System.Runtime (>= 4.3) - restriction: || (&& (== net472) (< net46)) (== netcoreapp3.1)
      System.Runtime.Extensions (>= 4.3) - restriction: || (&& (== net472) (< net46)) (== netcoreapp3.1)
      System.Threading (>= 4.3) - restriction: || (&& (== net472) (< net46)) (== netcoreapp3.1)
    System.ComponentModel (4.3) - restriction: || (&& (== net472) (< net35)) (== netcoreapp3.1)
      System.Runtime (>= 4.3) - restriction: || (&& (== net472) (< net45)) (== netcoreapp3.1)
    System.ComponentModel.Annotations (4.7)
    System.ComponentModel.Primitives (4.3) - restriction: || (&& (== net472) (< net35)) (&& (== net472) (< netstandard1.0) (>= win8)) (&& (== net472) (>= wp8)) (&& (== net472) (>= wpa81)) (== netcoreapp3.1)
      System.ComponentModel (>= 4.3) - restriction: || (&& (== net472) (< net45)) (== netcoreapp3.1)
      System.Resources.ResourceManager (>= 4.3) - restriction: || (&& (== net472) (< net45)) (== netcoreapp3.1)
      System.Runtime (>= 4.3) - restriction: || (&& (== net472) (< net45)) (== netcoreapp3.1)
    System.ComponentModel.TypeConverter (4.3) - restriction: || (&& (== net472) (< net35)) (== netcoreapp3.1)
      System.Collections (>= 4.3) - restriction: || (&& (== net472) (< net45)) (== netcoreapp3.1)
      System.Collections.NonGeneric (>= 4.3)
      System.Collections.Specialized (>= 4.3) - restriction: || (&& (== net472) (< net45)) (== netcoreapp3.1)
      System.ComponentModel (>= 4.3) - restriction: || (&& (== net472) (< net45)) (== netcoreapp3.1)
      System.ComponentModel.Primitives (>= 4.3)
      System.Globalization (>= 4.3) - restriction: || (&& (== net472) (< net45)) (== netcoreapp3.1)
      System.Linq (>= 4.3) - restriction: || (&& (== net472) (< net45)) (== netcoreapp3.1)
      System.Reflection (>= 4.3) - restriction: || (&& (== net472) (< net45)) (== netcoreapp3.1)
      System.Reflection.Extensions (>= 4.3) - restriction: || (&& (== net472) (< net45)) (== netcoreapp3.1)
      System.Reflection.Primitives (>= 4.3) - restriction: || (&& (== net472) (< net45)) (== netcoreapp3.1)
      System.Reflection.TypeExtensions (>= 4.3) - restriction: || (&& (== net472) (< net45)) (== netcoreapp3.1)
      System.Resources.ResourceManager (>= 4.3) - restriction: || (&& (== net472) (< net45)) (== netcoreapp3.1)
      System.Runtime (>= 4.3) - restriction: || (&& (== net472) (< net45)) (== netcoreapp3.1)
      System.Runtime.Extensions (>= 4.3) - restriction: || (&& (== net472) (< net45)) (== netcoreapp3.1)
      System.Threading (>= 4.3) - restriction: || (&& (== net472) (< net45)) (== netcoreapp3.1)
    System.Configuration.ConfigurationManager (4.7) - restriction: || (&& (== net472) (>= netstandard2.1)) (== netcoreapp3.1)
      System.Security.Cryptography.ProtectedData (>= 4.7) - restriction: || (&& (== net472) (< net461)) (== netcoreapp3.1)
      System.Security.Permissions (>= 4.7)
    System.Console (4.3.1) - restriction: || (&& (== net472) (>= netcoreapp3.1)) (== netcoreapp3.1)
      Microsoft.NETCore.Platforms (>= 1.1) - restriction: || (&& (== net472) (< net46)) (== netcoreapp3.1)
      Microsoft.NETCore.Targets (>= 1.1.2) - restriction: || (&& (== net472) (< net46)) (== netcoreapp3.1)
      System.IO (>= 4.3) - restriction: || (&& (== net472) (< net46)) (== netcoreapp3.1)
      System.Runtime (>= 4.3) - restriction: || (&& (== net472) (< net46)) (== netcoreapp3.1)
      System.Text.Encoding (>= 4.3) - restriction: || (&& (== net472) (< net46)) (== netcoreapp3.1)
    System.Data.Common (4.3) - restriction: || (&& (== net472) (>= netcoreapp3.1)) (== netcoreapp3.1)
      System.Collections (>= 4.3) - restriction: || (&& (== net472) (< net451)) (== netcoreapp3.1)
      System.Globalization (>= 4.3) - restriction: || (&& (== net472) (< net451)) (== netcoreapp3.1)
      System.IO (>= 4.3) - restriction: || (&& (== net472) (< net451)) (== netcoreapp3.1)
      System.Resources.ResourceManager (>= 4.3) - restriction: || (&& (== net472) (< net451)) (== netcoreapp3.1)
      System.Runtime (>= 4.3) - restriction: || (&& (== net472) (< net451)) (== netcoreapp3.1)
      System.Runtime.Extensions (>= 4.3) - restriction: || (&& (== net472) (< net451)) (== netcoreapp3.1)
      System.Text.RegularExpressions (>= 4.3) - restriction: || (&& (== net472) (< net451)) (== netcoreapp3.1)
      System.Threading.Tasks (>= 4.3) - restriction: || (&& (== net472) (< net451)) (== netcoreapp3.1)
    System.Data.SqlClient (4.8)
      Microsoft.Win32.Registry (>= 4.7) - restriction: || (&& (== net472) (< net451)) (&& (== net472) (>= netcoreapp2.0)) (== netcoreapp3.1)
      runtime.native.System.Data.SqlClient.sni (>= 4.7) - restriction: || (&& (== net472) (< net451)) (&& (== net472) (>= netcoreapp2.0)) (== netcoreapp3.1)
      System.Security.Principal.Windows (>= 4.7) - restriction: || (&& (== net472) (< net451)) (&& (== net472) (>= netcoreapp2.0)) (== netcoreapp3.1)
    System.Diagnostics.Debug (4.3) - restriction: || (&& (== net472) (< net45)) (== netcoreapp3.1)
      Microsoft.NETCore.Platforms (>= 1.1) - restriction: || (&& (== net472) (< net45)) (== netcoreapp3.1)
      Microsoft.NETCore.Targets (>= 1.1) - restriction: || (&& (== net472) (< net45)) (== netcoreapp3.1)
      System.Runtime (>= 4.3) - restriction: || (&& (== net472) (< net45)) (== netcoreapp3.1)
    System.Diagnostics.DiagnosticSource (4.7) - restriction: || (&& (== net472) (>= netcoreapp3.1)) (== netcoreapp3.1)
    System.Diagnostics.FileVersionInfo (4.3)
      Microsoft.NETCore.Platforms (>= 1.1) - restriction: || (&& (== net472) (< net46)) (== netcoreapp3.1)
      System.Globalization (>= 4.3) - restriction: || (&& (== net472) (< net46)) (== netcoreapp3.1)
      System.IO (>= 4.3) - restriction: || (&& (== net472) (< net46)) (== netcoreapp3.1)
      System.IO.FileSystem (>= 4.3) - restriction: || (&& (== net472) (< net46)) (== netcoreapp3.1)
      System.IO.FileSystem.Primitives (>= 4.3) - restriction: || (&& (== net472) (< net46)) (== netcoreapp3.1)
      System.Reflection.Metadata (>= 1.4.1) - restriction: || (&& (== net472) (< net46)) (== netcoreapp3.1)
      System.Runtime (>= 4.3) - restriction: || (&& (== net472) (< net46)) (== netcoreapp3.1)
      System.Runtime.Extensions (>= 4.3) - restriction: || (&& (== net472) (< net46)) (== netcoreapp3.1)
      System.Runtime.InteropServices (>= 4.3) - restriction: || (&& (== net472) (< net46)) (== netcoreapp3.1)
    System.Diagnostics.Process (4.3)
      Microsoft.NETCore.Platforms (>= 1.1) - restriction: || (&& (== net472) (< net46)) (== netcoreapp3.1)
      Microsoft.Win32.Primitives (>= 4.3) - restriction: || (&& (== net472) (< net46)) (== netcoreapp3.1)
      Microsoft.Win32.Registry (>= 4.3) - restriction: || (&& (== net472) (< net46)) (== netcoreapp3.1)
      runtime.native.System (>= 4.3) - restriction: || (&& (== net472) (< net46)) (== netcoreapp3.1)
      System.Collections (>= 4.3) - restriction: || (&& (== net472) (< net46)) (== netcoreapp3.1)
      System.Diagnostics.Debug (>= 4.3) - restriction: || (&& (== net472) (< net46)) (== netcoreapp3.1)
      System.Globalization (>= 4.3) - restriction: || (&& (== net472) (< net46)) (== netcoreapp3.1)
      System.IO (>= 4.3) - restriction: || (&& (== net472) (< net46)) (== netcoreapp3.1)
      System.IO.FileSystem (>= 4.3) - restriction: || (&& (== net472) (< net46)) (== netcoreapp3.1)
      System.IO.FileSystem.Primitives (>= 4.3) - restriction: || (&& (== net472) (< net46)) (== netcoreapp3.1)
      System.Resources.ResourceManager (>= 4.3) - restriction: || (&& (== net472) (< net46)) (== netcoreapp3.1)
      System.Runtime (>= 4.3) - restriction: || (&& (== net472) (< net46)) (== netcoreapp3.1)
      System.Runtime.Extensions (>= 4.3) - restriction: || (&& (== net472) (< net46)) (== netcoreapp3.1)
      System.Runtime.Handles (>= 4.3) - restriction: || (&& (== net472) (< net46)) (== netcoreapp3.1)
      System.Runtime.InteropServices (>= 4.3) - restriction: || (&& (== net472) (< net46)) (== netcoreapp3.1)
      System.Text.Encoding (>= 4.3) - restriction: || (&& (== net472) (< net46)) (== netcoreapp3.1)
      System.Text.Encoding.Extensions (>= 4.3) - restriction: || (&& (== net472) (< net46)) (== netcoreapp3.1)
      System.Threading (>= 4.3) - restriction: || (&& (== net472) (< net46)) (== netcoreapp3.1)
      System.Threading.Tasks (>= 4.3) - restriction: || (&& (== net472) (< net46)) (== netcoreapp3.1)
      System.Threading.Thread (>= 4.3) - restriction: || (&& (== net472) (< net46)) (== netcoreapp3.1)
      System.Threading.ThreadPool (>= 4.3) - restriction: || (&& (== net472) (< net46)) (== netcoreapp3.1)
    System.Diagnostics.Tools (4.3) - restriction: || (&& (== net472) (>= netcoreapp3.1)) (== netcoreapp3.1)
      Microsoft.NETCore.Platforms (>= 1.1) - restriction: || (&& (== net472) (< net45)) (== netcoreapp3.1)
      Microsoft.NETCore.Targets (>= 1.1) - restriction: || (&& (== net472) (< net45)) (== netcoreapp3.1)
      System.Runtime (>= 4.3) - restriction: || (&& (== net472) (< net45)) (== netcoreapp3.1)
    System.Diagnostics.TraceSource (4.3) - restriction: || (&& (== net472) (< net35)) (== netcoreapp3.1)
      Microsoft.NETCore.Platforms (>= 1.1) - restriction: || (&& (== net472) (< net46)) (== netcoreapp3.1)
      runtime.native.System (>= 4.3) - restriction: || (&& (== net472) (< net46)) (== netcoreapp3.1)
      System.Collections (>= 4.3) - restriction: || (&& (== net472) (< net46)) (== netcoreapp3.1)
      System.Diagnostics.Debug (>= 4.3) - restriction: || (&& (== net472) (< net46)) (== netcoreapp3.1)
      System.Globalization (>= 4.3) - restriction: || (&& (== net472) (< net46)) (== netcoreapp3.1)
      System.Resources.ResourceManager (>= 4.3) - restriction: || (&& (== net472) (< net46)) (== netcoreapp3.1)
      System.Runtime (>= 4.3) - restriction: || (&& (== net472) (< net46)) (== netcoreapp3.1)
      System.Runtime.Extensions (>= 4.3) - restriction: || (&& (== net472) (< net46)) (== netcoreapp3.1)
      System.Threading (>= 4.3) - restriction: || (&& (== net472) (< net46)) (== netcoreapp3.1)
    System.Diagnostics.Tracing (4.3) - restriction: || (&& (== net472) (< net45)) (== netcoreapp3.1)
      Microsoft.NETCore.Platforms (>= 1.1) - restriction: || (&& (== net472) (< net45)) (== netcoreapp3.1)
      Microsoft.NETCore.Targets (>= 1.1) - restriction: || (&& (== net472) (< net45)) (== netcoreapp3.1)
      System.Runtime (>= 4.3) - restriction: || (&& (== net472) (< net45)) (== netcoreapp3.1)
    System.Drawing.Common (4.7) - restriction: || (&& (== net472) (>= netcoreapp3.0)) (== netcoreapp3.1)
      Microsoft.NETCore.Platforms (>= 3.1) - restriction: || (&& (== net472) (>= netcoreapp2.0)) (== netcoreapp3.1)
      Microsoft.Win32.SystemEvents (>= 4.7) - restriction: || (&& (== net472) (>= netcoreapp2.0)) (== netcoreapp3.1)
    System.Dynamic.Runtime (4.3) - restriction: || (&& (== net472) (< net35)) (== netcoreapp3.1)
      System.Collections (>= 4.3) - restriction: || (&& (== net472) (< net45)) (== netcoreapp3.1)
      System.Diagnostics.Debug (>= 4.3) - restriction: || (&& (== net472) (< net45)) (== netcoreapp3.1)
      System.Linq (>= 4.3) - restriction: || (&& (== net472) (< net45)) (== netcoreapp3.1)
      System.Linq.Expressions (>= 4.3) - restriction: || (&& (== net472) (< net45)) (== netcoreapp3.1)
      System.ObjectModel (>= 4.3) - restriction: || (&& (== net472) (< net45)) (== netcoreapp3.1)
      System.Reflection (>= 4.3) - restriction: || (&& (== net472) (< net45)) (== netcoreapp3.1)
      System.Reflection.Emit (>= 4.3) - restriction: || (&& (== net472) (< net45)) (== netcoreapp3.1)
      System.Reflection.Emit.ILGeneration (>= 4.3) - restriction: || (&& (== net472) (< net45)) (== netcoreapp3.1)
      System.Reflection.Primitives (>= 4.3) - restriction: || (&& (== net472) (< net45)) (== netcoreapp3.1)
      System.Reflection.TypeExtensions (>= 4.3) - restriction: || (&& (== net472) (< net45)) (== netcoreapp3.1)
      System.Resources.ResourceManager (>= 4.3) - restriction: || (&& (== net472) (< net45)) (== netcoreapp3.1)
      System.Runtime (>= 4.3) - restriction: || (&& (== net472) (< net45)) (== netcoreapp3.1)
      System.Runtime.Extensions (>= 4.3) - restriction: || (&& (== net472) (< net45)) (== netcoreapp3.1)
      System.Threading (>= 4.3) - restriction: || (&& (== net472) (< net45)) (== netcoreapp3.1)
    System.Globalization (4.3) - restriction: || (&& (== net472) (< net45)) (== netcoreapp3.1)
      Microsoft.NETCore.Platforms (>= 1.1) - restriction: || (&& (== net472) (< net45)) (== netcoreapp3.1)
      Microsoft.NETCore.Targets (>= 1.1) - restriction: || (&& (== net472) (< net45)) (== netcoreapp3.1)
      System.Runtime (>= 4.3) - restriction: || (&& (== net472) (< net45)) (== netcoreapp3.1)
    System.Globalization.Calendars (4.3) - restriction: || (&& (== net472) (< net46)) (== netcoreapp3.1)
      Microsoft.NETCore.Platforms (>= 1.1) - restriction: || (&& (== net472) (< net46)) (== netcoreapp3.1)
      Microsoft.NETCore.Targets (>= 1.1) - restriction: || (&& (== net472) (< net46)) (== netcoreapp3.1)
      System.Globalization (>= 4.3) - restriction: || (&& (== net472) (< net46)) (== netcoreapp3.1)
      System.Runtime (>= 4.3) - restriction: || (&& (== net472) (< net46)) (== netcoreapp3.1)
    System.Globalization.Extensions (4.3) - restriction: || (&& (== net472) (< net45)) (== netcoreapp3.1)
      Microsoft.NETCore.Platforms (>= 1.1) - restriction: || (&& (== net472) (< net46)) (== netcoreapp3.1)
      System.Globalization (>= 4.3) - restriction: || (&& (== net472) (< net46)) (== netcoreapp3.1)
      System.Resources.ResourceManager (>= 4.3) - restriction: || (&& (== net472) (< net46)) (== netcoreapp3.1)
      System.Runtime (>= 4.3) - restriction: || (&& (== net472) (< net46)) (== netcoreapp3.1)
      System.Runtime.Extensions (>= 4.3) - restriction: || (&& (== net472) (< net46)) (== netcoreapp3.1)
      System.Runtime.InteropServices (>= 4.3) - restriction: || (&& (== net472) (< net46)) (== netcoreapp3.1)
    System.IdentityModel.Tokens.Jwt (5.6) - restriction: || (&& (== net472) (>= netcoreapp3.1)) (== netcoreapp3.1)
      Microsoft.IdentityModel.JsonWebTokens (>= 5.6)
      Microsoft.IdentityModel.Tokens (>= 5.6)
      Newtonsoft.Json (>= 10.0.1)
    System.IO (4.3) - restriction: || (&& (== net472) (< net45)) (== netcoreapp3.1)
      Microsoft.NETCore.Platforms (>= 1.1) - restriction: || (&& (== net472) (< net45)) (== netcoreapp3.1)
      Microsoft.NETCore.Targets (>= 1.1) - restriction: || (&& (== net472) (< net45)) (== netcoreapp3.1)
      System.Runtime (>= 4.3) - restriction: || (&& (== net472) (< net45)) (== netcoreapp3.1)
      System.Text.Encoding (>= 4.3) - restriction: || (&& (== net472) (< net45)) (== netcoreapp3.1)
      System.Threading.Tasks (>= 4.3) - restriction: || (&& (== net472) (< net45)) (== netcoreapp3.1)
    System.IO.FileSystem (4.3) - restriction: || (&& (== net472) (< net45)) (== netcoreapp3.1)
      Microsoft.NETCore.Platforms (>= 1.1) - restriction: || (&& (== net472) (< net46)) (== netcoreapp3.1)
      Microsoft.NETCore.Targets (>= 1.1) - restriction: || (&& (== net472) (< net46)) (== netcoreapp3.1)
      System.IO (>= 4.3) - restriction: || (&& (== net472) (< net46)) (== netcoreapp3.1)
      System.IO.FileSystem.Primitives (>= 4.3)
      System.Runtime (>= 4.3) - restriction: || (&& (== net472) (< net46)) (== netcoreapp3.1)
      System.Runtime.Handles (>= 4.3) - restriction: || (&& (== net472) (< net46)) (== netcoreapp3.1)
      System.Text.Encoding (>= 4.3) - restriction: || (&& (== net472) (< net46)) (== netcoreapp3.1)
      System.Threading.Tasks (>= 4.3) - restriction: || (&& (== net472) (< net46)) (== netcoreapp3.1)
    System.IO.FileSystem.Primitives (4.3) - restriction: || (&& (== net472) (< net46)) (== netcoreapp3.1)
      System.Runtime (>= 4.3) - restriction: || (&& (== net472) (< net46)) (== netcoreapp3.1)
    System.IO.FileSystem.Watcher (4.3)
      Microsoft.NETCore.Platforms (>= 1.1) - restriction: || (&& (== net472) (< net46)) (== netcoreapp3.1)
      Microsoft.Win32.Primitives (>= 4.3) - restriction: || (&& (== net472) (< net46)) (== netcoreapp3.1)
      runtime.native.System (>= 4.3) - restriction: || (&& (== net472) (< net46)) (== netcoreapp3.1)
      System.Collections (>= 4.3) - restriction: || (&& (== net472) (< net46)) (== netcoreapp3.1)
      System.IO.FileSystem (>= 4.3) - restriction: || (&& (== net472) (< net46)) (== netcoreapp3.1)
      System.IO.FileSystem.Primitives (>= 4.3) - restriction: || (&& (== net472) (< net46)) (== netcoreapp3.1)
      System.Resources.ResourceManager (>= 4.3) - restriction: || (&& (== net472) (< net46)) (== netcoreapp3.1)
      System.Runtime (>= 4.3) - restriction: || (&& (== net472) (< net46)) (== netcoreapp3.1)
      System.Runtime.Extensions (>= 4.3) - restriction: || (&& (== net472) (< net46)) (== netcoreapp3.1)
      System.Runtime.Handles (>= 4.3) - restriction: || (&& (== net472) (< net46)) (== netcoreapp3.1)
      System.Runtime.InteropServices (>= 4.3) - restriction: || (&& (== net472) (< net46)) (== netcoreapp3.1)
      System.Text.Encoding (>= 4.3) - restriction: || (&& (== net472) (< net46)) (== netcoreapp3.1)
      System.Threading (>= 4.3) - restriction: || (&& (== net472) (< net46)) (== netcoreapp3.1)
      System.Threading.Overlapped (>= 4.3) - restriction: || (&& (== net472) (< net46)) (== netcoreapp3.1)
      System.Threading.Tasks (>= 4.3) - restriction: || (&& (== net472) (< net46)) (== netcoreapp3.1)
      System.Threading.Thread (>= 4.3) - restriction: || (&& (== net472) (< net46)) (== netcoreapp3.1)
    System.IO.Pipelines (4.7) - restriction: || (&& (== net472) (>= netcoreapp3.1)) (== netcoreapp3.1)
    System.Linq (4.3) - restriction: || (&& (== net472) (>= netcoreapp3.1)) (== netcoreapp3.1)
      System.Collections (>= 4.3) - restriction: || (&& (== net472) (< net45)) (== netcoreapp3.1)
      System.Diagnostics.Debug (>= 4.3) - restriction: || (&& (== net472) (< net45)) (== netcoreapp3.1)
      System.Resources.ResourceManager (>= 4.3) - restriction: || (&& (== net472) (< net45)) (== netcoreapp3.1)
      System.Runtime (>= 4.3) - restriction: || (&& (== net472) (< net45)) (== netcoreapp3.1)
      System.Runtime.Extensions (>= 4.3) - restriction: || (&& (== net472) (< net45)) (== netcoreapp3.1)
    System.Linq.Expressions (4.3) - restriction: || (&& (== net472) (< net35)) (== netcoreapp3.1)
      System.Collections (>= 4.3) - restriction: || (&& (== net472) (< net45)) (== netcoreapp3.1)
      System.Diagnostics.Debug (>= 4.3) - restriction: || (&& (== net472) (< net45)) (== netcoreapp3.1)
      System.Globalization (>= 4.3) - restriction: || (&& (== net472) (< net45)) (== netcoreapp3.1)
      System.IO (>= 4.3) - restriction: || (&& (== net472) (< net45)) (== netcoreapp3.1)
      System.Linq (>= 4.3) - restriction: || (&& (== net472) (< net45)) (== netcoreapp3.1)
      System.ObjectModel (>= 4.3) - restriction: || (&& (== net472) (< net45)) (== netcoreapp3.1)
      System.Reflection (>= 4.3) - restriction: || (&& (== net472) (< net45)) (== netcoreapp3.1)
      System.Reflection.Emit (>= 4.3) - restriction: || (&& (== net472) (< net45)) (== netcoreapp3.1)
      System.Reflection.Emit.ILGeneration (>= 4.3) - restriction: || (&& (== net472) (< net45)) (== netcoreapp3.1)
      System.Reflection.Emit.Lightweight (>= 4.3) - restriction: || (&& (== net472) (< net45)) (== netcoreapp3.1)
      System.Reflection.Extensions (>= 4.3) - restriction: || (&& (== net472) (< net45)) (== netcoreapp3.1)
      System.Reflection.Primitives (>= 4.3) - restriction: || (&& (== net472) (< net45)) (== netcoreapp3.1)
      System.Reflection.TypeExtensions (>= 4.3) - restriction: || (&& (== net472) (< net45)) (== netcoreapp3.1)
      System.Resources.ResourceManager (>= 4.3) - restriction: || (&& (== net472) (< net45)) (== netcoreapp3.1)
      System.Runtime (>= 4.3) - restriction: || (&& (== net472) (< net45)) (== netcoreapp3.1)
      System.Runtime.Extensions (>= 4.3) - restriction: || (&& (== net472) (< net45)) (== netcoreapp3.1)
      System.Threading (>= 4.3) - restriction: || (&& (== net472) (< net45)) (== netcoreapp3.1)
    System.Linq.Parallel (4.3) - restriction: == netcoreapp3.1
      System.Collections (>= 4.3) - restriction: || (&& (== net472) (< net45)) (== netcoreapp3.1)
      System.Collections.Concurrent (>= 4.3) - restriction: || (&& (== net472) (< net45)) (== netcoreapp3.1)
      System.Diagnostics.Debug (>= 4.3) - restriction: || (&& (== net472) (< net45)) (== netcoreapp3.1)
      System.Diagnostics.Tracing (>= 4.3) - restriction: || (&& (== net472) (< net45)) (== netcoreapp3.1)
      System.Linq (>= 4.3) - restriction: || (&& (== net472) (< net45)) (== netcoreapp3.1)
      System.Resources.ResourceManager (>= 4.3) - restriction: || (&& (== net472) (< net45)) (== netcoreapp3.1)
      System.Runtime (>= 4.3) - restriction: || (&& (== net472) (< net45)) (== netcoreapp3.1)
      System.Runtime.Extensions (>= 4.3) - restriction: || (&& (== net472) (< net45)) (== netcoreapp3.1)
      System.Threading (>= 4.3) - restriction: || (&& (== net472) (< net45)) (== netcoreapp3.1)
      System.Threading.Tasks (>= 4.3) - restriction: || (&& (== net472) (< net45)) (== netcoreapp3.1)
    System.Memory (4.5.3)
      System.Buffers (>= 4.4) - restriction: || (== net472) (&& (== netcoreapp3.1) (>= monotouch)) (&& (== netcoreapp3.1) (>= net461)) (&& (== netcoreapp3.1) (< netcoreapp2.0)) (&& (== netcoreapp3.1) (< netstandard1.1)) (&& (== netcoreapp3.1) (< netstandard2.0)) (&& (== netcoreapp3.1) (>= xamarinios)) (&& (== netcoreapp3.1) (>= xamarinmac)) (&& (== netcoreapp3.1) (>= xamarintvos)) (&& (== netcoreapp3.1) (>= xamarinwatchos))
      System.Numerics.Vectors (>= 4.4) - restriction: || (== net472) (&& (== netcoreapp3.1) (>= net461)) (&& (== netcoreapp3.1) (< netcoreapp2.0))
      System.Runtime.CompilerServices.Unsafe (>= 4.5.2) - restriction: || (== net472) (&& (== netcoreapp3.1) (>= monotouch)) (&& (== netcoreapp3.1) (>= net461)) (&& (== netcoreapp3.1) (< netcoreapp2.0)) (&& (== netcoreapp3.1) (< netcoreapp2.1)) (&& (== netcoreapp3.1) (< netstandard1.1)) (&& (== netcoreapp3.1) (< netstandard2.0)) (&& (== netcoreapp3.1) (>= uap10.1)) (&& (== netcoreapp3.1) (>= xamarinios)) (&& (== netcoreapp3.1) (>= xamarinmac)) (&& (== netcoreapp3.1) (>= xamarintvos)) (&& (== netcoreapp3.1) (>= xamarinwatchos))
    System.Net.Http (4.3.4)
      Microsoft.NETCore.Platforms (>= 1.1.1) - restriction: || (&& (== net472) (< net45)) (== netcoreapp3.1)
      runtime.native.System (>= 4.3) - restriction: || (&& (== net472) (< net45)) (== netcoreapp3.1)
      runtime.native.System.Net.Http (>= 4.3) - restriction: || (&& (== net472) (< net45)) (== netcoreapp3.1)
      runtime.native.System.Security.Cryptography.OpenSsl (>= 4.3.2) - restriction: || (&& (== net472) (< net45)) (== netcoreapp3.1)
      System.Collections (>= 4.3) - restriction: || (&& (== net472) (< net45)) (== netcoreapp3.1)
      System.Diagnostics.Debug (>= 4.3) - restriction: || (&& (== net472) (< net45)) (== netcoreapp3.1)
      System.Diagnostics.DiagnosticSource (>= 4.3) - restriction: || (&& (== net472) (< net45)) (== netcoreapp3.1)
      System.Diagnostics.Tracing (>= 4.3) - restriction: || (&& (== net472) (< net45)) (== netcoreapp3.1)
      System.Globalization (>= 4.3) - restriction: || (&& (== net472) (< net45)) (== netcoreapp3.1)
      System.Globalization.Extensions (>= 4.3) - restriction: || (&& (== net472) (< net45)) (== netcoreapp3.1)
      System.IO (>= 4.3) - restriction: || (&& (== net472) (< net45)) (== netcoreapp3.1)
      System.IO.FileSystem (>= 4.3) - restriction: || (&& (== net472) (< net45)) (== netcoreapp3.1)
      System.Net.Primitives (>= 4.3) - restriction: || (&& (== net472) (< net45)) (== netcoreapp3.1)
      System.Resources.ResourceManager (>= 4.3) - restriction: || (&& (== net472) (< net45)) (== netcoreapp3.1)
      System.Runtime (>= 4.3) - restriction: || (&& (== net472) (< net45)) (== netcoreapp3.1)
      System.Runtime.Extensions (>= 4.3) - restriction: || (&& (== net472) (< net45)) (== netcoreapp3.1)
      System.Runtime.Handles (>= 4.3) - restriction: || (&& (== net472) (< net45)) (== netcoreapp3.1)
      System.Runtime.InteropServices (>= 4.3) - restriction: || (&& (== net472) (< net45)) (== netcoreapp3.1)
      System.Security.Cryptography.Algorithms (>= 4.3) - restriction: || (&& (== net472) (< net45)) (== netcoreapp3.1)
      System.Security.Cryptography.Encoding (>= 4.3) - restriction: || (&& (== net472) (< net45)) (== netcoreapp3.1)
      System.Security.Cryptography.OpenSsl (>= 4.3) - restriction: || (&& (== net472) (< net45)) (== netcoreapp3.1)
      System.Security.Cryptography.Primitives (>= 4.3) - restriction: || (&& (== net472) (< net45)) (== netcoreapp3.1)
      System.Security.Cryptography.X509Certificates (>= 4.3)
      System.Text.Encoding (>= 4.3) - restriction: || (&& (== net472) (< net45)) (== netcoreapp3.1)
      System.Threading (>= 4.3) - restriction: || (&& (== net472) (< net45)) (== netcoreapp3.1)
      System.Threading.Tasks (>= 4.3) - restriction: || (&& (== net472) (< net45)) (== netcoreapp3.1)
    System.Net.NameResolution (4.3) - restriction: || (&& (== net472) (>= netcoreapp3.1)) (== netcoreapp3.1)
      Microsoft.NETCore.Platforms (>= 1.1) - restriction: || (&& (== net472) (< net46)) (== netcoreapp3.1)
      runtime.native.System (>= 4.3) - restriction: || (&& (== net472) (< net46)) (== netcoreapp3.1)
      System.Collections (>= 4.3) - restriction: || (&& (== net472) (< net46)) (== netcoreapp3.1)
      System.Diagnostics.Tracing (>= 4.3) - restriction: || (&& (== net472) (< net46)) (== netcoreapp3.1)
      System.Globalization (>= 4.3) - restriction: || (&& (== net472) (< net46)) (== netcoreapp3.1)
      System.Net.Primitives (>= 4.3) - restriction: || (&& (== net472) (< net46)) (== netcoreapp3.1)
      System.Resources.ResourceManager (>= 4.3) - restriction: || (&& (== net472) (< net46)) (== netcoreapp3.1)
      System.Runtime (>= 4.3) - restriction: || (&& (== net472) (< net46)) (== netcoreapp3.1)
      System.Runtime.Extensions (>= 4.3) - restriction: || (&& (== net472) (< net46)) (== netcoreapp3.1)
      System.Runtime.Handles (>= 4.3) - restriction: || (&& (== net472) (< net46)) (== netcoreapp3.1)
      System.Runtime.InteropServices (>= 4.3) - restriction: || (&& (== net472) (< net46)) (== netcoreapp3.1)
      System.Security.Principal.Windows (>= 4.3) - restriction: || (&& (== net472) (< net46)) (== netcoreapp3.1)
      System.Threading (>= 4.3) - restriction: || (&& (== net472) (< net46)) (== netcoreapp3.1)
      System.Threading.Tasks (>= 4.3) - restriction: || (&& (== net472) (< net46)) (== netcoreapp3.1)
    System.Net.Primitives (4.3.1) - restriction: || (&& (== net472) (< net45)) (== netcoreapp3.1)
      Microsoft.NETCore.Platforms (>= 1.1.1) - restriction: || (&& (== net472) (< net45)) (&& (== net472) (< netstandard1.1)) (== netcoreapp3.1)
      Microsoft.NETCore.Targets (>= 1.1.3) - restriction: || (&& (== net472) (< net45)) (&& (== net472) (< netstandard1.1)) (== netcoreapp3.1)
      System.Runtime (>= 4.3.1) - restriction: || (&& (== net472) (< net45)) (&& (== net472) (< netstandard1.1)) (== netcoreapp3.1)
      System.Runtime.Handles (>= 4.3) - restriction: || (&& (== net472) (< net45)) (== netcoreapp3.1)
    System.Numerics.Vectors (4.5) - restriction: == net472
    System.ObjectModel (4.3) - restriction: || (&& (== net472) (< net35)) (== netcoreapp3.1)
      System.Collections (>= 4.3) - restriction: || (&& (== net472) (< net45)) (== netcoreapp3.1)
      System.Diagnostics.Debug (>= 4.3) - restriction: || (&& (== net472) (< net45)) (== netcoreapp3.1)
      System.Resources.ResourceManager (>= 4.3) - restriction: || (&& (== net472) (< net45)) (== netcoreapp3.1)
      System.Runtime (>= 4.3) - restriction: || (&& (== net472) (< net45)) (== netcoreapp3.1)
      System.Threading (>= 4.3) - restriction: || (&& (== net472) (< net45)) (== netcoreapp3.1)
    System.Private.DataContractSerialization (4.3) - restriction: || (&& (== net472) (>= netcoreapp3.1)) (== netcoreapp3.1)
      System.Collections (>= 4.3) - restriction: || (&& (== net472) (< net46)) (== netcoreapp3.1)
      System.Collections.Concurrent (>= 4.3) - restriction: || (&& (== net472) (< net46)) (== netcoreapp3.1)
      System.Diagnostics.Debug (>= 4.3) - restriction: || (&& (== net472) (< net46)) (== netcoreapp3.1)
      System.Globalization (>= 4.3) - restriction: || (&& (== net472) (< net46)) (== netcoreapp3.1)
      System.IO (>= 4.3) - restriction: || (&& (== net472) (< net46)) (== netcoreapp3.1)
      System.Linq (>= 4.3) - restriction: || (&& (== net472) (< net46)) (== netcoreapp3.1)
      System.Reflection (>= 4.3) - restriction: || (&& (== net472) (< net46)) (== netcoreapp3.1)
      System.Reflection.Emit.ILGeneration (>= 4.3) - restriction: || (&& (== net472) (< net46)) (== netcoreapp3.1)
      System.Reflection.Emit.Lightweight (>= 4.3) - restriction: || (&& (== net472) (< net46)) (== netcoreapp3.1)
      System.Reflection.Extensions (>= 4.3) - restriction: || (&& (== net472) (< net46)) (== netcoreapp3.1)
      System.Reflection.Primitives (>= 4.3) - restriction: || (&& (== net472) (< net46)) (== netcoreapp3.1)
      System.Reflection.TypeExtensions (>= 4.3)
      System.Resources.ResourceManager (>= 4.3) - restriction: || (&& (== net472) (< net46)) (== netcoreapp3.1)
      System.Runtime (>= 4.3) - restriction: || (&& (== net472) (< net46)) (== netcoreapp3.1)
      System.Runtime.Extensions (>= 4.3) - restriction: || (&& (== net472) (< net46)) (== netcoreapp3.1)
      System.Runtime.Serialization.Primitives (>= 4.3)
      System.Text.Encoding (>= 4.3) - restriction: || (&& (== net472) (< net46)) (== netcoreapp3.1)
      System.Text.Encoding.Extensions (>= 4.3) - restriction: || (&& (== net472) (< net46)) (== netcoreapp3.1)
      System.Text.RegularExpressions (>= 4.3) - restriction: || (&& (== net472) (< net46)) (== netcoreapp3.1)
      System.Threading (>= 4.3) - restriction: || (&& (== net472) (< net46)) (== netcoreapp3.1)
      System.Threading.Tasks (>= 4.3) - restriction: || (&& (== net472) (< net46)) (== netcoreapp3.1)
      System.Xml.ReaderWriter (>= 4.3) - restriction: || (&& (== net472) (< net46)) (== netcoreapp3.1)
      System.Xml.XDocument (>= 4.3) - restriction: || (&& (== net472) (< net46)) (== netcoreapp3.1)
      System.Xml.XmlDocument (>= 4.3)
      System.Xml.XmlSerializer (>= 4.3) - restriction: || (&& (== net472) (< net46)) (== netcoreapp3.1)
    System.Private.Uri (4.3.2) - restriction: || (&& (== net472) (>= netcoreapp3.1)) (== netcoreapp3.1)
      Microsoft.NETCore.Platforms (>= 1.1.1)
      Microsoft.NETCore.Targets (>= 1.1.3)
    System.Reactive (4.3.2)
    System.Reactive.Compatibility (4.3.2)
      System.Reactive.Core (>= 4.3.2)
      System.Reactive.Experimental (>= 4.3.2) - restriction: || (== net472) (&& (== netcoreapp3.1) (>= net45))
      System.Reactive.Interfaces (>= 4.3.2)
      System.Reactive.Linq (>= 4.3.2)
      System.Reactive.PlatformServices (>= 4.3.2)
      System.Reactive.Providers (>= 4.3.2)
      System.Reactive.Runtime.Remoting (>= 4.3.2) - restriction: || (== net472) (&& (== netcoreapp3.1) (>= net45))
      System.Reactive.Windows.Forms (>= 4.3.2) - restriction: || (== net472) (&& (== netcoreapp3.1) (>= net45))
      System.Reactive.Windows.Threading (>= 4.3.2) - restriction: || (== net472) (&& (== netcoreapp3.1) (>= net45)) (&& (== netcoreapp3.1) (>= uap10.0))
    System.Reactive.Core (4.3.2)
      System.Reactive (>= 4.3.2)
      System.Threading.Tasks.Extensions (>= 4.5.3)
    System.Reactive.Experimental (4.3.2) - restriction: || (== net472) (&& (== netcoreapp3.1) (>= net45))
      System.Reactive (>= 4.3.2) - restriction: || (== net472) (&& (== netcoreapp3.1) (>= net46))
      System.Threading.Tasks.Extensions (>= 4.5.3) - restriction: || (== net472) (&& (== netcoreapp3.1) (>= net46))
    System.Reactive.Interfaces (4.3.2)
      System.Reactive (>= 4.3.2)
      System.Threading.Tasks.Extensions (>= 4.5.3)
    System.Reactive.Linq (4.3.2)
      System.Reactive (>= 4.3.2)
      System.Threading.Tasks.Extensions (>= 4.5.3)
    System.Reactive.PlatformServices (4.3.2)
      System.Reactive (>= 4.3.2)
      System.Threading.Tasks.Extensions (>= 4.5.3)
    System.Reactive.Providers (4.3.2)
      System.Reactive (>= 4.3.2)
      System.Threading.Tasks.Extensions (>= 4.5.3)
    System.Reactive.Runtime.Remoting (4.3.2) - restriction: || (== net472) (&& (== netcoreapp3.1) (>= net45))
      System.Reactive (>= 4.3.2) - restriction: || (== net472) (&& (== netcoreapp3.1) (>= net46))
      System.Threading.Tasks.Extensions (>= 4.5.3) - restriction: || (== net472) (&& (== netcoreapp3.1) (>= net46))
    System.Reactive.Windows.Forms (4.3.2) - restriction: || (== net472) (&& (== netcoreapp3.1) (>= net45))
      System.Reactive (>= 4.3.2) - restriction: || (== net472) (&& (== netcoreapp3.1) (>= net46))
      System.Threading.Tasks.Extensions (>= 4.5.3) - restriction: || (== net472) (&& (== netcoreapp3.1) (>= net46))
    System.Reactive.Windows.Threading (4.3.2) - restriction: || (== net472) (&& (== netcoreapp3.1) (>= net45)) (&& (== netcoreapp3.1) (>= uap10.0))
      System.Reactive (>= 4.3.2) - restriction: || (== net472) (&& (== netcoreapp3.1) (>= net46)) (&& (== netcoreapp3.1) (>= uap10.0))
      System.Threading.Tasks.Extensions (>= 4.5.3) - restriction: || (== net472) (&& (== netcoreapp3.1) (>= net46)) (&& (== netcoreapp3.1) (>= uap10.0))
    System.Reflection (4.3) - restriction: || (&& (== net472) (>= netcoreapp3.1)) (== netcoreapp3.1)
      Microsoft.NETCore.Platforms (>= 1.1) - restriction: || (&& (== net472) (< net45)) (== netcoreapp3.1)
      Microsoft.NETCore.Targets (>= 1.1) - restriction: || (&& (== net472) (< net45)) (== netcoreapp3.1)
      System.IO (>= 4.3) - restriction: || (&& (== net472) (< net45)) (== netcoreapp3.1)
      System.Reflection.Primitives (>= 4.3) - restriction: || (&& (== net472) (< net45)) (== netcoreapp3.1)
      System.Runtime (>= 4.3) - restriction: || (&& (== net472) (< net45)) (== netcoreapp3.1)
    System.Reflection.Emit (4.7) - restriction: || (&& (== net472) (< net35)) (== netcoreapp3.1)
    System.Reflection.Emit.ILGeneration (4.7) - restriction: || (&& (== net472) (< net35)) (== netcoreapp3.1)
    System.Reflection.Emit.Lightweight (4.7) - restriction: || (&& (== net472) (< net461)) (== netcoreapp3.1)
    System.Reflection.Extensions (4.3) - restriction: || (&& (== net472) (< net35)) (== netcoreapp3.1)
      Microsoft.NETCore.Platforms (>= 1.1) - restriction: || (&& (== net472) (< net45)) (== netcoreapp3.1)
      Microsoft.NETCore.Targets (>= 1.1) - restriction: || (&& (== net472) (< net45)) (== netcoreapp3.1)
      System.Reflection (>= 4.3) - restriction: || (&& (== net472) (< net45)) (== netcoreapp3.1)
      System.Runtime (>= 4.3) - restriction: || (&& (== net472) (< net45)) (== netcoreapp3.1)
    System.Reflection.Metadata (1.8) - restriction: || (&& (== net472) (>= netcoreapp3.1)) (== netcoreapp3.1)
    System.Reflection.Primitives (4.3) - restriction: || (&& (== net472) (>= netcoreapp3.1)) (== netcoreapp3.1)
      Microsoft.NETCore.Platforms (>= 1.1) - restriction: || (&& (== net472) (< net45)) (== netcoreapp3.1)
      Microsoft.NETCore.Targets (>= 1.1) - restriction: || (&& (== net472) (< net45)) (== netcoreapp3.1)
      System.Runtime (>= 4.3) - restriction: || (&& (== net472) (< net45)) (== netcoreapp3.1)
    System.Reflection.TypeExtensions (4.7) - restriction: || (&& (== net472) (< net45)) (== netcoreapp3.1)
    System.Resources.Extensions (4.7)
      System.Memory (>= 4.5.3) - restriction: || (== net472) (&& (== netcoreapp3.1) (< netcoreapp2.1))
    System.Resources.ResourceManager (4.3) - restriction: || (&& (== net472) (< net45)) (== netcoreapp3.1)
      Microsoft.NETCore.Platforms (>= 1.1) - restriction: || (&& (== net472) (< net45)) (== netcoreapp3.1)
      Microsoft.NETCore.Targets (>= 1.1) - restriction: || (&& (== net472) (< net45)) (== netcoreapp3.1)
      System.Globalization (>= 4.3) - restriction: || (&& (== net472) (< net45)) (== netcoreapp3.1)
      System.Reflection (>= 4.3) - restriction: || (&& (== net472) (< net45)) (== netcoreapp3.1)
      System.Runtime (>= 4.3) - restriction: || (&& (== net472) (< net45)) (== netcoreapp3.1)
    System.Resources.Writer (4.3) - restriction: == netcoreapp3.1
      System.Collections (>= 4.3) - restriction: || (&& (== net472) (< net46)) (== netcoreapp3.1)
      System.IO (>= 4.3) - restriction: || (&& (== net472) (< net46)) (== netcoreapp3.1)
      System.Resources.ResourceManager (>= 4.3) - restriction: || (&& (== net472) (< net46)) (== netcoreapp3.1)
      System.Runtime (>= 4.3) - restriction: || (&& (== net472) (< net46)) (== netcoreapp3.1)
      System.Runtime.Extensions (>= 4.3) - restriction: || (&& (== net472) (< net46)) (== netcoreapp3.1)
      System.Text.Encoding (>= 4.3) - restriction: || (&& (== net472) (< net46)) (== netcoreapp3.1)
    System.Runtime (4.3.1) - restriction: || (&& (== net472) (>= netcoreapp3.1)) (== netcoreapp3.1)
      Microsoft.NETCore.Platforms (>= 1.1.1) - restriction: || (&& (== net472) (< net45)) (== netcoreapp3.1)
      Microsoft.NETCore.Targets (>= 1.1.3) - restriction: || (&& (== net472) (< net45)) (== netcoreapp3.1)
    System.Runtime.Caching (4.7) - restriction: || (&& (== net472) (>= netcoreapp3.1)) (== netcoreapp3.1)
      System.Configuration.ConfigurationManager (>= 4.7) - restriction: || (&& (== net472) (< net45)) (== netcoreapp3.1)
    System.Runtime.CompilerServices.Unsafe (4.7) - restriction: == net472
    System.Runtime.Extensions (4.3.1) - restriction: || (&& (== net472) (< net45)) (== netcoreapp3.1)
      Microsoft.NETCore.Platforms (>= 1.1.1) - restriction: || (&& (== net472) (< net45)) (== netcoreapp3.1)
      Microsoft.NETCore.Targets (>= 1.1.3) - restriction: || (&& (== net472) (< net45)) (== netcoreapp3.1)
      System.Runtime (>= 4.3.1) - restriction: || (&& (== net472) (< net45)) (== netcoreapp3.1)
    System.Runtime.Handles (4.3) - restriction: || (&& (== net472) (< net45)) (== netcoreapp3.1)
      Microsoft.NETCore.Platforms (>= 1.1) - restriction: || (&& (== net472) (< net46)) (== netcoreapp3.1)
      Microsoft.NETCore.Targets (>= 1.1) - restriction: || (&& (== net472) (< net46)) (== netcoreapp3.1)
      System.Runtime (>= 4.3) - restriction: || (&& (== net472) (< net46)) (== netcoreapp3.1)
    System.Runtime.InteropServices (4.3) - restriction: || (&& (== net472) (< net45)) (== netcoreapp3.1)
      Microsoft.NETCore.Platforms (>= 1.1) - restriction: || (&& (== net472) (< net45)) (&& (== net472) (>= netcoreapp1.1)) (== netcoreapp3.1)
      Microsoft.NETCore.Targets (>= 1.1) - restriction: || (&& (== net472) (< net45)) (&& (== net472) (>= netcoreapp1.1)) (== netcoreapp3.1)
      System.Reflection (>= 4.3) - restriction: || (&& (== net472) (< net45)) (&& (== net472) (>= netcoreapp1.1)) (== netcoreapp3.1)
      System.Reflection.Primitives (>= 4.3) - restriction: || (&& (== net472) (< net45)) (&& (== net472) (>= netcoreapp1.1)) (== netcoreapp3.1)
      System.Runtime (>= 4.3)
      System.Runtime.Handles (>= 4.3) - restriction: || (&& (== net472) (< net45)) (&& (== net472) (>= netcoreapp1.1)) (== netcoreapp3.1)
    System.Runtime.InteropServices.RuntimeInformation (4.3) - restriction: || (&& (== net472) (>= netcoreapp3.1)) (== netcoreapp3.1)
      runtime.native.System (>= 4.3) - restriction: || (&& (== net472) (< net45)) (== netcoreapp3.1)
      System.Reflection (>= 4.3) - restriction: || (&& (== net472) (< net45)) (== netcoreapp3.1)
      System.Reflection.Extensions (>= 4.3) - restriction: || (&& (== net472) (< net45)) (== netcoreapp3.1)
      System.Resources.ResourceManager (>= 4.3) - restriction: || (&& (== net472) (< net45)) (== netcoreapp3.1)
      System.Runtime (>= 4.3) - restriction: || (&& (== net472) (< net45)) (== netcoreapp3.1)
      System.Runtime.InteropServices (>= 4.3) - restriction: || (&& (== net472) (< net45)) (== netcoreapp3.1)
      System.Threading (>= 4.3) - restriction: || (&& (== net472) (< net45)) (== netcoreapp3.1)
    System.Runtime.Loader (4.3) - restriction: || (&& (== net472) (>= netcoreapp2.1)) (== netcoreapp3.1)
      System.IO (>= 4.3) - restriction: || (&& (== net472) (< net462)) (== netcoreapp3.1)
      System.Reflection (>= 4.3) - restriction: || (&& (== net472) (< net462)) (== netcoreapp3.1)
      System.Runtime (>= 4.3) - restriction: || (&& (== net472) (< net462)) (== netcoreapp3.1)
    System.Runtime.Numerics (4.3)
      System.Globalization (>= 4.3) - restriction: || (&& (== net472) (< net45)) (== netcoreapp3.1)
      System.Resources.ResourceManager (>= 4.3) - restriction: || (&& (== net472) (< net45)) (== netcoreapp3.1)
      System.Runtime (>= 4.3) - restriction: || (&& (== net472) (< net45)) (== netcoreapp3.1)
      System.Runtime.Extensions (>= 4.3) - restriction: || (&& (== net472) (< net45)) (== netcoreapp3.1)
    System.Runtime.Serialization.Formatters (4.3) - restriction: || (&& (== net472) (>= netcoreapp3.1)) (== netcoreapp3.1)
      System.Collections (>= 4.3) - restriction: || (&& (== net472) (< net46)) (== netcoreapp3.1)
      System.Reflection (>= 4.3) - restriction: || (&& (== net472) (< net46)) (== netcoreapp3.1)
      System.Resources.ResourceManager (>= 4.3) - restriction: || (&& (== net472) (< net46)) (== netcoreapp3.1)
      System.Runtime (>= 4.3) - restriction: || (&& (== net472) (< net46)) (== netcoreapp3.1)
      System.Runtime.Serialization.Primitives (>= 4.3)
    System.Runtime.Serialization.Json (4.3) - restriction: || (&& (== net472) (>= netcoreapp3.1)) (== netcoreapp3.1)
      System.IO (>= 4.3) - restriction: || (&& (== net472) (< net45)) (== netcoreapp3.1)
      System.Private.DataContractSerialization (>= 4.3) - restriction: || (&& (== net472) (< net45)) (== netcoreapp3.1)
      System.Runtime (>= 4.3) - restriction: || (&& (== net472) (< net45)) (== netcoreapp3.1)
    System.Runtime.Serialization.Primitives (4.3) - restriction: || (&& (== net472) (>= netcoreapp3.1)) (== netcoreapp3.1)
      System.Resources.ResourceManager (>= 4.3) - restriction: || (&& (== net472) (< net45)) (== netcoreapp3.1)
      System.Runtime (>= 4.3) - restriction: || (&& (== net472) (< net45)) (== netcoreapp3.1)
    System.Security.AccessControl (4.7) - restriction: || (&& (== net472) (>= netstandard2.1)) (== netcoreapp3.1)
      Microsoft.NETCore.Platforms (>= 3.1) - restriction: || (&& (== net472) (>= netcoreapp2.0)) (== netcoreapp3.1)
      System.Security.Principal.Windows (>= 4.7)
    System.Security.Cryptography.Algorithms (4.3.1)
      Microsoft.NETCore.Platforms (>= 1.1) - restriction: || (&& (== net472) (< net46)) (== netcoreapp3.1)
      runtime.native.System.Security.Cryptography.Apple (>= 4.3.1) - restriction: || (&& (== net472) (< net46)) (== netcoreapp3.1)
      runtime.native.System.Security.Cryptography.OpenSsl (>= 4.3.2) - restriction: || (&& (== net472) (< net46)) (== netcoreapp3.1)
      System.Collections (>= 4.3) - restriction: || (&& (== net472) (< net46)) (== netcoreapp3.1)
      System.IO (>= 4.3)
      System.Resources.ResourceManager (>= 4.3) - restriction: || (&& (== net472) (< net46)) (== netcoreapp3.1)
      System.Runtime (>= 4.3)
      System.Runtime.Extensions (>= 4.3) - restriction: || (&& (== net472) (< net46)) (== netcoreapp3.1)
      System.Runtime.Handles (>= 4.3) - restriction: || (&& (== net472) (< net46)) (== netcoreapp3.1)
      System.Runtime.InteropServices (>= 4.3) - restriction: || (&& (== net472) (< net46)) (== netcoreapp3.1)
      System.Runtime.Numerics (>= 4.3) - restriction: || (&& (== net472) (< net46)) (== netcoreapp3.1)
      System.Security.Cryptography.Encoding (>= 4.3)
      System.Security.Cryptography.Primitives (>= 4.3)
      System.Text.Encoding (>= 4.3) - restriction: || (&& (== net472) (< net46)) (== netcoreapp3.1)
    System.Security.Cryptography.Cng (4.7) - restriction: || (&& (== net472) (>= netcoreapp3.1)) (== netcoreapp3.1)
    System.Security.Cryptography.Csp (4.3) - restriction: || (&& (== net472) (< net46)) (== netcoreapp3.1)
      Microsoft.NETCore.Platforms (>= 1.1) - restriction: || (&& (== net472) (< net46)) (== netcoreapp3.1)
      System.IO (>= 4.3) - restriction: || (&& (== net472) (< net46)) (== netcoreapp3.1)
      System.Reflection (>= 4.3) - restriction: || (&& (== net472) (< net46)) (== netcoreapp3.1)
      System.Resources.ResourceManager (>= 4.3) - restriction: || (&& (== net472) (< net46)) (== netcoreapp3.1)
      System.Runtime (>= 4.3) - restriction: || (&& (== net472) (< net46)) (== netcoreapp3.1)
      System.Runtime.Extensions (>= 4.3) - restriction: || (&& (== net472) (< net46)) (== netcoreapp3.1)
      System.Runtime.Handles (>= 4.3) - restriction: || (&& (== net472) (< net46)) (== netcoreapp3.1)
      System.Runtime.InteropServices (>= 4.3) - restriction: || (&& (== net472) (< net46)) (== netcoreapp3.1)
      System.Security.Cryptography.Algorithms (>= 4.3)
      System.Security.Cryptography.Encoding (>= 4.3) - restriction: || (&& (== net472) (< net46)) (== netcoreapp3.1)
      System.Security.Cryptography.Primitives (>= 4.3)
      System.Text.Encoding (>= 4.3) - restriction: || (&& (== net472) (< net46)) (== netcoreapp3.1)
      System.Threading (>= 4.3) - restriction: || (&& (== net472) (< net46)) (== netcoreapp3.1)
    System.Security.Cryptography.Encoding (4.3)
      Microsoft.NETCore.Platforms (>= 1.1) - restriction: || (&& (== net472) (< net46)) (== netcoreapp3.1)
      runtime.native.System.Security.Cryptography.OpenSsl (>= 4.3) - restriction: || (&& (== net472) (< net46)) (== netcoreapp3.1)
      System.Collections (>= 4.3) - restriction: || (&& (== net472) (< net46)) (== netcoreapp3.1)
      System.Collections.Concurrent (>= 4.3) - restriction: || (&& (== net472) (< net46)) (== netcoreapp3.1)
      System.Linq (>= 4.3) - restriction: || (&& (== net472) (< net46)) (== netcoreapp3.1)
      System.Resources.ResourceManager (>= 4.3) - restriction: || (&& (== net472) (< net46)) (== netcoreapp3.1)
      System.Runtime (>= 4.3) - restriction: || (&& (== net472) (< net46)) (== netcoreapp3.1)
      System.Runtime.Extensions (>= 4.3) - restriction: || (&& (== net472) (< net46)) (== netcoreapp3.1)
      System.Runtime.Handles (>= 4.3) - restriction: || (&& (== net472) (< net46)) (== netcoreapp3.1)
      System.Runtime.InteropServices (>= 4.3) - restriction: || (&& (== net472) (< net46)) (== netcoreapp3.1)
      System.Security.Cryptography.Primitives (>= 4.3) - restriction: || (&& (== net472) (< net46)) (== netcoreapp3.1)
      System.Text.Encoding (>= 4.3) - restriction: || (&& (== net472) (< net46)) (== netcoreapp3.1)
    System.Security.Cryptography.OpenSsl (4.7) - restriction: || (&& (== net472) (< net45)) (== netcoreapp3.1)
    System.Security.Cryptography.Primitives (4.3) - restriction: || (&& (== net472) (< net45)) (== netcoreapp3.1)
      System.Diagnostics.Debug (>= 4.3) - restriction: || (&& (== net472) (< net46)) (== netcoreapp3.1)
      System.Globalization (>= 4.3) - restriction: || (&& (== net472) (< net46)) (== netcoreapp3.1)
      System.IO (>= 4.3) - restriction: || (&& (== net472) (< net46)) (== netcoreapp3.1)
      System.Resources.ResourceManager (>= 4.3) - restriction: || (&& (== net472) (< net46)) (== netcoreapp3.1)
      System.Runtime (>= 4.3) - restriction: || (&& (== net472) (< net46)) (== netcoreapp3.1)
      System.Threading (>= 4.3) - restriction: || (&& (== net472) (< net46)) (== netcoreapp3.1)
      System.Threading.Tasks (>= 4.3) - restriction: || (&& (== net472) (< net46)) (== netcoreapp3.1)
    System.Security.Cryptography.ProtectedData (4.7) - restriction: || (&& (== net472) (>= netstandard2.1)) (== netcoreapp3.1)
    System.Security.Cryptography.X509Certificates (4.3.2)
      Microsoft.NETCore.Platforms (>= 1.1) - restriction: || (&& (== net472) (< net46)) (== netcoreapp3.1)
      runtime.native.System (>= 4.3) - restriction: || (&& (== net472) (< net46)) (== netcoreapp3.1)
      runtime.native.System.Net.Http (>= 4.3) - restriction: || (&& (== net472) (< net46)) (== netcoreapp3.1)
      runtime.native.System.Security.Cryptography.OpenSsl (>= 4.3.2) - restriction: || (&& (== net472) (< net46)) (== netcoreapp3.1)
      System.Collections (>= 4.3) - restriction: || (&& (== net472) (< net46)) (== netcoreapp3.1)
      System.Diagnostics.Debug (>= 4.3) - restriction: || (&& (== net472) (< net46)) (== netcoreapp3.1)
      System.Globalization (>= 4.3) - restriction: || (&& (== net472) (< net46)) (== netcoreapp3.1)
      System.Globalization.Calendars (>= 4.3) - restriction: || (&& (== net472) (< net46)) (== netcoreapp3.1)
      System.IO (>= 4.3) - restriction: || (&& (== net472) (< net46)) (== netcoreapp3.1)
      System.IO.FileSystem (>= 4.3) - restriction: || (&& (== net472) (< net46)) (== netcoreapp3.1)
      System.IO.FileSystem.Primitives (>= 4.3) - restriction: || (&& (== net472) (< net46)) (== netcoreapp3.1)
      System.Resources.ResourceManager (>= 4.3) - restriction: || (&& (== net472) (< net46)) (== netcoreapp3.1)
      System.Runtime (>= 4.3) - restriction: || (&& (== net472) (< net46)) (== netcoreapp3.1)
      System.Runtime.Extensions (>= 4.3) - restriction: || (&& (== net472) (< net46)) (== netcoreapp3.1)
      System.Runtime.Handles (>= 4.3) - restriction: || (&& (== net472) (< net46)) (== netcoreapp3.1)
      System.Runtime.InteropServices (>= 4.3) - restriction: || (&& (== net472) (< net46)) (== netcoreapp3.1)
      System.Runtime.Numerics (>= 4.3) - restriction: || (&& (== net472) (< net46)) (== netcoreapp3.1)
      System.Security.Cryptography.Algorithms (>= 4.3)
      System.Security.Cryptography.Cng (>= 4.3) - restriction: || (&& (== net472) (< net46)) (== netcoreapp3.1)
      System.Security.Cryptography.Csp (>= 4.3) - restriction: || (&& (== net472) (< net46)) (== netcoreapp3.1)
      System.Security.Cryptography.Encoding (>= 4.3)
      System.Security.Cryptography.OpenSsl (>= 4.3) - restriction: || (&& (== net472) (< net46)) (== netcoreapp3.1)
      System.Security.Cryptography.Primitives (>= 4.3) - restriction: || (&& (== net472) (< net46)) (== netcoreapp3.1)
      System.Text.Encoding (>= 4.3) - restriction: || (&& (== net472) (< net46)) (== netcoreapp3.1)
      System.Threading (>= 4.3) - restriction: || (&& (== net472) (< net46)) (== netcoreapp3.1)
    System.Security.Permissions (4.7) - restriction: || (&& (== net472) (>= netstandard2.1)) (== netcoreapp3.1)
      System.Security.AccessControl (>= 4.7)
      System.Windows.Extensions (>= 4.7) - restriction: || (&& (== net472) (>= netcoreapp3.0)) (== netcoreapp3.1)
    System.Security.Principal.Windows (4.7) - restriction: || (&& (== net472) (>= netstandard2.1)) (== netcoreapp3.1)
    System.Security.SecureString (4.3) - restriction: || (&& (== net472) (>= netcoreapp3.1)) (== netcoreapp3.1)
      Microsoft.NETCore.Platforms (>= 1.1) - restriction: || (&& (== net472) (< net46)) (== netcoreapp3.1)
      System.Resources.ResourceManager (>= 4.3) - restriction: || (&& (== net472) (< net46)) (== netcoreapp3.1)
      System.Runtime (>= 4.3) - restriction: || (&& (== net472) (< net46)) (== netcoreapp3.1)
      System.Runtime.Handles (>= 4.3) - restriction: || (&& (== net472) (< net46)) (== netcoreapp3.1)
      System.Runtime.InteropServices (>= 4.3) - restriction: || (&& (== net472) (< net46)) (== netcoreapp3.1)
      System.Security.Cryptography.Primitives (>= 4.3) - restriction: || (&& (== net472) (< net46)) (== netcoreapp3.1)
      System.Text.Encoding (>= 4.3) - restriction: || (&& (== net472) (< net46)) (== netcoreapp3.1)
      System.Threading (>= 4.3) - restriction: || (&& (== net472) (< net46)) (== netcoreapp3.1)
    System.Text.Encoding (4.3) - restriction: || (&& (== net472) (< net45)) (== netcoreapp3.1)
      Microsoft.NETCore.Platforms (>= 1.1) - restriction: || (&& (== net472) (< net45)) (== netcoreapp3.1)
      Microsoft.NETCore.Targets (>= 1.1) - restriction: || (&& (== net472) (< net45)) (== netcoreapp3.1)
      System.Runtime (>= 4.3) - restriction: || (&& (== net472) (< net45)) (== netcoreapp3.1)
    System.Text.Encoding.CodePages (4.7) - restriction: || (&& (== net472) (>= netcoreapp3.1)) (== netcoreapp3.1)
      Microsoft.NETCore.Platforms (>= 3.1) - restriction: || (&& (== net472) (>= netcoreapp2.0)) (== netcoreapp3.1)
    System.Text.Encoding.Extensions (4.3) - restriction: || (&& (== net472) (< net46)) (== netcoreapp3.1)
      Microsoft.NETCore.Platforms (>= 1.1) - restriction: || (&& (== net472) (< net45)) (== netcoreapp3.1)
      Microsoft.NETCore.Targets (>= 1.1) - restriction: || (&& (== net472) (< net45)) (== netcoreapp3.1)
      System.Runtime (>= 4.3) - restriction: || (&& (== net472) (< net45)) (== netcoreapp3.1)
      System.Text.Encoding (>= 4.3) - restriction: || (&& (== net472) (< net45)) (== netcoreapp3.1)
    System.Text.Encodings.Web (4.7)
      System.Memory (>= 4.5.3) - restriction: || (== net472) (&& (== netcoreapp3.1) (>= net461)) (&& (== netcoreapp3.1) (< netcoreapp2.1) (< netstandard2.1)) (&& (== netcoreapp3.1) (>= uap10.1))
    System.Text.Json (4.7)
      Microsoft.Bcl.AsyncInterfaces (>= 1.1) - restriction: || (== net472) (&& (== netcoreapp3.1) (>= monoandroid) (< netstandard2.0)) (&& (== netcoreapp3.1) (>= monotouch)) (&& (== netcoreapp3.1) (>= net461)) (&& (== netcoreapp3.1) (< netcoreapp2.0)) (&& (== netcoreapp3.1) (< netcoreapp2.1)) (&& (== netcoreapp3.1) (< netcoreapp3.0)) (&& (== netcoreapp3.1) (>= uap10.1)) (&& (== netcoreapp3.1) (>= xamarinios)) (&& (== netcoreapp3.1) (>= xamarinmac)) (&& (== netcoreapp3.1) (>= xamarintvos)) (&& (== netcoreapp3.1) (>= xamarinwatchos))
      System.Buffers (>= 4.5) - restriction: || (== net472) (&& (== netcoreapp3.1) (>= monoandroid) (< netstandard2.0)) (&& (== netcoreapp3.1) (>= monotouch)) (&& (== netcoreapp3.1) (>= net461)) (&& (== netcoreapp3.1) (< netcoreapp2.0)) (&& (== netcoreapp3.1) (>= xamarinios)) (&& (== netcoreapp3.1) (>= xamarinmac)) (&& (== netcoreapp3.1) (>= xamarintvos)) (&& (== netcoreapp3.1) (>= xamarinwatchos))
      System.Memory (>= 4.5.3) - restriction: || (== net472) (&& (== netcoreapp3.1) (>= net461)) (&& (== netcoreapp3.1) (< netcoreapp2.0)) (&& (== netcoreapp3.1) (< netcoreapp2.1)) (&& (== netcoreapp3.1) (>= uap10.1))
      System.Numerics.Vectors (>= 4.5) - restriction: || (== net472) (&& (== netcoreapp3.1) (>= net461)) (&& (== netcoreapp3.1) (< netcoreapp2.0))
      System.Runtime.CompilerServices.Unsafe (>= 4.7) - restriction: || (== net472) (&& (== netcoreapp3.1) (>= monoandroid) (< netstandard2.0)) (&& (== netcoreapp3.1) (>= monotouch)) (&& (== netcoreapp3.1) (>= net461)) (&& (== netcoreapp3.1) (< netcoreapp2.0)) (&& (== netcoreapp3.1) (< netcoreapp2.1)) (&& (== netcoreapp3.1) (< netcoreapp3.0)) (&& (== netcoreapp3.1) (>= uap10.1)) (&& (== netcoreapp3.1) (>= xamarinios)) (&& (== netcoreapp3.1) (>= xamarinmac)) (&& (== netcoreapp3.1) (>= xamarintvos)) (&& (== netcoreapp3.1) (>= xamarinwatchos))
      System.Text.Encodings.Web (>= 4.7) - restriction: || (== net472) (&& (== netcoreapp3.1) (>= monoandroid) (< netstandard2.0)) (&& (== netcoreapp3.1) (>= monotouch)) (&& (== netcoreapp3.1) (>= net461)) (&& (== netcoreapp3.1) (< netcoreapp2.0)) (&& (== netcoreapp3.1) (< netcoreapp2.1)) (&& (== netcoreapp3.1) (< netcoreapp3.0)) (&& (== netcoreapp3.1) (>= uap10.1)) (&& (== netcoreapp3.1) (>= xamarinios)) (&& (== netcoreapp3.1) (>= xamarinmac)) (&& (== netcoreapp3.1) (>= xamarintvos)) (&& (== netcoreapp3.1) (>= xamarinwatchos))
      System.Threading.Tasks.Extensions (>= 4.5.2) - restriction: || (== net472) (&& (== netcoreapp3.1) (>= net461)) (&& (== netcoreapp3.1) (< netcoreapp2.0)) (&& (== netcoreapp3.1) (< netcoreapp2.1)) (&& (== netcoreapp3.1) (>= uap10.1))
      System.ValueTuple (>= 4.5) - restriction: || (== net472) (&& (== netcoreapp3.1) (>= net461))
    System.Text.RegularExpressions (4.3.1) - restriction: || (&& (== net472) (>= netcoreapp3.1)) (== netcoreapp3.1)
      System.Runtime (>= 4.3.1) - restriction: || (&& (== net472) (< net45)) (&& (== net472) (>= netcoreapp1.1)) (== netcoreapp3.1)
    System.Threading (4.3) - restriction: || (&& (== net472) (< net45)) (== netcoreapp3.1)
      System.Runtime (>= 4.3) - restriction: || (&& (== net472) (< net45)) (== netcoreapp3.1)
      System.Threading.Tasks (>= 4.3) - restriction: || (&& (== net472) (< net45)) (== netcoreapp3.1)
    System.Threading.Overlapped (4.3) - restriction: || (&& (== net472) (< net46)) (== netcoreapp3.1)
      Microsoft.NETCore.Platforms (>= 1.1) - restriction: || (&& (== net472) (< net46)) (== netcoreapp3.1)
      System.Resources.ResourceManager (>= 4.3) - restriction: || (&& (== net472) (< net46)) (== netcoreapp3.1)
      System.Runtime (>= 4.3) - restriction: || (&& (== net472) (< net46)) (== netcoreapp3.1)
      System.Runtime.Handles (>= 4.3) - restriction: || (&& (== net472) (< net46)) (== netcoreapp3.1)
    System.Threading.Tasks (4.3) - restriction: || (&& (== net472) (< net45)) (== netcoreapp3.1)
      Microsoft.NETCore.Platforms (>= 1.1) - restriction: || (&& (== net472) (< net45)) (== netcoreapp3.1)
      Microsoft.NETCore.Targets (>= 1.1) - restriction: || (&& (== net472) (< net45)) (== netcoreapp3.1)
      System.Runtime (>= 4.3) - restriction: || (&& (== net472) (< net45)) (== netcoreapp3.1)
    System.Threading.Tasks.Dataflow (4.11)
    System.Threading.Tasks.Extensions (4.5.3)
      System.Runtime.CompilerServices.Unsafe (>= 4.5.2) - restriction: || (== net472) (&& (== netcoreapp3.1) (>= net45)) (&& (== netcoreapp3.1) (< netcoreapp2.1)) (&& (== netcoreapp3.1) (< netstandard1.0)) (&& (== netcoreapp3.1) (< netstandard2.0)) (&& (== netcoreapp3.1) (>= wp8))
    System.Threading.Thread (4.3) - restriction: || (&& (== net472) (< net46)) (== netcoreapp3.1)
      System.Runtime (>= 4.3) - restriction: || (&& (== net472) (< net46)) (== netcoreapp3.1)
    System.Threading.ThreadPool (4.3) - restriction: || (&& (== net472) (< net46)) (== netcoreapp3.1)
      System.Runtime (>= 4.3) - restriction: || (&& (== net472) (< net46)) (== netcoreapp3.1)
      System.Runtime.Handles (>= 4.3) - restriction: || (&& (== net472) (< net46)) (== netcoreapp3.1)
    System.Threading.Timer (4.3) - restriction: || (&& (== net472) (>= netcoreapp3.1)) (== netcoreapp3.1)
      Microsoft.NETCore.Platforms (>= 1.1) - restriction: || (&& (== net472) (< net451)) (== netcoreapp3.1)
      Microsoft.NETCore.Targets (>= 1.1) - restriction: || (&& (== net472) (< net451)) (== netcoreapp3.1)
      System.Runtime (>= 4.3) - restriction: || (&& (== net472) (< net451)) (== netcoreapp3.1)
    System.ValueTuple (4.5) - restriction: == net472
    System.Windows.Extensions (4.7) - restriction: || (&& (== net472) (>= netcoreapp3.0)) (== netcoreapp3.1)
      System.Drawing.Common (>= 4.7) - restriction: || (&& (== net472) (>= netcoreapp3.0)) (== netcoreapp3.1)
    System.Xml.ReaderWriter (4.3.1) - restriction: || (&& (== net472) (< net462)) (&& (== net472) (>= netcoreapp3.1)) (== netcoreapp3.1)
      System.Collections (>= 4.3) - restriction: || (&& (== net472) (< net45)) (== netcoreapp3.1)
      System.Diagnostics.Debug (>= 4.3) - restriction: || (&& (== net472) (< net45)) (== netcoreapp3.1)
      System.Globalization (>= 4.3) - restriction: || (&& (== net472) (< net45)) (== netcoreapp3.1)
      System.IO (>= 4.3) - restriction: || (&& (== net472) (< net45)) (== netcoreapp3.1)
      System.IO.FileSystem (>= 4.3) - restriction: || (&& (== net472) (< net45)) (== netcoreapp3.1)
      System.IO.FileSystem.Primitives (>= 4.3) - restriction: || (&& (== net472) (< net45)) (== netcoreapp3.1)
      System.Resources.ResourceManager (>= 4.3) - restriction: || (&& (== net472) (< net45)) (== netcoreapp3.1)
      System.Runtime (>= 4.3) - restriction: || (&& (== net472) (< net45)) (== netcoreapp3.1)
      System.Runtime.Extensions (>= 4.3) - restriction: || (&& (== net472) (< net45)) (== netcoreapp3.1)
      System.Runtime.InteropServices (>= 4.3) - restriction: || (&& (== net472) (< net45)) (== netcoreapp3.1)
      System.Text.Encoding (>= 4.3) - restriction: || (&& (== net472) (< net45)) (== netcoreapp3.1)
      System.Text.Encoding.Extensions (>= 4.3) - restriction: || (&& (== net472) (< net45)) (== netcoreapp3.1)
      System.Text.RegularExpressions (>= 4.3) - restriction: || (&& (== net472) (< net45)) (== netcoreapp3.1)
      System.Threading.Tasks (>= 4.3) - restriction: || (&& (== net472) (< net45)) (== netcoreapp3.1)
      System.Threading.Tasks.Extensions (>= 4.3) - restriction: || (&& (== net472) (< net45)) (== netcoreapp3.1)
    System.Xml.XDocument (4.3) - restriction: || (&& (== net472) (>= netcoreapp3.1)) (== netcoreapp3.1)
      System.Collections (>= 4.3) - restriction: || (&& (== net472) (< net45)) (== netcoreapp3.1)
      System.Diagnostics.Debug (>= 4.3) - restriction: || (&& (== net472) (< net45)) (== netcoreapp3.1)
      System.Diagnostics.Tools (>= 4.3) - restriction: || (&& (== net472) (< net45)) (== netcoreapp3.1)
      System.Globalization (>= 4.3) - restriction: || (&& (== net472) (< net45)) (== netcoreapp3.1)
      System.IO (>= 4.3) - restriction: || (&& (== net472) (< net45)) (== netcoreapp3.1)
      System.Reflection (>= 4.3) - restriction: || (&& (== net472) (< net45)) (== netcoreapp3.1)
      System.Resources.ResourceManager (>= 4.3) - restriction: || (&& (== net472) (< net45)) (== netcoreapp3.1)
      System.Runtime (>= 4.3) - restriction: || (&& (== net472) (< net45)) (== netcoreapp3.1)
      System.Runtime.Extensions (>= 4.3) - restriction: || (&& (== net472) (< net45)) (== netcoreapp3.1)
      System.Text.Encoding (>= 4.3) - restriction: || (&& (== net472) (< net45)) (== netcoreapp3.1)
      System.Threading (>= 4.3) - restriction: || (&& (== net472) (< net45)) (== netcoreapp3.1)
      System.Xml.ReaderWriter (>= 4.3) - restriction: || (&& (== net472) (< net45)) (== netcoreapp3.1)
    System.Xml.XmlDocument (4.3)
      System.Collections (>= 4.3) - restriction: || (&& (== net472) (< net46)) (== netcoreapp3.1)
      System.Diagnostics.Debug (>= 4.3) - restriction: || (&& (== net472) (< net46)) (== netcoreapp3.1)
      System.Globalization (>= 4.3) - restriction: || (&& (== net472) (< net46)) (== netcoreapp3.1)
      System.IO (>= 4.3) - restriction: || (&& (== net472) (< net46)) (== netcoreapp3.1)
      System.Resources.ResourceManager (>= 4.3) - restriction: || (&& (== net472) (< net46)) (== netcoreapp3.1)
      System.Runtime (>= 4.3) - restriction: || (&& (== net472) (< net46)) (== netcoreapp3.1)
      System.Runtime.Extensions (>= 4.3) - restriction: || (&& (== net472) (< net46)) (== netcoreapp3.1)
      System.Text.Encoding (>= 4.3) - restriction: || (&& (== net472) (< net46)) (== netcoreapp3.1)
      System.Threading (>= 4.3) - restriction: || (&& (== net472) (< net46)) (== netcoreapp3.1)
      System.Xml.ReaderWriter (>= 4.3) - restriction: || (&& (== net472) (< net46)) (== netcoreapp3.1)
    System.Xml.XmlSerializer (4.3) - restriction: || (&& (== net472) (>= netcoreapp3.1)) (== netcoreapp3.1)
      System.Collections (>= 4.3) - restriction: || (&& (== net472) (< net45)) (== netcoreapp3.1)
      System.Globalization (>= 4.3) - restriction: || (&& (== net472) (< net45)) (== netcoreapp3.1)
      System.IO (>= 4.3) - restriction: || (&& (== net472) (< net45)) (== netcoreapp3.1)
      System.Linq (>= 4.3) - restriction: || (&& (== net472) (< net45)) (== netcoreapp3.1)
      System.Reflection (>= 4.3) - restriction: || (&& (== net472) (< net45)) (== netcoreapp3.1)
      System.Reflection.Emit (>= 4.3) - restriction: || (&& (== net472) (< net45)) (== netcoreapp3.1)
      System.Reflection.Emit.ILGeneration (>= 4.3) - restriction: || (&& (== net472) (< net45)) (== netcoreapp3.1)
      System.Reflection.Extensions (>= 4.3) - restriction: || (&& (== net472) (< net45)) (== netcoreapp3.1)
      System.Reflection.Primitives (>= 4.3) - restriction: || (&& (== net472) (< net45)) (== netcoreapp3.1)
      System.Reflection.TypeExtensions (>= 4.3) - restriction: || (&& (== net472) (< net45)) (== netcoreapp3.1)
      System.Resources.ResourceManager (>= 4.3) - restriction: || (&& (== net472) (< net45)) (== netcoreapp3.1)
      System.Runtime (>= 4.3) - restriction: || (&& (== net472) (< net45)) (== netcoreapp3.1)
      System.Runtime.Extensions (>= 4.3) - restriction: || (&& (== net472) (< net45)) (== netcoreapp3.1)
      System.Text.RegularExpressions (>= 4.3) - restriction: || (&& (== net472) (< net45)) (== netcoreapp3.1)
      System.Threading (>= 4.3) - restriction: || (&& (== net472) (< net45)) (== netcoreapp3.1)
      System.Xml.ReaderWriter (>= 4.3) - restriction: || (&& (== net472) (< net45)) (== netcoreapp3.1)
      System.Xml.XmlDocument (>= 4.3) - restriction: || (&& (== net472) (< net45)) (== netcoreapp3.1)
    System.Xml.XPath (4.3)
      System.Collections (>= 4.3) - restriction: || (&& (== net472) (< net46)) (== netcoreapp3.1)
      System.Diagnostics.Debug (>= 4.3) - restriction: || (&& (== net472) (< net46)) (== netcoreapp3.1)
      System.Globalization (>= 4.3) - restriction: || (&& (== net472) (< net46)) (== netcoreapp3.1)
      System.IO (>= 4.3) - restriction: || (&& (== net472) (< net46)) (== netcoreapp3.1)
      System.Resources.ResourceManager (>= 4.3) - restriction: || (&& (== net472) (< net46)) (== netcoreapp3.1)
      System.Runtime (>= 4.3) - restriction: || (&& (== net472) (< net46)) (== netcoreapp3.1)
      System.Runtime.Extensions (>= 4.3) - restriction: || (&& (== net472) (< net46)) (== netcoreapp3.1)
      System.Threading (>= 4.3) - restriction: || (&& (== net472) (< net46)) (== netcoreapp3.1)
      System.Xml.ReaderWriter (>= 4.3) - restriction: || (&& (== net472) (< net46)) (== netcoreapp3.1)
    System.Xml.XPath.XDocument (4.3)
      System.Diagnostics.Debug (>= 4.3) - restriction: || (&& (== net472) (< net46)) (== netcoreapp3.1)
      System.Linq (>= 4.3) - restriction: || (&& (== net472) (< net46)) (== netcoreapp3.1)
      System.Resources.ResourceManager (>= 4.3) - restriction: || (&& (== net472) (< net46)) (== netcoreapp3.1)
      System.Runtime (>= 4.3) - restriction: || (&& (== net472) (< net46)) (== netcoreapp3.1)
      System.Runtime.Extensions (>= 4.3) - restriction: || (&& (== net472) (< net46)) (== netcoreapp3.1)
      System.Threading (>= 4.3) - restriction: || (&& (== net472) (< net46)) (== netcoreapp3.1)
      System.Xml.ReaderWriter (>= 4.3) - restriction: || (&& (== net472) (< net46)) (== netcoreapp3.1)
      System.Xml.XDocument (>= 4.3) - restriction: || (&& (== net472) (< net46)) (== netcoreapp3.1)
      System.Xml.XPath (>= 4.3)
    System.Xml.XPath.XmlDocument (4.3)
      System.Collections (>= 4.3) - restriction: || (&& (== net472) (< net46)) (== netcoreapp3.1)
      System.Globalization (>= 4.3) - restriction: || (&& (== net472) (< net46)) (== netcoreapp3.1)
      System.IO (>= 4.3) - restriction: || (&& (== net472) (< net46)) (== netcoreapp3.1)
      System.Resources.ResourceManager (>= 4.3) - restriction: || (&& (== net472) (< net46)) (== netcoreapp3.1)
      System.Runtime (>= 4.3) - restriction: || (&& (== net472) (< net46)) (== netcoreapp3.1)
      System.Runtime.Extensions (>= 4.3) - restriction: || (&& (== net472) (< net46)) (== netcoreapp3.1)
      System.Threading (>= 4.3) - restriction: || (&& (== net472) (< net46)) (== netcoreapp3.1)
      System.Xml.ReaderWriter (>= 4.3) - restriction: || (&& (== net472) (< net46)) (== netcoreapp3.1)
      System.Xml.XmlDocument (>= 4.3)
      System.Xml.XPath (>= 4.3)
    xunit (2.4.1)
      xunit.analyzers (>= 0.10)
      xunit.assert (2.4.1)
      xunit.core (2.4.1)
    xunit.abstractions (2.0.3)
    xunit.analyzers (0.10)
    xunit.assert (2.4.1)
      NETStandard.Library (>= 1.6.1) - restriction: || (&& (== net472) (< net452)) (== netcoreapp3.1)
    xunit.categories (2.0.4)
      xunit (>= 2.3.1)
    xunit.core (2.4.1)
      xunit.extensibility.core (2.4.1)
      xunit.extensibility.execution (2.4.1)
    xunit.extensibility.core (2.4.1)
      NETStandard.Library (>= 1.6.1) - restriction: || (&& (== net472) (< net452)) (== netcoreapp3.1)
      xunit.abstractions (>= 2.0.3)
    xunit.extensibility.execution (2.4.1)
      NETStandard.Library (>= 1.6.1) - restriction: || (&& (== net472) (< net452)) (== netcoreapp3.1)
      xunit.extensibility.core (2.4.1)
    xunit.runner.visualstudio (2.4.1)
      Microsoft.NET.Test.Sdk (>= 15.0) - restriction: || (&& (== net472) (>= netcoreapp1.0)) (== netcoreapp3.1)
