RESTRICTION: || (== net472) (== net6.0)
NUGET
  remote: https://api.nuget.org/v3/index.json
    AspNetCore.HealthChecks.SqlServer (6.0.2)
      Microsoft.Data.SqlClient (>= 3.0.1)
      Microsoft.Extensions.Diagnostics.HealthChecks (>= 6.0)
    AsyncEnumerator (4.0.2)
      Microsoft.Bcl.AsyncInterfaces (>= 1.0) - restriction: || (== net472) (&& (== net6.0) (>= net461)) (&& (== net6.0) (< netstandard2.1))
      System.Threading.Tasks.Extensions (>= 4.5.2) - restriction: || (== net472) (&& (== net6.0) (>= net461)) (&& (== net6.0) (< netstandard2.1))
    Autofac (6.3) - restriction: || (&& (== net472) (>= net6.0)) (== net6.0)
      System.Diagnostics.DiagnosticSource (>= 4.7.1)
    Autofac.Extensions.DependencyInjection (7.2) - restriction: || (&& (== net472) (>= net6.0)) (== net6.0)
      Autofac (>= 6.0)
      Microsoft.Extensions.DependencyInjection.Abstractions (>= 6.0) - restriction: || (&& (== net472) (>= net6.0)) (== net6.0)
    AutoFixture (4.17)
      Fare (>= 2.1.1 < 3.0)
      System.ComponentModel.Annotations (>= 4.3) - restriction: || (&& (== net472) (< net452)) (== net6.0)
    AutoFixture.Xunit2 (4.17)
      AutoFixture (>= 4.17)
      xunit.extensibility.core (>= 2.0 < 3.0) - restriction: || (== net472) (&& (== net6.0) (>= net452))
      xunit.extensibility.core (>= 2.2 < 3.0) - restriction: || (&& (== net472) (< net452)) (== net6.0)
    AWSSDK.Core (3.7.10.1) - restriction: || (&& (== net472) (>= net6.0)) (== net6.0)
    AWSSDK.DynamoDBv2 (3.7.3.16) - restriction: || (&& (== net472) (>= net6.0)) (== net6.0)
      AWSSDK.Core (>= 3.7.10.1 < 4.0)
    Azure.Core (1.23) - restriction: || (&& (== net472) (>= net6.0)) (== net6.0)
      Microsoft.Bcl.AsyncInterfaces (>= 1.1.1)
      System.Diagnostics.DiagnosticSource (>= 4.6)
      System.Memory.Data (>= 1.0.2)
      System.Numerics.Vectors (>= 4.5)
      System.Text.Encodings.Web (>= 4.7.2)
      System.Text.Json (>= 4.7.2)
      System.Threading.Tasks.Extensions (>= 4.5.4)
    Azure.Identity (1.5) - restriction: || (&& (== net472) (>= net6.0)) (== net6.0)
      Azure.Core (>= 1.20)
      Microsoft.Identity.Client (>= 4.30.1)
      Microsoft.Identity.Client.Extensions.Msal (>= 2.18.4)
      System.Memory (>= 4.5.4)
      System.Security.Cryptography.ProtectedData (>= 4.5)
      System.Text.Json (>= 4.6)
      System.Threading.Tasks.Extensions (>= 4.5.4)
    Be.Vlaanderen.Basisregisters.AggregateSource (6.0)
      Be.Vlaanderen.Basisregisters.Utilities.HashCodeCalculator (>= 3.0) - restriction: || (&& (== net472) (>= net6.0)) (== net6.0)
      Be.Vlaanderen.Basisregisters.Utilities.HexByteConvertor (>= 3.0) - restriction: || (&& (== net472) (>= net6.0)) (== net6.0)
      Be.Vlaanderen.Basisregisters.Utilities.ToStringBuilder (>= 3.0) - restriction: || (&& (== net472) (>= net6.0)) (== net6.0)
      Newtonsoft.Json (>= 13.0.1) - restriction: || (&& (== net472) (>= net6.0)) (== net6.0)
      NodaTime (>= 3.0.10) - restriction: || (&& (== net472) (>= net6.0)) (== net6.0)
    Be.Vlaanderen.Basisregisters.AggregateSource.ExplicitRouting (6.0)
      Be.Vlaanderen.Basisregisters.AggregateSource (6.0) - restriction: || (&& (== net472) (>= net6.0)) (== net6.0)
    Be.Vlaanderen.Basisregisters.AggregateSource.SqlStreamStore (6.0) - restriction: || (&& (== net472) (>= net6.0)) (== net6.0)
      Be.Vlaanderen.Basisregisters.AggregateSource (6.0) - restriction: || (&& (== net472) (>= net6.0)) (== net6.0)
      Be.Vlaanderen.Basisregisters.EventHandling (>= 4.0) - restriction: || (&& (== net472) (>= net6.0)) (== net6.0)
      SqlStreamStore (>= 1.2) - restriction: || (&& (== net472) (>= net6.0)) (== net6.0)
    Be.Vlaanderen.Basisregisters.AggregateSource.SqlStreamStore.Autofac (6.0)
      Autofac.Extensions.DependencyInjection (>= 7.2) - restriction: || (&& (== net472) (>= net6.0)) (== net6.0)
      Be.Vlaanderen.Basisregisters.AggregateSource (6.0) - restriction: || (&& (== net472) (>= net6.0)) (== net6.0)
      Be.Vlaanderen.Basisregisters.AggregateSource.SqlStreamStore (6.0) - restriction: || (&& (== net472) (>= net6.0)) (== net6.0)
      SqlStreamStore (>= 1.2) - restriction: || (&& (== net472) (>= net6.0)) (== net6.0)
      SqlStreamStore.MsSql (>= 1.2) - restriction: || (&& (== net472) (>= net6.0)) (== net6.0)
    Be.Vlaanderen.Basisregisters.AggregateSource.Testing (6.0)
      Be.Vlaanderen.Basisregisters.AggregateSource (6.0) - restriction: || (&& (== net472) (>= net6.0)) (== net6.0)
      CompareNETObjects (>= 4.76) - restriction: || (&& (== net472) (>= net6.0)) (== net6.0)
      Microsoft.CSharp (>= 4.7) - restriction: || (&& (== net472) (>= net6.0)) (== net6.0)
      Newtonsoft.Json (>= 13.0.1) - restriction: || (&& (== net472) (>= net6.0)) (== net6.0)
    Be.Vlaanderen.Basisregisters.AggregateSource.Testing.CommandHandling (6.0)
      Be.Vlaanderen.Basisregisters.AggregateSource.Testing (6.0) - restriction: || (&& (== net472) (>= net6.0)) (== net6.0)
      Be.Vlaanderen.Basisregisters.CommandHandling (6.0) - restriction: || (&& (== net472) (>= net6.0)) (== net6.0)
    Be.Vlaanderen.Basisregisters.AggregateSource.Testing.SqlStreamStore (6.0) - restriction: || (&& (== net472) (>= net6.0)) (== net6.0)
      Be.Vlaanderen.Basisregisters.AggregateSource.Testing (6.0) - restriction: || (&& (== net472) (>= net6.0)) (== net6.0)
      Be.Vlaanderen.Basisregisters.EventHandling (>= 4.0) - restriction: || (&& (== net472) (>= net6.0)) (== net6.0)
      SqlStreamStore (>= 1.2) - restriction: || (&& (== net472) (>= net6.0)) (== net6.0)
    Be.Vlaanderen.Basisregisters.AggregateSource.Testing.SqlStreamStore.Autofac (6.0)
      Autofac.Extensions.DependencyInjection (>= 7.2) - restriction: || (&& (== net472) (>= net6.0)) (== net6.0)
      Be.Vlaanderen.Basisregisters.AggregateSource.SqlStreamStore.Autofac (6.0) - restriction: || (&& (== net472) (>= net6.0)) (== net6.0)
      Be.Vlaanderen.Basisregisters.AggregateSource.Testing.CommandHandling (6.0) - restriction: || (&& (== net472) (>= net6.0)) (== net6.0)
      Be.Vlaanderen.Basisregisters.AggregateSource.Testing.SqlStreamStore (6.0) - restriction: || (&& (== net472) (>= net6.0)) (== net6.0)
      Be.Vlaanderen.Basisregisters.AggregateSource.Testing.Xunit (6.0) - restriction: || (&& (== net472) (>= net6.0)) (== net6.0)
    Be.Vlaanderen.Basisregisters.AggregateSource.Testing.Xunit (6.0)
      Be.Vlaanderen.Basisregisters.AggregateSource.Testing (6.0) - restriction: || (&& (== net472) (>= net6.0)) (== net6.0)
      Microsoft.Extensions.Logging (>= 6.0) - restriction: || (&& (== net472) (>= net6.0)) (== net6.0)
      xunit (>= 2.4.1) - restriction: || (&& (== net472) (>= net6.0)) (== net6.0)
    Be.Vlaanderen.Basisregisters.Api (18.0)
      Autofac (>= 6.3) - restriction: || (&& (== net472) (>= net6.0)) (== net6.0)
      Autofac.Extensions.DependencyInjection (>= 7.2) - restriction: || (&& (== net472) (>= net6.0)) (== net6.0)
      Be.Vlaanderen.Basisregisters.AggregateSource (>= 6.0) - restriction: || (&& (== net472) (>= net6.0)) (== net6.0)
      Be.Vlaanderen.Basisregisters.AspNetCore.Mvc.Formatters.Json (>= 4.0) - restriction: || (&& (== net472) (>= net6.0)) (== net6.0)
      Be.Vlaanderen.Basisregisters.AspNetCore.Mvc.Logging (>= 3.0) - restriction: || (&& (== net472) (>= net6.0)) (== net6.0)
      Be.Vlaanderen.Basisregisters.AspNetCore.Mvc.Middleware.AddCorrelationId (>= 3.0) - restriction: || (&& (== net472) (>= net6.0)) (== net6.0)
      Be.Vlaanderen.Basisregisters.AspNetCore.Mvc.Middleware.AddCorrelationIdToLogContext (>= 3.0) - restriction: || (&& (== net472) (>= net6.0)) (== net6.0)
      Be.Vlaanderen.Basisregisters.AspNetCore.Mvc.Middleware.AddCorrelationIdToResponse (>= 3.0) - restriction: || (&& (== net472) (>= net6.0)) (== net6.0)
      Be.Vlaanderen.Basisregisters.AspNetCore.Mvc.Middleware.AddHttpSecurityHeaders (>= 3.0) - restriction: || (&& (== net472) (>= net6.0)) (== net6.0)
      Be.Vlaanderen.Basisregisters.AspNetCore.Mvc.Middleware.AddRemoteIpAddress (>= 3.0) - restriction: || (&& (== net472) (>= net6.0)) (== net6.0)
      Be.Vlaanderen.Basisregisters.AspNetCore.Mvc.Middleware.AddVersionHeader (>= 3.0) - restriction: || (&& (== net472) (>= net6.0)) (== net6.0)
      Be.Vlaanderen.Basisregisters.AspNetCore.Mvc.Middleware.DefaultResponseCompressionQuality (>= 3.0) - restriction: || (&& (== net472) (>= net6.0)) (== net6.0)
      Be.Vlaanderen.Basisregisters.AspNetCore.Mvc.Middleware.EnableRequestRewind (>= 3.0) - restriction: || (&& (== net472) (>= net6.0)) (== net6.0)
      Be.Vlaanderen.Basisregisters.AspNetCore.Mvc.ModelBinding.GuidHeader (>= 3.0) - restriction: || (&& (== net472) (>= net6.0)) (== net6.0)
      Be.Vlaanderen.Basisregisters.AspNetCore.Swagger (>= 4.0) - restriction: || (&& (== net472) (>= net6.0)) (== net6.0)
      Be.Vlaanderen.Basisregisters.AspNetCore.Swagger.ReDoc (>= 4.0) - restriction: || (&& (== net472) (>= net6.0)) (== net6.0)
      Be.Vlaanderen.Basisregisters.Aws.DistributedMutex (>= 3.0) - restriction: || (&& (== net472) (>= net6.0)) (== net6.0)
      Be.Vlaanderen.Basisregisters.DataDog.Tracing (>= 5.0) - restriction: || (&& (== net472) (>= net6.0)) (== net6.0)
      Be.Vlaanderen.Basisregisters.DataDog.Tracing.AspNetCore (>= 5.0) - restriction: || (&& (== net472) (>= net6.0)) (== net6.0)
      Be.Vlaanderen.Basisregisters.DataDog.Tracing.Autofac (>= 5.0) - restriction: || (&& (== net472) (>= net6.0)) (== net6.0)
      Be.Vlaanderen.Basisregisters.DataDog.Tracing.Sql (>= 5.0) - restriction: || (&& (== net472) (>= net6.0)) (== net6.0)
      Be.Vlaanderen.Basisregisters.DataDog.Tracing.SqlStreamStore (>= 5.0) - restriction: || (&& (== net472) (>= net6.0)) (== net6.0)
      Be.Vlaanderen.Basisregisters.EventHandling.Autofac (>= 4.0) - restriction: || (&& (== net472) (>= net6.0)) (== net6.0)
      Be.Vlaanderen.Basisregisters.Generators.Guid.Deterministic (>= 3.0.1) - restriction: || (&& (== net472) (>= net6.0)) (== net6.0)
      Be.Vlaanderen.Basisregisters.Middleware.AddProblemJsonHeader (>= 2.0) - restriction: || (&& (== net472) (>= net6.0)) (== net6.0)
      Be.Vlaanderen.Basisregisters.ProblemDetails (>= 8.0) - restriction: || (&& (== net472) (>= net6.0)) (== net6.0)
      FluentValidation.AspNetCore (>= 10.4) - restriction: || (&& (== net472) (>= net6.0)) (== net6.0)
      Microsoft.AspNetCore.Diagnostics.EntityFrameworkCore (>= 6.0.3) - restriction: || (&& (== net472) (>= net6.0)) (== net6.0)
      Microsoft.AspNetCore.Mvc.NewtonsoftJson (>= 6.0.3) - restriction: || (&& (== net472) (>= net6.0)) (== net6.0)
      Microsoft.AspNetCore.Mvc.Versioning.ApiExplorer (>= 5.0) - restriction: || (&& (== net472) (>= net6.0)) (== net6.0)
      Microsoft.EntityFrameworkCore (>= 6.0.3) - restriction: || (&& (== net472) (>= net6.0)) (== net6.0)
      Microsoft.Extensions.Configuration (>= 6.0.1) - restriction: || (&& (== net472) (>= net6.0)) (== net6.0)
      Microsoft.Extensions.Configuration.CommandLine (>= 6.0) - restriction: || (&& (== net472) (>= net6.0)) (== net6.0)
      Microsoft.Extensions.Configuration.EnvironmentVariables (>= 6.0.1) - restriction: || (&& (== net472) (>= net6.0)) (== net6.0)
      Microsoft.Extensions.Configuration.FileExtensions (>= 6.0) - restriction: || (&& (== net472) (>= net6.0)) (== net6.0)
      Microsoft.Extensions.Configuration.Json (>= 6.0) - restriction: || (&& (== net472) (>= net6.0)) (== net6.0)
      Microsoft.Extensions.DependencyInjection (>= 6.0) - restriction: || (&& (== net472) (>= net6.0)) (== net6.0)
      Microsoft.Extensions.Diagnostics.HealthChecks.EntityFrameworkCore (>= 6.0.3) - restriction: || (&& (== net472) (>= net6.0)) (== net6.0)
      Microsoft.Extensions.Localization (>= 6.0.3) - restriction: || (&& (== net472) (>= net6.0)) (== net6.0)
      Microsoft.Extensions.Options.ConfigurationExtensions (>= 6.0) - restriction: || (&& (== net472) (>= net6.0)) (== net6.0)
      Microsoft.SyndicationFeed.ReaderWriter (>= 1.0.2) - restriction: || (&& (== net472) (>= net6.0)) (== net6.0)
      Microsoft.VisualStudio.Web.BrowserLink (>= 2.2) - restriction: || (&& (== net472) (>= net6.0)) (== net6.0)
      Newtonsoft.Json (>= 13.0.1) - restriction: || (&& (== net472) (>= net6.0)) (== net6.0)
      Polly (>= 7.2.3) - restriction: || (&& (== net472) (>= net6.0)) (== net6.0)
      Serilog (>= 2.10) - restriction: || (&& (== net472) (>= net6.0)) (== net6.0)
      Serilog.Enrichers.Environment (>= 2.2) - restriction: || (&& (== net472) (>= net6.0)) (== net6.0)
      Serilog.Enrichers.Thread (>= 3.1) - restriction: || (&& (== net472) (>= net6.0)) (== net6.0)
      Serilog.Extensions.Logging (>= 3.1) - restriction: || (&& (== net472) (>= net6.0)) (== net6.0)
      Serilog.Formatting.Compact (>= 1.1) - restriction: || (&& (== net472) (>= net6.0)) (== net6.0)
      Serilog.Settings.Configuration (>= 3.3) - restriction: || (&& (== net472) (>= net6.0)) (== net6.0)
      Serilog.Sinks.Console (>= 4.0.1) - restriction: || (&& (== net472) (>= net6.0)) (== net6.0)
      Serilog.Sinks.File (>= 5.0) - restriction: || (&& (== net472) (>= net6.0)) (== net6.0)
      SqlStreamStore (>= 1.2) - restriction: || (&& (== net472) (>= net6.0)) (== net6.0)
      SqlStreamStore.MsSql (>= 1.2) - restriction: || (&& (== net472) (>= net6.0)) (== net6.0)
      System.Text.Encoding.CodePages (>= 6.0) - restriction: || (&& (== net472) (>= net6.0)) (== net6.0)
    Be.Vlaanderen.Basisregisters.AspNetCore.Mvc.Formatters.Json (4.0) - restriction: || (&& (== net472) (>= net6.0)) (== net6.0)
      Be.Vlaanderen.Basisregisters.Converters.TrimString (>= 3.0) - restriction: || (&& (== net472) (>= net6.0)) (== net6.0)
      Be.Vlaanderen.Basisregisters.Utilities.Rfc3339DateTimeOffset (>= 3.0) - restriction: || (&& (== net472) (>= net6.0)) (== net6.0)
      Newtonsoft.Json (>= 13.0.1) - restriction: || (&& (== net472) (>= net6.0)) (== net6.0)
      NodaTime.Serialization.JsonNet (>= 3.0) - restriction: || (&& (== net472) (>= net6.0)) (== net6.0)
    Be.Vlaanderen.Basisregisters.AspNetCore.Mvc.Logging (3.0) - restriction: || (&& (== net472) (>= net6.0)) (== net6.0)
      Newtonsoft.Json (>= 13.0.1) - restriction: || (&& (== net472) (>= net6.0)) (== net6.0)
    Be.Vlaanderen.Basisregisters.AspNetCore.Mvc.Middleware.AddCorrelationId (3.0) - restriction: || (&& (== net472) (>= net6.0)) (== net6.0)
    Be.Vlaanderen.Basisregisters.AspNetCore.Mvc.Middleware.AddCorrelationIdToLogContext (3.0) - restriction: || (&& (== net472) (>= net6.0)) (== net6.0)
      Serilog (>= 2.10) - restriction: || (&& (== net472) (>= net6.0)) (== net6.0)
    Be.Vlaanderen.Basisregisters.AspNetCore.Mvc.Middleware.AddCorrelationIdToResponse (3.0) - restriction: || (&& (== net472) (>= net6.0)) (== net6.0)
    Be.Vlaanderen.Basisregisters.AspNetCore.Mvc.Middleware.AddHttpSecurityHeaders (3.0) - restriction: || (&& (== net472) (>= net6.0)) (== net6.0)
    Be.Vlaanderen.Basisregisters.AspNetCore.Mvc.Middleware.AddRemoteIpAddress (3.0) - restriction: || (&& (== net472) (>= net6.0)) (== net6.0)
    Be.Vlaanderen.Basisregisters.AspNetCore.Mvc.Middleware.AddVersionHeader (3.0) - restriction: || (&& (== net472) (>= net6.0)) (== net6.0)
    Be.Vlaanderen.Basisregisters.AspNetCore.Mvc.Middleware.DefaultResponseCompressionQuality (3.0) - restriction: || (&& (== net472) (>= net6.0)) (== net6.0)
    Be.Vlaanderen.Basisregisters.AspNetCore.Mvc.Middleware.EnableRequestRewind (3.0) - restriction: || (&& (== net472) (>= net6.0)) (== net6.0)
    Be.Vlaanderen.Basisregisters.AspNetCore.Mvc.ModelBinding.GuidHeader (3.0) - restriction: || (&& (== net472) (>= net6.0)) (== net6.0)
    Be.Vlaanderen.Basisregisters.AspNetCore.Swagger (4.0) - restriction: || (&& (== net472) (>= net6.0)) (== net6.0)
      Microsoft.AspNetCore.Mvc.Versioning.ApiExplorer (>= 5.0) - restriction: || (&& (== net472) (>= net6.0)) (== net6.0)
      Microsoft.Extensions.FileProviders.Embedded (>= 6.0.3) - restriction: || (&& (== net472) (>= net6.0)) (== net6.0)
      Microsoft.Extensions.Localization.Abstractions (>= 6.0.3) - restriction: || (&& (== net472) (>= net6.0)) (== net6.0)
      Microsoft.OpenApi (>= 1.2.3) - restriction: || (&& (== net472) (>= net6.0)) (== net6.0)
      Newtonsoft.Json (>= 13.0.1) - restriction: || (&& (== net472) (>= net6.0)) (== net6.0)
      NJsonSchema (>= 10.6.10) - restriction: || (&& (== net472) (>= net6.0)) (== net6.0)
      NJsonSchema.CodeGeneration.CSharp (>= 10.6.10) - restriction: || (&& (== net472) (>= net6.0)) (== net6.0)
      NJsonSchema.CodeGeneration.TypeScript (>= 10.6.10) - restriction: || (&& (== net472) (>= net6.0)) (== net6.0)
      NSwag.CodeGeneration.CSharp (>= 13.15.10) - restriction: || (&& (== net472) (>= net6.0)) (== net6.0)
      NSwag.CodeGeneration.TypeScript (>= 13.15.10) - restriction: || (&& (== net472) (>= net6.0)) (== net6.0)
      Swashbuckle.AspNetCore (6.3) - restriction: || (&& (== net472) (>= net6.0)) (== net6.0)
      Swashbuckle.AspNetCore.Annotations (6.3) - restriction: || (&& (== net472) (>= net6.0)) (== net6.0)
      Swashbuckle.AspNetCore.Filters (6.0.1) - restriction: || (&& (== net472) (>= net6.0)) (== net6.0)
      Swashbuckle.AspNetCore.Newtonsoft (6.3) - restriction: || (&& (== net472) (>= net6.0)) (== net6.0)
    Be.Vlaanderen.Basisregisters.AspNetCore.Swagger.ReDoc (4.0) - restriction: || (&& (== net472) (>= net6.0)) (== net6.0)
      Be.Vlaanderen.Basisregisters.AspNetCore.Swagger (4.0) - restriction: || (&& (== net472) (>= net6.0)) (== net6.0)
      Microsoft.AspNetCore.Mvc.Versioning.ApiExplorer (>= 5.0) - restriction: || (&& (== net472) (>= net6.0)) (== net6.0)
      Microsoft.Extensions.FileProviders.Embedded (>= 6.0.3) - restriction: || (&& (== net472) (>= net6.0)) (== net6.0)
      Microsoft.Extensions.Localization.Abstractions (>= 6.0.3) - restriction: || (&& (== net472) (>= net6.0)) (== net6.0)
      Newtonsoft.Json (>= 13.0.1) - restriction: || (&& (== net472) (>= net6.0)) (== net6.0)
      NSwag.CodeGeneration.CSharp (>= 13.15.10) - restriction: || (&& (== net472) (>= net6.0)) (== net6.0)
      NSwag.CodeGeneration.TypeScript (>= 13.15.10) - restriction: || (&& (== net472) (>= net6.0)) (== net6.0)
      Swashbuckle.AspNetCore (6.3) - restriction: || (&& (== net472) (>= net6.0)) (== net6.0)
    Be.Vlaanderen.Basisregisters.Aws.DistributedMutex (3.0)
      AWSSDK.DynamoDBv2 (>= 3.7.3.14) - restriction: || (&& (== net472) (>= net6.0)) (== net6.0)
      Microsoft.Extensions.Logging (>= 6.0) - restriction: || (&& (== net472) (>= net6.0)) (== net6.0)
    Be.Vlaanderen.Basisregisters.Build.Pipeline (6.0.3)
      Fake.Core.Environment (>= 5.22)
      Fake.Core.Process (>= 5.22)
      Fake.Core.Target (>= 5.22)
      Fake.DotNet.AssemblyInfoFile (>= 5.22)
      Fake.DotNet.Cli (>= 5.22)
      Fake.DotNet.Paket (>= 5.22)
      Fake.IO.FileSystem (>= 5.22)
      Fake.JavaScript.Npm (>= 5.22)
      Newtonsoft.Json (>= 13.0.1)
    Be.Vlaanderen.Basisregisters.CommandHandling (6.0)
    Be.Vlaanderen.Basisregisters.CommandHandling.Idempotency (6.0)
      Autofac.Extensions.DependencyInjection (>= 7.2) - restriction: || (&& (== net472) (>= net6.0)) (== net6.0)
      Be.Vlaanderen.Basisregisters.Converters.Timestamp (>= 3.0) - restriction: || (&& (== net472) (>= net6.0)) (== net6.0)
      Microsoft.Data.SqlClient (>= 4.1) - restriction: || (&& (== net472) (>= net6.0)) (== net6.0)
      Microsoft.EntityFrameworkCore.SqlServer (>= 6.0.3) - restriction: || (&& (== net472) (>= net6.0)) (== net6.0)
      Microsoft.Extensions.Configuration (>= 6.0.1) - restriction: || (&& (== net472) (>= net6.0)) (== net6.0)
      Microsoft.Extensions.Options.ConfigurationExtensions (>= 6.0) - restriction: || (&& (== net472) (>= net6.0)) (== net6.0)
      Newtonsoft.Json (>= 13.0.1) - restriction: || (&& (== net472) (>= net6.0)) (== net6.0)
    Be.Vlaanderen.Basisregisters.CommandHandling.SqlStreamStore (6.0)
      Be.Vlaanderen.Basisregisters.AggregateSource (6.0) - restriction: || (&& (== net472) (>= net6.0)) (== net6.0)
      Be.Vlaanderen.Basisregisters.CommandHandling (6.0) - restriction: || (&& (== net472) (>= net6.0)) (== net6.0)
      Be.Vlaanderen.Basisregisters.EventHandling (>= 4.0) - restriction: || (&& (== net472) (>= net6.0)) (== net6.0)
      Be.Vlaanderen.Basisregisters.Generators.Guid.Deterministic (>= 3.0.1) - restriction: || (&& (== net472) (>= net6.0)) (== net6.0)
      SqlStreamStore (>= 1.2) - restriction: || (&& (== net472) (>= net6.0)) (== net6.0)
    Be.Vlaanderen.Basisregisters.Converters.Timestamp (3.0) - restriction: || (&& (== net472) (>= net6.0)) (== net6.0)
      Newtonsoft.Json (>= 13.0.1) - restriction: || (&& (== net472) (>= net6.0)) (== net6.0)
    Be.Vlaanderen.Basisregisters.Converters.TrimString (3.0) - restriction: || (&& (== net472) (>= net6.0)) (== net6.0)
      Newtonsoft.Json (>= 13.0.1) - restriction: || (&& (== net472) (>= net6.0)) (== net6.0)
    Be.Vlaanderen.Basisregisters.Crab (3.0)
      Be.Vlaanderen.Basisregisters.AggregateSource (>= 6.0) - restriction: || (&& (== net472) (>= net6.0)) (== net6.0)
      Be.Vlaanderen.Basisregisters.Generators.Guid.Deterministic (>= 3.0.1) - restriction: || (&& (== net472) (>= net6.0)) (== net6.0)
      GeoJSON.Net (>= 1.2.19) - restriction: || (&& (== net472) (>= net6.0)) (== net6.0)
      Microsoft.Extensions.Logging.Abstractions (>= 6.0.1) - restriction: || (&& (== net472) (>= net6.0)) (== net6.0)
      NodaTime (>= 3.0.10) - restriction: || (&& (== net472) (>= net6.0)) (== net6.0)
    Be.Vlaanderen.Basisregisters.Crab.Autofac (3.0)
      Autofac (>= 6.3) - restriction: || (&& (== net472) (>= net6.0)) (== net6.0)
    Be.Vlaanderen.Basisregisters.DataDog.Tracing (5.0) - restriction: || (&& (== net472) (>= net6.0)) (== net6.0)
      Microsoft.Extensions.Logging.Abstractions (>= 6.0.1) - restriction: || (&& (== net472) (>= net6.0)) (== net6.0)
      Newtonsoft.Json (>= 13.0.1) - restriction: || (&& (== net472) (>= net6.0)) (== net6.0)
      System.Reactive (>= 5.0) - restriction: || (&& (== net472) (>= net6.0)) (== net6.0)
      System.Reflection (>= 4.3) - restriction: || (&& (== net472) (>= net6.0)) (== net6.0)
      System.Threading.Tasks.Dataflow (>= 6.0) - restriction: || (&& (== net472) (>= net6.0)) (== net6.0)
    Be.Vlaanderen.Basisregisters.DataDog.Tracing.AspNetCore (5.0)
      Be.Vlaanderen.Basisregisters.DataDog.Tracing (5.0) - restriction: || (&& (== net472) (>= net6.0)) (== net6.0)
      Serilog (>= 2.10) - restriction: || (&& (== net472) (>= net6.0)) (== net6.0)
    Be.Vlaanderen.Basisregisters.DataDog.Tracing.Autofac (5.0)
      Autofac.Extensions.DependencyInjection (>= 7.2) - restriction: || (&& (== net472) (>= net6.0)) (== net6.0)
      Be.Vlaanderen.Basisregisters.DataDog.Tracing (5.0) - restriction: || (&& (== net472) (>= net6.0)) (== net6.0)
      Microsoft.Extensions.Configuration (>= 6.0.1) - restriction: || (&& (== net472) (>= net6.0)) (== net6.0)
    Be.Vlaanderen.Basisregisters.DataDog.Tracing.Sql (5.0) - restriction: || (&& (== net472) (>= net6.0)) (== net6.0)
      Be.Vlaanderen.Basisregisters.DataDog.Tracing (5.0) - restriction: || (&& (== net472) (>= net6.0)) (== net6.0)
      System.Data.Common (>= 4.3) - restriction: || (&& (== net472) (>= net6.0)) (== net6.0)
    Be.Vlaanderen.Basisregisters.DataDog.Tracing.SqlStreamStore (5.0)
      Autofac (>= 6.3) - restriction: || (&& (== net472) (>= net6.0)) (== net6.0)
      Be.Vlaanderen.Basisregisters.DataDog.Tracing (5.0) - restriction: || (&& (== net472) (>= net6.0)) (== net6.0)
      SqlStreamStore.MsSql (>= 1.2) - restriction: || (&& (== net472) (>= net6.0)) (== net6.0)
      System.Data.Common (>= 4.3) - restriction: || (&& (== net472) (>= net6.0)) (== net6.0)
    Be.Vlaanderen.Basisregisters.EntityFrameworkCore.EntityTypeConfiguration (3.0) - restriction: || (&& (== net472) (>= net6.0)) (== net6.0)
      Microsoft.EntityFrameworkCore (>= 6.0.3) - restriction: || (&& (== net472) (>= net6.0)) (== net6.0)
    Be.Vlaanderen.Basisregisters.EventHandling (4.1)
      Be.Vlaanderen.Basisregisters.Converters.TrimString (>= 3.0) - restriction: || (&& (== net472) (>= net6.0)) (== net6.0)
      Newtonsoft.Json (>= 13.0.1) - restriction: || (&& (== net472) (>= net6.0)) (== net6.0)
      NodaTime.Serialization.JsonNet (>= 3.0) - restriction: || (&& (== net472) (>= net6.0)) (== net6.0)
    Be.Vlaanderen.Basisregisters.EventHandling.Autofac (4.1)
      Autofac.Extensions.DependencyInjection (>= 7.2) - restriction: || (&& (== net472) (>= net6.0)) (== net6.0)
      Be.Vlaanderen.Basisregisters.EventHandling (4.1) - restriction: || (&& (== net472) (>= net6.0)) (== net6.0)
    Be.Vlaanderen.Basisregisters.Generators.Guid.Deterministic (3.0.1) - restriction: || (&& (== net472) (>= net6.0)) (== net6.0)
    Be.Vlaanderen.Basisregisters.GrAr.Common (17.2)
      Be.Vlaanderen.Basisregisters.AggregateSource (>= 6.0) - restriction: || (&& (== net472) (>= net6.0)) (== net6.0)
      NodaTime (>= 3.0.10) - restriction: || (&& (== net472) (>= net6.0)) (== net6.0)
    Be.Vlaanderen.Basisregisters.GrAr.Contracts (17.2)
      Be.Vlaanderen.Basisregisters.AggregateSource (>= 6.0) - restriction: || (&& (== net472) (>= net6.0)) (== net6.0)
      NodaTime (>= 3.0.10) - restriction: || (&& (== net472) (>= net6.0)) (== net6.0)
    Be.Vlaanderen.Basisregisters.GrAr.Extracts (17.2)
      Be.Vlaanderen.Basisregisters.Api (>= 18.0) - restriction: || (&& (== net472) (>= net6.0)) (== net6.0)
      Be.Vlaanderen.Basisregisters.Shaperon (>= 9.0.1) - restriction: || (&& (== net472) (>= net6.0)) (== net6.0)
    Be.Vlaanderen.Basisregisters.GrAr.Import (17.2)
      Autofac (>= 6.3) - restriction: || (&& (== net472) (>= net6.0)) (== net6.0)
      Be.Vlaanderen.Basisregisters.AggregateSource.SqlStreamStore (>= 6.0) - restriction: || (&& (== net472) (>= net6.0)) (== net6.0)
      Be.Vlaanderen.Basisregisters.CommandHandling (>= 6.0) - restriction: || (&& (== net472) (>= net6.0)) (== net6.0)
      Be.Vlaanderen.Basisregisters.CommandHandling.Idempotency (>= 6.0) - restriction: || (&& (== net472) (>= net6.0)) (== net6.0)
      Be.Vlaanderen.Basisregisters.Crab (>= 3.0) - restriction: || (&& (== net472) (>= net6.0)) (== net6.0)
      Be.Vlaanderen.Basisregisters.EventHandling (>= 4.0) - restriction: || (&& (== net472) (>= net6.0)) (== net6.0)
      Be.Vlaanderen.Basisregisters.Generators.Guid.Deterministic (>= 3.0.1) - restriction: || (&& (== net472) (>= net6.0)) (== net6.0)
      CommandLineParser (>= 2.8) - restriction: || (&& (== net472) (>= net6.0)) (== net6.0)
      Microsoft.Extensions.Configuration.Json (>= 6.0) - restriction: || (&& (== net472) (>= net6.0)) (== net6.0)
      Microsoft.Extensions.Logging (>= 6.0) - restriction: || (&& (== net472) (>= net6.0)) (== net6.0)
      Newtonsoft.Json (>= 13.0.1) - restriction: || (&& (== net472) (>= net6.0)) (== net6.0)
      Serilog (>= 2.10) - restriction: || (&& (== net472) (>= net6.0)) (== net6.0)
      Serilog.Extensions.Logging (>= 3.1) - restriction: || (&& (== net472) (>= net6.0)) (== net6.0)
      Serilog.Sinks.Email (>= 2.4) - restriction: || (&& (== net472) (>= net6.0)) (== net6.0)
      System.Threading.Tasks.Dataflow (>= 6.0) - restriction: || (&& (== net472) (>= net6.0)) (== net6.0)
    Be.Vlaanderen.Basisregisters.GrAr.Legacy (17.2)
      Be.Vlaanderen.Basisregisters.Utilities.Rfc3339DateTimeOffset (>= 3.0) - restriction: || (&& (== net472) (>= net6.0)) (== net6.0)
      Newtonsoft.Json (>= 13.0.1) - restriction: || (&& (== net472) (>= net6.0)) (== net6.0)
    Be.Vlaanderen.Basisregisters.GrAr.Provenance (17.2)
      Be.Vlaanderen.Basisregisters.CommandHandling (>= 6.0) - restriction: || (&& (== net472) (>= net6.0)) (== net6.0)
      Be.Vlaanderen.Basisregisters.Crab (>= 3.0) - restriction: || (&& (== net472) (>= net6.0)) (== net6.0)
      Be.Vlaanderen.Basisregisters.GrAr.Common (17.2) - restriction: || (&& (== net472) (>= net6.0)) (== net6.0)
      Microsoft.CSharp (>= 4.7) - restriction: || (&& (== net472) (>= net6.0)) (== net6.0)
    Be.Vlaanderen.Basisregisters.MessageHandling.Kafka.Simple (4.0)
      Confluent.Kafka (>= 1.8.2) - restriction: || (&& (== net472) (>= net6.0)) (== net6.0)
      Microsoft.Extensions.Logging (>= 6.0) - restriction: || (&& (== net472) (>= net6.0)) (== net6.0)
    Be.Vlaanderen.Basisregisters.Middleware.AddProblemJsonHeader (2.0) - restriction: || (&& (== net472) (>= net6.0)) (== net6.0)
    Be.Vlaanderen.Basisregisters.ProblemDetails (8.0) - restriction: || (&& (== net472) (>= net6.0)) (== net6.0)
      System.Reflection.Metadata (>= 6.0.1) - restriction: || (&& (== net472) (>= net6.0)) (== net6.0)
    Be.Vlaanderen.Basisregisters.ProjectionHandling.Connector (11.0.1) - restriction: || (&& (== net472) (>= net6.0)) (== net6.0)
      Microsoft.EntityFrameworkCore (>= 6.0.3) - restriction: || (&& (== net472) (>= net6.0)) (== net6.0)
    Be.Vlaanderen.Basisregisters.ProjectionHandling.Connector.Testing (11.0.1)
      Be.Vlaanderen.Basisregisters.ProjectionHandling.Connector (11.0.1) - restriction: || (&& (== net472) (>= net6.0)) (== net6.0)
    Be.Vlaanderen.Basisregisters.ProjectionHandling.LastChangedList (11.0.1)
      Autofac.Extensions.DependencyInjection (>= 7.2) - restriction: || (&& (== net472) (>= net6.0)) (== net6.0)
      Be.Vlaanderen.Basisregisters.AggregateSource.SqlStreamStore.Autofac (>= 6.0) - restriction: || (&& (== net472) (>= net6.0)) (== net6.0)
      Be.Vlaanderen.Basisregisters.DataDog.Tracing.Sql (>= 5.0) - restriction: || (&& (== net472) (>= net6.0)) (== net6.0)
      Be.Vlaanderen.Basisregisters.ProjectionHandling.Runner (11.0.1) - restriction: || (&& (== net472) (>= net6.0)) (== net6.0)
      Be.Vlaanderen.Basisregisters.ProjectionHandling.SqlStreamStore.Autofac (11.0.1) - restriction: || (&& (== net472) (>= net6.0)) (== net6.0)
      Microsoft.EntityFrameworkCore.SqlServer (>= 6.0.3) - restriction: || (&& (== net472) (>= net6.0)) (== net6.0)
      Microsoft.Extensions.DependencyInjection (>= 6.0) - restriction: || (&& (== net472) (>= net6.0)) (== net6.0)
      Polly (>= 7.2.3) - restriction: || (&& (== net472) (>= net6.0)) (== net6.0)
      SqlStreamStore.MsSql (>= 1.2) - restriction: || (&& (== net472) (>= net6.0)) (== net6.0)
    Be.Vlaanderen.Basisregisters.ProjectionHandling.Runner (11.0.1)
      Autofac.Extensions.DependencyInjection (>= 7.2) - restriction: || (&& (== net472) (>= net6.0)) (== net6.0)
      Be.Vlaanderen.Basisregisters.EntityFrameworkCore.EntityTypeConfiguration (>= 3.0) - restriction: || (&& (== net472) (>= net6.0)) (== net6.0)
      Be.Vlaanderen.Basisregisters.ProjectionHandling.Connector (11.0.1) - restriction: || (&& (== net472) (>= net6.0)) (== net6.0)
      Be.Vlaanderen.Basisregisters.ProjectionHandling.SqlStreamStore (11.0.1) - restriction: || (&& (== net472) (>= net6.0)) (== net6.0)
      Microsoft.EntityFrameworkCore.InMemory (>= 6.0.3) - restriction: || (&& (== net472) (>= net6.0)) (== net6.0)
      Microsoft.EntityFrameworkCore.SqlServer (>= 6.0.3) - restriction: || (&& (== net472) (>= net6.0)) (== net6.0)
      Microsoft.Extensions.Configuration (>= 6.0.1) - restriction: || (&& (== net472) (>= net6.0)) (== net6.0)
      Microsoft.Extensions.Configuration.CommandLine (>= 6.0) - restriction: || (&& (== net472) (>= net6.0)) (== net6.0)
      Microsoft.Extensions.Configuration.EnvironmentVariables (>= 6.0.1) - restriction: || (&& (== net472) (>= net6.0)) (== net6.0)
      Microsoft.Extensions.Configuration.FileExtensions (>= 6.0) - restriction: || (&& (== net472) (>= net6.0)) (== net6.0)
      Microsoft.Extensions.Configuration.Json (>= 6.0) - restriction: || (&& (== net472) (>= net6.0)) (== net6.0)
      SqlStreamStore (>= 1.2) - restriction: || (&& (== net472) (>= net6.0)) (== net6.0)
    Be.Vlaanderen.Basisregisters.ProjectionHandling.SqlStreamStore (11.0.1)
      Be.Vlaanderen.Basisregisters.EventHandling (>= 4.1) - restriction: || (&& (== net472) (>= net6.0)) (== net6.0)
      SqlStreamStore (>= 1.2) - restriction: || (&& (== net472) (>= net6.0)) (== net6.0)
    Be.Vlaanderen.Basisregisters.ProjectionHandling.SqlStreamStore.Autofac (11.0.1)
      Autofac.Extensions.DependencyInjection (>= 7.2) - restriction: || (&& (== net472) (>= net6.0)) (== net6.0)
      Be.Vlaanderen.Basisregisters.ProjectionHandling.SqlStreamStore (11.0.1) - restriction: || (&& (== net472) (>= net6.0)) (== net6.0)
    Be.Vlaanderen.Basisregisters.ProjectionHandling.Syndication (11.0.1)
      Microsoft.Extensions.Http (>= 6.0) - restriction: || (&& (== net472) (>= net6.0)) (== net6.0)
      Microsoft.Extensions.Logging (>= 6.0) - restriction: || (&& (== net472) (>= net6.0)) (== net6.0)
      Microsoft.SyndicationFeed.ReaderWriter (>= 1.0.2) - restriction: || (&& (== net472) (>= net6.0)) (== net6.0)
    Be.Vlaanderen.Basisregisters.ProjectionHandling.Testing.Xunit (11.0.1)
      Be.Vlaanderen.Basisregisters.ProjectionHandling.Connector.Testing (11.0.1) - restriction: || (&& (== net472) (>= net6.0)) (== net6.0)
      Be.Vlaanderen.Basisregisters.ProjectionHandling.SqlStreamStore (11.0.1) - restriction: || (&& (== net472) (>= net6.0)) (== net6.0)
      Microsoft.EntityFrameworkCore (>= 6.0.3) - restriction: || (&& (== net472) (>= net6.0)) (== net6.0)
      Microsoft.Extensions.Logging (>= 6.0) - restriction: || (&& (== net472) (>= net6.0)) (== net6.0)
      xunit (>= 2.4.1) - restriction: || (&& (== net472) (>= net6.0)) (== net6.0)
    Be.Vlaanderen.Basisregisters.Projector (12.0.1)
      Autofac (>= 6.3) - restriction: || (&& (== net472) (>= net6.0)) (== net6.0)
      Autofac.Extensions.DependencyInjection (>= 7.2) - restriction: || (&& (== net472) (>= net6.0)) (== net6.0)
      Be.Vlaanderen.Basisregisters.ProjectionHandling.Connector (>= 11.0.1) - restriction: || (&& (== net472) (>= net6.0)) (== net6.0)
      Be.Vlaanderen.Basisregisters.ProjectionHandling.Runner (>= 11.0.1) - restriction: || (&& (== net472) (>= net6.0)) (== net6.0)
      Dapper (>= 2.0.123) - restriction: || (&& (== net472) (>= net6.0)) (== net6.0)
      Microsoft.Data.SqlClient (>= 4.1) - restriction: || (&& (== net472) (>= net6.0)) (== net6.0)
      Polly (>= 7.2.3) - restriction: || (&& (== net472) (>= net6.0)) (== net6.0)
      System.Threading.Tasks.Dataflow (>= 6.0) - restriction: || (&& (== net472) (>= net6.0)) (== net6.0)
    Be.Vlaanderen.Basisregisters.Shaperon (9.0.1)
    Be.Vlaanderen.Basisregisters.Testing.Infrastructure.Events (3.0) - copy_local: true, copy_content_to_output_dir: always, content: true
      Be.Vlaanderen.Basisregisters.AggregateSource (>= 6.0) - restriction: || (&& (== net472) (>= net6.0)) (== net6.0)
      Be.Vlaanderen.Basisregisters.EventHandling (>= 4.0) - restriction: || (&& (== net472) (>= net6.0)) (== net6.0)
      FluentAssertions (>= 6.5.1) - restriction: || (&& (== net472) (>= net6.0)) (== net6.0)
      Newtonsoft.Json (>= 13.0.1) - restriction: || (&& (== net472) (>= net6.0)) (== net6.0)
      xunit (>= 2.4.1) - restriction: || (&& (== net472) (>= net6.0)) (== net6.0)
    Be.Vlaanderen.Basisregisters.Utilities.HashCodeCalculator (3.0) - restriction: || (&& (== net472) (>= net6.0)) (== net6.0)
    Be.Vlaanderen.Basisregisters.Utilities.HexByteConvertor (3.0) - restriction: || (&& (== net472) (>= net6.0)) (== net6.0)
    Be.Vlaanderen.Basisregisters.Utilities.Rfc3339DateTimeOffset (3.0) - restriction: || (&& (== net472) (>= net6.0)) (== net6.0)
      Newtonsoft.Json (>= 13.0.1) - restriction: || (&& (== net472) (>= net6.0)) (== net6.0)
    Be.Vlaanderen.Basisregisters.Utilities.ToStringBuilder (3.0) - restriction: || (&& (== net472) (>= net6.0)) (== net6.0)
    BlackFox.VsWhere (1.1)
      FSharp.Core (>= 4.0.0.1) - restriction: || (== net472) (&& (== net6.0) (>= net45))
      FSharp.Core (>= 4.2.3) - restriction: || (&& (== net472) (< net45)) (== net6.0)
      Microsoft.Win32.Registry (>= 4.7) - restriction: || (&& (== net472) (< net45)) (== net6.0)
    Castle.Core (4.4.1)
      NETStandard.Library (>= 1.6.1) - restriction: || (&& (== net472) (< net35)) (== net6.0)
      System.Collections.Specialized (>= 4.3) - restriction: || (&& (== net472) (< net35)) (== net6.0)
      System.ComponentModel (>= 4.3) - restriction: || (&& (== net472) (< net35)) (== net6.0)
      System.ComponentModel.TypeConverter (>= 4.3) - restriction: || (&& (== net472) (< net35)) (== net6.0)
      System.Diagnostics.TraceSource (>= 4.3) - restriction: || (&& (== net472) (< net35)) (== net6.0)
      System.Dynamic.Runtime (>= 4.3) - restriction: || (&& (== net472) (< net35)) (== net6.0)
      System.Reflection (>= 4.3) - restriction: || (&& (== net472) (< net35)) (== net6.0)
      System.Reflection.Emit (>= 4.3) - restriction: || (&& (== net472) (< net35)) (== net6.0)
      System.Reflection.TypeExtensions (>= 4.3) - restriction: || (&& (== net472) (< net35)) (== net6.0)
      System.Xml.XmlDocument (>= 4.3) - restriction: || (&& (== net472) (< net35)) (== net6.0)
    CommandLineParser (2.8) - restriction: || (&& (== net472) (>= net6.0)) (== net6.0)
    CompareNETObjects (4.76) - restriction: || (&& (== net472) (>= net6.0)) (== net6.0)
      Microsoft.CSharp (>= 4.7) - restriction: || (&& (== net472) (>= netstandard2.1)) (== net6.0)
    Confluent.Kafka (1.8.2) - restriction: || (&& (== net472) (>= net6.0)) (== net6.0)
      librdkafka.redist (>= 1.8.2)
      System.Memory (>= 4.5)
    CsvHelper (27.2.1)
      Microsoft.Bcl.AsyncInterfaces (>= 1.0) - restriction: || (== net472) (&& (== net6.0) (>= net47)) (&& (== net6.0) (< netstandard2.1))
      Microsoft.Bcl.HashCode (>= 1.0) - restriction: || (== net472) (&& (== net6.0) (>= net47)) (&& (== net6.0) (< netstandard2.1))
      Microsoft.CSharp (>= 4.3) - restriction: || (== net472) (&& (== net6.0) (>= net45) (< netstandard2.0)) (&& (== net6.0) (>= net47)) (&& (== net6.0) (< net5.0)) (&& (== net6.0) (< netstandard2.1))
      System.Memory (>= 4.5) - restriction: || (== net472) (&& (== net6.0) (>= net45) (< netstandard2.0)) (&& (== net6.0) (>= net47)) (&& (== net6.0) (< netstandard2.1))
      System.Threading.Tasks.Extensions (>= 4.5.2) - restriction: || (== net472) (&& (== net6.0) (>= net47)) (&& (== net6.0) (< netstandard2.1))
    Dapper (2.0.123)
    Destructurama.JsonNet (2.0)
      Newtonsoft.Json (>= 10.0.3)
      Serilog (>= 2.5)
    EntityFramework (6.4.4)
      Microsoft.CSharp (>= 4.7) - restriction: || (&& (== net472) (>= netstandard2.1)) (== net6.0)
      System.CodeDom (>= 4.7) - restriction: || (&& (== net472) (>= netstandard2.1)) (== net6.0)
      System.ComponentModel.Annotations (>= 4.7) - restriction: || (&& (== net472) (>= netstandard2.1)) (== net6.0)
      System.Configuration.ConfigurationManager (>= 4.7) - restriction: || (&& (== net472) (>= netstandard2.1)) (== net6.0)
      System.Data.SqlClient (>= 4.8.1) - restriction: || (&& (== net472) (>= netstandard2.1)) (== net6.0)
    Fake.Core.CommandLineParsing (5.22)
      FParsec (>= 1.1.1)
      FSharp.Core (>= 6.0)
    Fake.Core.Context (5.22)
      FSharp.Core (>= 6.0)
    Fake.Core.Environment (5.22)
      FSharp.Core (>= 6.0)
    Fake.Core.FakeVar (5.22)
      Fake.Core.Context (>= 5.22)
      FSharp.Core (>= 6.0)
    Fake.Core.Process (5.22)
      Fake.Core.Environment (>= 5.22)
      Fake.Core.FakeVar (>= 5.22)
      Fake.Core.String (>= 5.22)
      Fake.Core.Trace (>= 5.22)
      Fake.IO.FileSystem (>= 5.22)
      FSharp.Core (>= 6.0)
      System.Collections.Immutable (>= 5.0)
    Fake.Core.SemVer (5.22)
      FSharp.Core (>= 6.0)
    Fake.Core.String (5.22)
      FSharp.Core (>= 6.0)
    Fake.Core.Target (5.22)
      Fake.Core.CommandLineParsing (>= 5.22)
      Fake.Core.Context (>= 5.22)
      Fake.Core.Environment (>= 5.22)
      Fake.Core.FakeVar (>= 5.22)
      Fake.Core.Process (>= 5.22)
      Fake.Core.String (>= 5.22)
      Fake.Core.Trace (>= 5.22)
      FSharp.Control.Reactive (>= 5.0.2)
      FSharp.Core (>= 6.0)
    Fake.Core.Tasks (5.22)
      Fake.Core.Trace (>= 5.22)
      FSharp.Core (>= 6.0)
    Fake.Core.Trace (5.22)
      Fake.Core.Environment (>= 5.22)
      Fake.Core.FakeVar (>= 5.22)
      FSharp.Core (>= 6.0)
    Fake.Core.Xml (5.22)
      Fake.Core.String (>= 5.22)
      FSharp.Core (>= 6.0)
    Fake.DotNet.AssemblyInfoFile (5.22)
      Fake.Core.Environment (>= 5.22)
      Fake.Core.String (>= 5.22)
      Fake.Core.Trace (>= 5.22)
      Fake.IO.FileSystem (>= 5.22)
      FSharp.Core (>= 6.0)
    Fake.DotNet.Cli (5.22)
      Fake.Core.Environment (>= 5.22)
      Fake.Core.Process (>= 5.22)
      Fake.Core.String (>= 5.22)
      Fake.Core.Trace (>= 5.22)
      Fake.DotNet.MSBuild (>= 5.22)
      Fake.DotNet.NuGet (>= 5.22)
      Fake.IO.FileSystem (>= 5.22)
      FSharp.Core (>= 6.0)
      Mono.Posix.NETStandard (>= 1.0)
      Newtonsoft.Json (>= 13.0.1)
    Fake.DotNet.MSBuild (5.22)
      BlackFox.VsWhere (>= 1.1)
      Fake.Core.Environment (>= 5.22)
      Fake.Core.Process (>= 5.22)
      Fake.Core.String (>= 5.22)
      Fake.Core.Trace (>= 5.22)
      Fake.IO.FileSystem (>= 5.22)
      FSharp.Core (>= 6.0)
      MSBuild.StructuredLogger (>= 2.1.545)
    Fake.DotNet.NuGet (5.22)
      Fake.Core.Environment (>= 5.22)
      Fake.Core.Process (>= 5.22)
      Fake.Core.SemVer (>= 5.22)
      Fake.Core.String (>= 5.22)
      Fake.Core.Tasks (>= 5.22)
      Fake.Core.Trace (>= 5.22)
      Fake.Core.Xml (>= 5.22)
      Fake.IO.FileSystem (>= 5.22)
      Fake.Net.Http (>= 5.22)
      FSharp.Core (>= 6.0)
      Newtonsoft.Json (>= 13.0.1)
      NuGet.Protocol (>= 5.11)
    Fake.DotNet.Paket (5.22)
      Fake.Core.Process (>= 5.22)
      Fake.Core.String (>= 5.22)
      Fake.Core.Trace (>= 5.22)
      Fake.DotNet.Cli (>= 5.22)
      Fake.IO.FileSystem (>= 5.22)
      FSharp.Core (>= 6.0)
    Fake.IO.FileSystem (5.22)
      Fake.Core.String (>= 5.22)
      FSharp.Core (>= 6.0)
    Fake.JavaScript.Npm (5.22)
      Fake.Core.Environment (>= 5.22)
      Fake.Core.Process (>= 5.22)
      Fake.IO.FileSystem (>= 5.22)
      Fake.Testing.Common (>= 5.22)
      FSharp.Core (>= 6.0)
    Fake.Net.Http (5.22)
      Fake.Core.Trace (>= 5.22)
      FSharp.Core (>= 6.0)
    Fake.Testing.Common (5.22)
      Fake.Core.Trace (>= 5.22)
      FSharp.Core (>= 6.0)
    Fare (2.2)
    FluentAssertions (6.5.1)
      System.Configuration.ConfigurationManager (>= 4.4) - restriction: || (&& (== net472) (>= netcoreapp2.1)) (&& (== net472) (>= netcoreapp3.0)) (== net6.0)
      System.Net.Http (>= 4.3.4) - restriction: || (== net472) (&& (== net6.0) (>= net47))
      System.Threading.Tasks.Extensions (>= 4.5) - restriction: || (== net472) (&& (== net6.0) (>= net47)) (&& (== net6.0) (< netcoreapp2.1) (< netstandard2.1))
    FluentValidation (10.4) - restriction: || (&& (== net472) (>= net6.0)) (== net6.0)
    FluentValidation.AspNetCore (10.4) - restriction: || (&& (== net472) (>= net6.0)) (== net6.0)
      FluentValidation (>= 10.4) - restriction: || (&& (== net472) (>= netcoreapp3.1)) (== net6.0)
      FluentValidation.DependencyInjectionExtensions (>= 10.4) - restriction: || (&& (== net472) (>= netcoreapp3.1)) (== net6.0)
    FluentValidation.DependencyInjectionExtensions (10.4) - restriction: || (&& (== net472) (>= net6.0)) (== net6.0)
      FluentValidation (>= 10.4)
      Microsoft.Extensions.DependencyInjection.Abstractions (>= 2.1)
    Fluid.Core (2.2.14) - restriction: || (&& (== net472) (>= net6.0)) (== net6.0)
      Microsoft.Extensions.FileProviders.Abstractions (>= 1.1.1)
      Parlot (>= 0.0.23)
      TimeZoneConverter (>= 3.5)
    FParsec (1.1.1)
      FSharp.Core (>= 4.3.4)
      System.ValueTuple (>= 4.4) - restriction: || (== net472) (&& (== net6.0) (>= net45))
    FSharp.Control.Reactive (5.0.2)
      FSharp.Core (>= 4.7.2)
      System.Reactive (>= 5.0)
    FSharp.Core (6.0.3)
    GeoJSON.Net (1.2.19)
      Newtonsoft.Json (>= 10.0.2)
    Humanizer.Core (2.14.1) - restriction: || (&& (== net472) (>= net6.0)) (== net6.0)
    librdkafka.redist (1.8.2) - restriction: || (&& (== net472) (>= net6.0)) (== net6.0)
    MailKit (3.2) - restriction: || (&& (== net472) (>= net6.0)) (== net6.0)
      MimeKit (>= 3.2)
    Microsoft.AspNetCore.Diagnostics.EntityFrameworkCore (6.0.3) - restriction: || (&& (== net472) (>= net6.0)) (== net6.0)
      Microsoft.EntityFrameworkCore.Relational (>= 6.0.3) - restriction: || (&& (== net472) (>= net6.0)) (== net6.0)
    Microsoft.AspNetCore.Hosting.Abstractions (2.2) - restriction: || (&& (== net472) (>= net6.0)) (== net6.0)
      Microsoft.AspNetCore.Hosting.Server.Abstractions (>= 2.2)
      Microsoft.AspNetCore.Http.Abstractions (>= 2.2)
      Microsoft.Extensions.Hosting.Abstractions (>= 2.2)
    Microsoft.AspNetCore.Hosting.Server.Abstractions (2.2) - restriction: || (&& (== net472) (>= net6.0)) (== net6.0)
      Microsoft.AspNetCore.Http.Features (>= 2.2)
      Microsoft.Extensions.Configuration.Abstractions (>= 2.2)
    Microsoft.AspNetCore.Http.Abstractions (2.2) - restriction: || (&& (== net472) (>= net6.0)) (== net6.0)
      Microsoft.AspNetCore.Http.Features (>= 2.2)
      System.Text.Encodings.Web (>= 4.5)
    Microsoft.AspNetCore.Http.Extensions (2.2) - restriction: || (&& (== net472) (>= net6.0)) (== net6.0)
      Microsoft.AspNetCore.Http.Abstractions (>= 2.2)
      Microsoft.Extensions.FileProviders.Abstractions (>= 2.2)
      Microsoft.Net.Http.Headers (>= 2.2)
      System.Buffers (>= 4.5)
    Microsoft.AspNetCore.Http.Features (5.0.15) - restriction: || (&& (== net472) (>= net6.0)) (== net6.0)
      Microsoft.Extensions.Primitives (>= 5.0.1)
      System.IO.Pipelines (>= 5.0.2)
    Microsoft.AspNetCore.JsonPatch (6.0.3) - restriction: || (&& (== net472) (>= net6.0)) (== net6.0)
      Microsoft.CSharp (>= 4.7)
      Newtonsoft.Json (>= 13.0.1)
    Microsoft.AspNetCore.Mvc.NewtonsoftJson (6.0.3) - restriction: || (&& (== net472) (>= net6.0)) (== net6.0)
      Microsoft.AspNetCore.JsonPatch (>= 6.0.3) - restriction: || (&& (== net472) (>= net6.0)) (== net6.0)
      Newtonsoft.Json (>= 13.0.1) - restriction: || (&& (== net472) (>= net6.0)) (== net6.0)
      Newtonsoft.Json.Bson (>= 1.0.2) - restriction: || (&& (== net472) (>= net6.0)) (== net6.0)
    Microsoft.AspNetCore.Mvc.Testing (6.0.4)
      Microsoft.AspNetCore.TestHost (>= 6.0.4) - restriction: || (&& (== net472) (>= net6.0)) (== net6.0)
      Microsoft.Extensions.DependencyModel (>= 6.0) - restriction: || (&& (== net472) (>= net6.0)) (== net6.0)
      Microsoft.Extensions.Hosting (>= 6.0.1) - restriction: || (&& (== net472) (>= net6.0)) (== net6.0)
    Microsoft.AspNetCore.Mvc.Versioning (5.0) - restriction: || (&& (== net472) (>= net6.0)) (== net6.0)
    Microsoft.AspNetCore.Mvc.Versioning.ApiExplorer (5.0) - restriction: || (&& (== net472) (>= net6.0)) (== net6.0)
      Microsoft.AspNetCore.Mvc.Versioning (>= 5.0) - restriction: || (&& (== net472) (>= netcoreapp3.1)) (== net6.0)
    Microsoft.AspNetCore.TestHost (6.0.5) - restriction: || (&& (== net472) (>= net6.0)) (== net6.0)
      System.IO.Pipelines (>= 6.0.3) - restriction: || (&& (== net472) (>= net6.0)) (== net6.0)
    Microsoft.Bcl.AsyncInterfaces (6.0)
      System.Threading.Tasks.Extensions (>= 4.5.4) - restriction: || (== net472) (&& (== net6.0) (>= net461)) (&& (== net6.0) (< netstandard2.1))
    Microsoft.Bcl.HashCode (1.1.1) - restriction: || (== net472) (&& (== net6.0) (>= net47)) (&& (== net6.0) (< netstandard2.1))
    Microsoft.Build (17.1)
      Microsoft.Build.Framework (>= 17.1)
      Microsoft.IO.Redist (>= 6.0) - restriction: || (== net472) (&& (== net6.0) (>= net472))
      Microsoft.NET.StringTools (>= 1.0)
      Microsoft.VisualStudio.Setup.Configuration.Interop (>= 3.0.4492) - restriction: || (== net472) (&& (== net6.0) (>= net472))
      Microsoft.Win32.Registry (>= 4.3) - restriction: || (&& (== net472) (>= net6.0)) (== net6.0)
      System.Collections.Immutable (>= 5.0)
      System.Configuration.ConfigurationManager (>= 4.7)
      System.Memory (>= 4.5.4) - restriction: || (== net472) (&& (== net6.0) (>= net472))
      System.Reflection.Metadata (>= 1.6) - restriction: || (&& (== net472) (>= net6.0)) (== net6.0)
      System.Security.Principal.Windows (>= 4.7) - restriction: || (&& (== net472) (>= net6.0)) (== net6.0)
      System.Text.Encoding.CodePages (>= 4.0.1) - restriction: || (&& (== net472) (>= net6.0)) (== net6.0)
      System.Text.Json (>= 6.0)
      System.Threading.Tasks.Dataflow (>= 6.0)
    Microsoft.Build.Framework (17.1)
      Microsoft.VisualStudio.Setup.Configuration.Interop (>= 3.0.4492) - restriction: || (== net472) (&& (== net6.0) (>= net472))
      Microsoft.Win32.Registry (>= 4.3) - restriction: == net6.0
      System.Runtime.CompilerServices.Unsafe (>= 6.0) - restriction: || (== net472) (&& (== net6.0) (>= net472))
      System.Security.Permissions (>= 4.7) - restriction: == net6.0
    Microsoft.Build.Tasks.Core (17.1)
      Microsoft.Build.Framework (>= 17.1)
      Microsoft.Build.Utilities.Core (>= 17.1)
      Microsoft.IO.Redist (>= 6.0) - restriction: || (== net472) (&& (== net6.0) (>= net472))
      Microsoft.NET.StringTools (>= 1.0)
      Microsoft.VisualStudio.Setup.Configuration.Interop (>= 3.0.4492) - restriction: || (== net472) (&& (== net6.0) (>= net472))
      Microsoft.Win32.Registry (>= 4.3) - restriction: == net6.0
      System.CodeDom (>= 4.4) - restriction: == net6.0
      System.Collections.Immutable (>= 5.0)
      System.Net.Http (>= 4.3.4) - restriction: || (== net472) (&& (== net6.0) (>= net472))
      System.Reflection.Metadata (>= 1.6) - restriction: == net6.0
      System.Resources.Extensions (>= 4.6)
      System.Security.Cryptography.Pkcs (>= 4.7) - restriction: == net6.0
      System.Security.Cryptography.Xml (>= 4.7) - restriction: == net6.0
      System.Security.Permissions (>= 4.7) - restriction: == net6.0
      System.Threading.Tasks.Dataflow (>= 6.0)
    Microsoft.Build.Utilities.Core (17.1)
      Microsoft.Build.Framework (>= 17.1)
      Microsoft.IO.Redist (>= 6.0) - restriction: || (== net472) (&& (== net6.0) (>= net472))
      Microsoft.NET.StringTools (>= 1.0)
      Microsoft.VisualStudio.Setup.Configuration.Interop (>= 3.0.4492) - restriction: || (== net472) (&& (== net6.0) (>= net472))
      Microsoft.Win32.Registry (>= 4.3) - restriction: == net6.0
      System.Collections.Immutable (>= 5.0)
      System.Configuration.ConfigurationManager (>= 4.7)
      System.Security.Permissions (>= 4.7) - restriction: == net6.0
      System.Text.Encoding.CodePages (>= 4.0.1) - restriction: == net6.0
    Microsoft.CodeCoverage (17.1)
    Microsoft.CSharp (4.7)
    Microsoft.Data.SqlClient (4.1)
      Azure.Identity (>= 1.3)
      Microsoft.Data.SqlClient.SNI.runtime (>= 4.0) - restriction: || (&& (== net472) (< net461)) (&& (== net472) (>= netstandard2.1)) (== net6.0)
      Microsoft.Identity.Client (>= 4.22)
      Microsoft.IdentityModel.JsonWebTokens (>= 6.8)
      Microsoft.IdentityModel.Protocols.OpenIdConnect (>= 6.8)
      Microsoft.Win32.Registry (>= 5.0) - restriction: || (&& (== net472) (< net461)) (&& (== net472) (>= netstandard2.1)) (== net6.0)
      System.Buffers (>= 4.5.1)
      System.Configuration.ConfigurationManager (>= 5.0)
      System.Diagnostics.DiagnosticSource (>= 5.0) - restriction: || (&& (== net472) (>= netcoreapp3.1)) (== net6.0)
      System.IO (>= 4.3)
      System.Resources.ResourceManager (>= 4.3) - restriction: || (&& (== net472) (< net461)) (&& (== net472) (>= netstandard2.1)) (== net6.0)
      System.Runtime.Caching (>= 5.0) - restriction: || (&& (== net472) (< net461)) (&& (== net472) (>= netstandard2.1)) (== net6.0)
      System.Security.Cryptography.Cng (>= 5.0) - restriction: || (&& (== net472) (< net461)) (&& (== net472) (>= netstandard2.1)) (== net6.0)
      System.Security.Principal.Windows (>= 5.0) - restriction: || (&& (== net472) (< net461)) (&& (== net472) (>= netstandard2.1)) (== net6.0)
      System.Text.Encoding.CodePages (>= 5.0) - restriction: || (&& (== net472) (< net461)) (&& (== net472) (>= netstandard2.1)) (== net6.0)
      System.Text.Encodings.Web (>= 4.7.2)
    Microsoft.Data.SqlClient.SNI.runtime (4.0) - restriction: || (&& (== net472) (>= net6.0)) (== net6.0)
    Microsoft.EntityFrameworkCore (6.0.3) - restriction: || (&& (== net472) (>= net6.0)) (== net6.0)
      Microsoft.EntityFrameworkCore.Abstractions (>= 6.0.3) - restriction: || (&& (== net472) (>= net6.0)) (== net6.0)
      Microsoft.EntityFrameworkCore.Analyzers (>= 6.0.3) - restriction: || (&& (== net472) (>= net6.0)) (== net6.0)
      Microsoft.Extensions.Caching.Memory (>= 6.0.1) - restriction: || (&& (== net472) (>= net6.0)) (== net6.0)
      Microsoft.Extensions.DependencyInjection (>= 6.0) - restriction: || (&& (== net472) (>= net6.0)) (== net6.0)
      Microsoft.Extensions.Logging (>= 6.0) - restriction: || (&& (== net472) (>= net6.0)) (== net6.0)
      System.Collections.Immutable (>= 6.0) - restriction: || (&& (== net472) (>= net6.0)) (== net6.0)
      System.Diagnostics.DiagnosticSource (>= 6.0) - restriction: || (&& (== net472) (>= net6.0)) (== net6.0)
    Microsoft.EntityFrameworkCore.Abstractions (6.0.3) - restriction: || (&& (== net472) (>= net6.0)) (== net6.0)
    Microsoft.EntityFrameworkCore.Analyzers (6.0.3) - restriction: || (&& (== net472) (>= net6.0)) (== net6.0)
    Microsoft.EntityFrameworkCore.Design (6.0.3)
      Humanizer.Core (>= 2.8.26) - restriction: || (&& (== net472) (>= net6.0)) (== net6.0)
      Microsoft.EntityFrameworkCore.Relational (>= 6.0.3) - restriction: || (&& (== net472) (>= net6.0)) (== net6.0)
    Microsoft.EntityFrameworkCore.InMemory (6.0.3)
      Microsoft.EntityFrameworkCore (>= 6.0.3) - restriction: || (&& (== net472) (>= net6.0)) (== net6.0)
    Microsoft.EntityFrameworkCore.Relational (6.0.3) - restriction: || (&& (== net472) (>= net6.0)) (== net6.0)
      Microsoft.EntityFrameworkCore (>= 6.0.3) - restriction: || (&& (== net472) (>= net6.0)) (== net6.0)
      Microsoft.Extensions.Configuration.Abstractions (>= 6.0) - restriction: || (&& (== net472) (>= net6.0)) (== net6.0)
    Microsoft.EntityFrameworkCore.SqlServer (6.0.3) - restriction: || (&& (== net472) (>= net6.0)) (== net6.0)
      Microsoft.Data.SqlClient (>= 2.1.4) - restriction: || (&& (== net472) (>= net6.0)) (== net6.0)
      Microsoft.EntityFrameworkCore.Relational (>= 6.0.3) - restriction: || (&& (== net472) (>= net6.0)) (== net6.0)
    Microsoft.EntityFrameworkCore.SqlServer.NetTopologySuite (6.0.3)
      Microsoft.EntityFrameworkCore.SqlServer (>= 6.0.3) - restriction: || (&& (== net472) (>= net6.0)) (== net6.0)
      NetTopologySuite (>= 2.3) - restriction: || (&& (== net472) (>= net6.0)) (== net6.0)
      NetTopologySuite.IO.SqlServerBytes (>= 2.0) - restriction: || (&& (== net472) (>= net6.0)) (== net6.0)
    Microsoft.Extensions.ApiDescription.Server (6.0.3) - restriction: || (&& (== net472) (>= net6.0)) (== net6.0)
    Microsoft.Extensions.Caching.Abstractions (6.0) - restriction: || (&& (== net472) (>= net6.0)) (== net6.0)
      Microsoft.Extensions.Primitives (>= 6.0)
    Microsoft.Extensions.Caching.Memory (6.0.1) - restriction: || (&& (== net472) (>= net6.0)) (== net6.0)
      Microsoft.Extensions.Caching.Abstractions (>= 6.0)
      Microsoft.Extensions.DependencyInjection.Abstractions (>= 6.0)
      Microsoft.Extensions.Logging.Abstractions (>= 6.0)
      Microsoft.Extensions.Options (>= 6.0)
      Microsoft.Extensions.Primitives (>= 6.0)
    Microsoft.Extensions.Configuration (6.0.1)
      Microsoft.Extensions.Configuration.Abstractions (>= 6.0)
      Microsoft.Extensions.Primitives (>= 6.0)
    Microsoft.Extensions.Configuration.Abstractions (6.0)
      Microsoft.Extensions.Primitives (>= 6.0)
      System.ValueTuple (>= 4.5) - restriction: || (== net472) (&& (== net6.0) (>= net461))
    Microsoft.Extensions.Configuration.Binder (6.0) - restriction: || (&& (== net472) (>= net6.0)) (== net6.0)
      Microsoft.Extensions.Configuration.Abstractions (>= 6.0)
    Microsoft.Extensions.Configuration.CommandLine (6.0)
      Microsoft.Extensions.Configuration (>= 6.0)
      Microsoft.Extensions.Configuration.Abstractions (>= 6.0)
    Microsoft.Extensions.Configuration.EnvironmentVariables (6.0.1)
      Microsoft.Extensions.Configuration (>= 6.0)
      Microsoft.Extensions.Configuration.Abstractions (>= 6.0)
    Microsoft.Extensions.Configuration.FileExtensions (6.0)
      Microsoft.Extensions.Configuration (>= 6.0)
      Microsoft.Extensions.Configuration.Abstractions (>= 6.0)
      Microsoft.Extensions.FileProviders.Abstractions (>= 6.0)
      Microsoft.Extensions.FileProviders.Physical (>= 6.0)
      Microsoft.Extensions.Primitives (>= 6.0)
    Microsoft.Extensions.Configuration.Json (6.0)
      Microsoft.Extensions.Configuration (>= 6.0)
      Microsoft.Extensions.Configuration.Abstractions (>= 6.0)
      Microsoft.Extensions.Configuration.FileExtensions (>= 6.0)
      Microsoft.Extensions.FileProviders.Abstractions (>= 6.0)
      System.Memory (>= 4.5.4) - restriction: || (== net472) (&& (== net6.0) (>= net461)) (&& (== net6.0) (< netstandard2.1))
      System.Text.Json (>= 6.0)
    Microsoft.Extensions.Configuration.UserSecrets (6.0.1) - restriction: || (&& (== net472) (>= net6.0)) (== net6.0)
      Microsoft.Extensions.Configuration.Abstractions (>= 6.0)
      Microsoft.Extensions.Configuration.Json (>= 6.0)
      Microsoft.Extensions.FileProviders.Abstractions (>= 6.0)
      Microsoft.Extensions.FileProviders.Physical (>= 6.0)
    Microsoft.Extensions.DependencyInjection (6.0) - restriction: || (&& (== net472) (>= net6.0)) (== net6.0)
      Microsoft.Extensions.DependencyInjection.Abstractions (>= 6.0)
      System.Runtime.CompilerServices.Unsafe (>= 6.0)
    Microsoft.Extensions.DependencyInjection.Abstractions (6.0)
    Microsoft.Extensions.DependencyModel (6.0) - restriction: || (&& (== net472) (>= net6.0)) (== net6.0)
      System.Buffers (>= 4.5.1)
      System.Memory (>= 4.5.4)
      System.Runtime.CompilerServices.Unsafe (>= 6.0)
      System.Text.Encodings.Web (>= 6.0)
      System.Text.Json (>= 6.0)
    Microsoft.Extensions.Diagnostics.HealthChecks (6.0.3)
      Microsoft.Extensions.Diagnostics.HealthChecks.Abstractions (>= 6.0.3)
      Microsoft.Extensions.Hosting.Abstractions (>= 6.0)
      Microsoft.Extensions.Logging.Abstractions (>= 6.0.1)
      Microsoft.Extensions.Options (>= 6.0)
    Microsoft.Extensions.Diagnostics.HealthChecks.Abstractions (6.0.3)
    Microsoft.Extensions.Diagnostics.HealthChecks.EntityFrameworkCore (6.0.3) - restriction: || (&& (== net472) (>= net6.0)) (== net6.0)
      Microsoft.EntityFrameworkCore.Relational (>= 6.0.3) - restriction: || (&& (== net472) (>= net6.0)) (== net6.0)
      Microsoft.Extensions.Diagnostics.HealthChecks (>= 6.0.3) - restriction: || (&& (== net472) (>= net6.0)) (== net6.0)
      Microsoft.Extensions.Diagnostics.HealthChecks.Abstractions (>= 6.0.3) - restriction: || (&& (== net472) (>= net6.0)) (== net6.0)
    Microsoft.Extensions.FileProviders.Abstractions (6.0)
      Microsoft.Extensions.Primitives (>= 6.0)
    Microsoft.Extensions.FileProviders.Embedded (6.0.3) - restriction: || (&& (== net472) (>= net6.0)) (== net6.0)
      Microsoft.Extensions.FileProviders.Abstractions (>= 6.0)
    Microsoft.Extensions.FileProviders.Physical (6.0)
      Microsoft.Extensions.FileProviders.Abstractions (>= 6.0)
      Microsoft.Extensions.FileSystemGlobbing (>= 6.0)
      Microsoft.Extensions.Primitives (>= 6.0)
      System.Security.Cryptography.Algorithms (>= 4.3.1) - restriction: || (== net472) (&& (== net6.0) (>= net461))
    Microsoft.Extensions.FileSystemGlobbing (6.0)
    Microsoft.Extensions.Hosting (6.0.1) - restriction: || (&& (== net472) (>= net6.0)) (== net6.0)
      Microsoft.Extensions.Configuration (>= 6.0)
      Microsoft.Extensions.Configuration.Abstractions (>= 6.0)
      Microsoft.Extensions.Configuration.Binder (>= 6.0)
      Microsoft.Extensions.Configuration.CommandLine (>= 6.0)
      Microsoft.Extensions.Configuration.EnvironmentVariables (>= 6.0.1)
      Microsoft.Extensions.Configuration.FileExtensions (>= 6.0)
      Microsoft.Extensions.Configuration.Json (>= 6.0)
      Microsoft.Extensions.Configuration.UserSecrets (>= 6.0.1)
      Microsoft.Extensions.DependencyInjection (>= 6.0)
      Microsoft.Extensions.DependencyInjection.Abstractions (>= 6.0)
      Microsoft.Extensions.FileProviders.Abstractions (>= 6.0)
      Microsoft.Extensions.FileProviders.Physical (>= 6.0)
      Microsoft.Extensions.Hosting.Abstractions (>= 6.0)
      Microsoft.Extensions.Logging (>= 6.0)
      Microsoft.Extensions.Logging.Abstractions (>= 6.0)
      Microsoft.Extensions.Logging.Configuration (>= 6.0)
      Microsoft.Extensions.Logging.Console (>= 6.0)
      Microsoft.Extensions.Logging.Debug (>= 6.0)
      Microsoft.Extensions.Logging.EventLog (>= 6.0)
      Microsoft.Extensions.Logging.EventSource (>= 6.0)
      Microsoft.Extensions.Options (>= 6.0)
    Microsoft.Extensions.Hosting.Abstractions (6.0)
      Microsoft.Bcl.AsyncInterfaces (>= 6.0) - restriction: || (== net472) (&& (== net6.0) (>= net461)) (&& (== net6.0) (< netstandard2.1))
      Microsoft.Extensions.Configuration.Abstractions (>= 6.0)
      Microsoft.Extensions.DependencyInjection.Abstractions (>= 6.0)
      Microsoft.Extensions.FileProviders.Abstractions (>= 6.0)
      System.Runtime.CompilerServices.Unsafe (>= 6.0) - restriction: || (== net472) (&& (== net6.0) (>= net461)) (&& (== net6.0) (< netstandard2.1))
      System.Threading.Tasks.Extensions (>= 4.5.4) - restriction: || (== net472) (&& (== net6.0) (>= net461)) (&& (== net6.0) (< netstandard2.1))
    Microsoft.Extensions.Http (6.0)
      Microsoft.Extensions.DependencyInjection.Abstractions (>= 6.0)
      Microsoft.Extensions.Logging (>= 6.0)
      Microsoft.Extensions.Logging.Abstractions (>= 6.0)
      Microsoft.Extensions.Options (>= 6.0)
    Microsoft.Extensions.Http.Polly (6.0.3)
      Microsoft.Extensions.Http (>= 6.0)
      Polly (>= 7.2.2)
      Polly.Extensions.Http (>= 3.0)
    Microsoft.Extensions.Localization (6.0.3) - restriction: || (&& (== net472) (>= net6.0)) (== net6.0)
      Microsoft.Extensions.DependencyInjection.Abstractions (>= 6.0)
      Microsoft.Extensions.Localization.Abstractions (>= 6.0.3)
      Microsoft.Extensions.Logging.Abstractions (>= 6.0.1)
      Microsoft.Extensions.Options (>= 6.0)
    Microsoft.Extensions.Localization.Abstractions (6.0.3) - restriction: || (&& (== net472) (>= net6.0)) (== net6.0)
    Microsoft.Extensions.Logging (6.0) - restriction: || (&& (== net472) (>= net6.0)) (== net6.0)
      Microsoft.Extensions.DependencyInjection (>= 6.0)
      Microsoft.Extensions.DependencyInjection.Abstractions (>= 6.0)
      Microsoft.Extensions.Logging.Abstractions (>= 6.0)
      Microsoft.Extensions.Options (>= 6.0)
      System.Diagnostics.DiagnosticSource (>= 6.0)
    Microsoft.Extensions.Logging.Abstractions (6.0.1)
    Microsoft.Extensions.Logging.Configuration (6.0) - restriction: || (&& (== net472) (>= net6.0)) (== net6.0)
      Microsoft.Extensions.Configuration (>= 6.0)
      Microsoft.Extensions.Configuration.Abstractions (>= 6.0)
      Microsoft.Extensions.Configuration.Binder (>= 6.0)
      Microsoft.Extensions.DependencyInjection.Abstractions (>= 6.0)
      Microsoft.Extensions.Logging (>= 6.0)
      Microsoft.Extensions.Logging.Abstractions (>= 6.0)
      Microsoft.Extensions.Options (>= 6.0)
      Microsoft.Extensions.Options.ConfigurationExtensions (>= 6.0)
    Microsoft.Extensions.Logging.Console (6.0) - restriction: || (&& (== net472) (>= net6.0)) (== net6.0)
      Microsoft.Extensions.DependencyInjection.Abstractions (>= 6.0)
      Microsoft.Extensions.Logging (>= 6.0)
      Microsoft.Extensions.Logging.Abstractions (>= 6.0)
      Microsoft.Extensions.Logging.Configuration (>= 6.0)
      Microsoft.Extensions.Options (>= 6.0)
      System.Text.Json (>= 6.0)
    Microsoft.Extensions.Logging.Debug (6.0) - restriction: || (&& (== net472) (>= net6.0)) (== net6.0)
      Microsoft.Extensions.DependencyInjection.Abstractions (>= 6.0)
      Microsoft.Extensions.Logging (>= 6.0)
      Microsoft.Extensions.Logging.Abstractions (>= 6.0)
    Microsoft.Extensions.Logging.EventLog (6.0) - restriction: || (&& (== net472) (>= net6.0)) (== net6.0)
      Microsoft.Extensions.DependencyInjection.Abstractions (>= 6.0)
      Microsoft.Extensions.Logging (>= 6.0)
      Microsoft.Extensions.Logging.Abstractions (>= 6.0)
      Microsoft.Extensions.Options (>= 6.0)
      System.Diagnostics.EventLog (>= 6.0) - restriction: || (&& (== net472) (< net461)) (== net6.0)
    Microsoft.Extensions.Logging.EventSource (6.0) - restriction: || (&& (== net472) (>= net6.0)) (== net6.0)
      Microsoft.Extensions.DependencyInjection.Abstractions (>= 6.0)
      Microsoft.Extensions.Logging (>= 6.0)
      Microsoft.Extensions.Logging.Abstractions (>= 6.0)
      Microsoft.Extensions.Options (>= 6.0)
      Microsoft.Extensions.Primitives (>= 6.0)
      System.Runtime.CompilerServices.Unsafe (>= 6.0)
      System.Text.Json (>= 6.0)
    Microsoft.Extensions.Options (6.0)
      Microsoft.Extensions.DependencyInjection.Abstractions (>= 6.0)
      Microsoft.Extensions.Primitives (>= 6.0)
    Microsoft.Extensions.Options.ConfigurationExtensions (6.0) - restriction: || (&& (== net472) (>= net6.0)) (== net6.0)
      Microsoft.Extensions.Configuration.Abstractions (>= 6.0)
      Microsoft.Extensions.Configuration.Binder (>= 6.0)
      Microsoft.Extensions.DependencyInjection.Abstractions (>= 6.0)
      Microsoft.Extensions.Options (>= 6.0)
      Microsoft.Extensions.Primitives (>= 6.0)
    Microsoft.Extensions.Primitives (6.0)
      System.Memory (>= 4.5.4) - restriction: || (== net472) (&& (== net6.0) (>= net461)) (&& (== net6.0) (< netcoreapp3.1))
      System.Runtime.CompilerServices.Unsafe (>= 6.0)
    Microsoft.Identity.Client (4.42.1) - restriction: || (&& (== net472) (>= net6.0)) (== net6.0)
    Microsoft.Identity.Client.Extensions.Msal (2.19.6) - restriction: || (&& (== net472) (>= net6.0)) (== net6.0)
      Microsoft.Identity.Client (>= 4.42)
      System.Security.Cryptography.ProtectedData (>= 4.5) - restriction: || (&& (== net472) (< net45)) (&& (== net472) (>= netcoreapp2.1)) (== net6.0)
    Microsoft.IdentityModel.JsonWebTokens (6.16) - restriction: || (&& (== net472) (>= net6.0)) (== net6.0)
      Microsoft.IdentityModel.Tokens (>= 6.16)
    Microsoft.IdentityModel.Logging (6.16) - restriction: || (&& (== net472) (>= net6.0)) (== net6.0)
    Microsoft.IdentityModel.Protocols (6.16) - restriction: || (&& (== net472) (>= net6.0)) (== net6.0)
      Microsoft.IdentityModel.Logging (>= 6.16)
      Microsoft.IdentityModel.Tokens (>= 6.16)
    Microsoft.IdentityModel.Protocols.OpenIdConnect (6.16) - restriction: || (&& (== net472) (>= net6.0)) (== net6.0)
      Microsoft.IdentityModel.Protocols (>= 6.16)
      System.IdentityModel.Tokens.Jwt (>= 6.16)
    Microsoft.IdentityModel.Tokens (6.16) - restriction: || (&& (== net472) (>= net6.0)) (== net6.0)
      Microsoft.CSharp (>= 4.5) - restriction: || (&& (== net472) (< net45)) (== net6.0)
      Microsoft.IdentityModel.Logging (>= 6.16)
      System.Security.Cryptography.Cng (>= 4.5) - restriction: || (&& (== net472) (< net45)) (== net6.0)
    Microsoft.IO.Redist (6.0) - restriction: || (== net472) (&& (== net6.0) (>= net472))
      System.Buffers (>= 4.5.1) - restriction: || (== net472) (&& (== net6.0) (>= net472))
      System.Memory (>= 4.5.4) - restriction: || (== net472) (&& (== net6.0) (>= net472))
    Microsoft.Net.Http.Headers (2.2.8) - restriction: || (&& (== net472) (>= net6.0)) (== net6.0)
      Microsoft.Extensions.Primitives (>= 2.2)
      System.Buffers (>= 4.5)
    Microsoft.NET.StringTools (1.0)
      System.Memory (>= 4.5.4)
      System.Runtime.CompilerServices.Unsafe (>= 5.0)
    Microsoft.NET.Test.Sdk (17.1)
      Microsoft.CodeCoverage (>= 17.1)
      Microsoft.TestPlatform.TestHost (>= 17.1) - restriction: || (&& (== net472) (>= netcoreapp1.0)) (== net6.0)
    Microsoft.NETCore.Platforms (6.0.2) - restriction: || (&& (== net472) (>= net6.0)) (== net6.0)
    Microsoft.NETCore.Targets (5.0) - restriction: || (&& (== net472) (>= net6.0)) (== net6.0)
    Microsoft.OpenApi (1.2.3) - restriction: || (&& (== net472) (>= net6.0)) (== net6.0)
    Microsoft.SqlServer.Types (13.0.4001)
    Microsoft.SyndicationFeed.ReaderWriter (1.0.2) - restriction: || (&& (== net472) (>= net6.0)) (== net6.0)
      System.Globalization (>= 4.3)
      System.Linq (>= 4.3)
      System.Runtime.Extensions (>= 4.3)
      System.Xml.ReaderWriter (>= 4.3)
    Microsoft.TestPlatform.ObjectModel (17.1) - restriction: || (&& (== net472) (>= netcoreapp1.0)) (== net6.0)
      NuGet.Frameworks (>= 5.11)
      System.Reflection.Metadata (>= 1.6)
    Microsoft.TestPlatform.TestHost (17.1) - restriction: || (&& (== net472) (>= netcoreapp1.0)) (== net6.0)
      Microsoft.TestPlatform.ObjectModel (>= 17.1) - restriction: || (&& (== net472) (>= netcoreapp1.0)) (&& (== net472) (>= uap10.0)) (== net6.0)
      Newtonsoft.Json (>= 9.0.1) - restriction: || (&& (== net472) (>= netcoreapp1.0)) (&& (== net472) (>= uap10.0)) (== net6.0)
    Microsoft.VisualStudio.Setup.Configuration.Interop (3.1.2196) - restriction: || (== net472) (&& (== net6.0) (>= net472))
    Microsoft.VisualStudio.Web.BrowserLink (2.2) - restriction: || (&& (== net472) (>= net6.0)) (== net6.0)
      Microsoft.AspNetCore.Hosting.Abstractions (>= 2.2)
      Microsoft.AspNetCore.Http.Abstractions (>= 2.2)
      Microsoft.AspNetCore.Http.Extensions (>= 2.2)
      Microsoft.Extensions.FileProviders.Physical (>= 2.2)
    Microsoft.Win32.Registry (5.0) - restriction: || (&& (== net472) (>= net6.0)) (== net6.0)
      System.Security.AccessControl (>= 5.0)
      System.Security.Principal.Windows (>= 5.0)
    Microsoft.Win32.SystemEvents (6.0) - restriction: || (&& (== net472) (>= netcoreapp3.1)) (== net6.0)
    MimeKit (3.2) - restriction: || (&& (== net472) (>= net6.0)) (== net6.0)
      Portable.BouncyCastle (>= 1.9)
      System.Security.Cryptography.Pkcs (>= 6.0) - restriction: || (&& (== net472) (>= net6.0)) (== net6.0)
    Mono.Posix.NETStandard (1.0)
    Moq (4.17.2)
      Castle.Core (>= 4.4.1)
      System.Threading.Tasks.Extensions (>= 4.5.4)
    MSBuild.StructuredLogger (2.1.630)
      Microsoft.Build (>= 16.10)
      Microsoft.Build.Framework (>= 16.10)
      Microsoft.Build.Tasks.Core (>= 16.10)
      Microsoft.Build.Utilities.Core (>= 16.10)
    Namotion.Reflection (2.0.10) - restriction: || (&& (== net472) (>= net6.0)) (== net6.0)
      Microsoft.CSharp (>= 4.3) - restriction: || (&& (== net472) (< net40)) (== net6.0)
    NETStandard.Library (2.0.3) - restriction: || (&& (== net472) (>= net6.0)) (== net6.0)
      Microsoft.NETCore.Platforms (>= 1.1)
    NetTopologySuite (2.4)
      System.Memory (>= 4.5.3)
    NetTopologySuite.IO.SqlServerBytes (2.1) - restriction: || (&& (== net472) (>= net6.0)) (== net6.0)
      NetTopologySuite (>= 2.0 < 3.0.0-A)
    Newtonsoft.Json (13.0.1)
    Newtonsoft.Json.Bson (1.0.2) - restriction: || (&& (== net472) (>= net6.0)) (== net6.0)
      Newtonsoft.Json (>= 12.0.1)
    NJsonSchema (10.6.10) - restriction: || (&& (== net472) (>= net6.0)) (== net6.0)
      Namotion.Reflection (>= 2.0.10)
      Newtonsoft.Json (>= 9.0.1)
    NJsonSchema.CodeGeneration (10.6.10) - restriction: || (&& (== net472) (>= net6.0)) (== net6.0)
      Fluid.Core (>= 2.2.14)
      Newtonsoft.Json (>= 9.0.1)
      NJsonSchema (>= 10.6.10)
      System.Text.Encodings.Web (>= 5.0.1)
    NJsonSchema.CodeGeneration.CSharp (10.6.10) - restriction: || (&& (== net472) (>= net6.0)) (== net6.0)
      Newtonsoft.Json (>= 9.0.1)
      NJsonSchema (>= 10.6.10)
      NJsonSchema.CodeGeneration (>= 10.6.10)
    NJsonSchema.CodeGeneration.TypeScript (10.6.10) - restriction: || (&& (== net472) (>= net6.0)) (== net6.0)
      Newtonsoft.Json (>= 9.0.1)
      NJsonSchema (>= 10.6.10)
      NJsonSchema.CodeGeneration (>= 10.6.10)
    NodaTime (3.0.10) - restriction: || (&& (== net472) (>= net6.0)) (== net6.0)
      System.Runtime.CompilerServices.Unsafe (>= 4.7.1)
    NodaTime.Serialization.JsonNet (3.0) - restriction: || (&& (== net472) (>= net6.0)) (== net6.0)
      Newtonsoft.Json (>= 12.0.1)
      NodaTime (>= 3.0 < 4.0)
    NSwag.CodeGeneration (13.15.10) - restriction: || (&& (== net472) (>= net6.0)) (== net6.0)
      Newtonsoft.Json (>= 9.0.1)
      NJsonSchema (>= 10.6.10)
      NJsonSchema.CodeGeneration (>= 10.6.10)
      NSwag.Core (>= 13.15.10)
    NSwag.CodeGeneration.CSharp (13.15.10) - restriction: || (&& (== net472) (>= net6.0)) (== net6.0)
      NJsonSchema.CodeGeneration.CSharp (>= 10.6.10)
      NSwag.CodeGeneration (>= 13.15.10)
    NSwag.CodeGeneration.TypeScript (13.15.10) - restriction: || (&& (== net472) (>= net6.0)) (== net6.0)
      NJsonSchema.CodeGeneration.TypeScript (>= 10.6.10)
      NSwag.CodeGeneration (>= 13.15.10)
    NSwag.Core (13.15.10) - restriction: || (&& (== net472) (>= net6.0)) (== net6.0)
      Newtonsoft.Json (>= 9.0.1)
      NJsonSchema (>= 10.6.10)
    NuGet.Common (6.1)
      NuGet.Frameworks (>= 6.1)
    NuGet.Configuration (6.1)
      NuGet.Common (>= 6.1)
      System.Security.Cryptography.ProtectedData (>= 4.4) - restriction: || (&& (== net472) (< net45)) (== net6.0)
    NuGet.Frameworks (6.1)
    NuGet.Packaging (6.1)
      Newtonsoft.Json (>= 13.0.1)
      NuGet.Configuration (>= 6.1)
      NuGet.Versioning (>= 6.1)
      System.Security.Cryptography.Cng (>= 5.0) - restriction: || (&& (== net472) (>= net5.0)) (== net6.0)
      System.Security.Cryptography.Pkcs (>= 5.0) - restriction: || (&& (== net472) (>= net5.0)) (== net6.0)
    NuGet.Protocol (6.1)
      NuGet.Packaging (>= 6.1)
    NuGet.Versioning (6.1)
    Parlot (0.0.23) - restriction: || (&& (== net472) (>= net6.0)) (== net6.0)
    Polly (7.2.3)
    Polly.Extensions.Http (3.0)
      Polly (>= 7.1)
    Portable.BouncyCastle (1.9) - restriction: || (&& (== net472) (>= net6.0)) (== net6.0)
    RestSharp (107.3)
      System.Text.Json (>= 5.0) - restriction: || (== net472) (&& (== net6.0) (< net5.0))
    runtime.native.System (4.3.1) - restriction: || (&& (== net472) (< net35)) (== net6.0)
      Microsoft.NETCore.Platforms (>= 1.1.1)
      Microsoft.NETCore.Targets (>= 1.1.3)
    runtime.native.System.Data.SqlClient.sni (4.7) - restriction: || (&& (== net472) (>= netcoreapp3.1)) (&& (== net472) (>= netstandard2.1)) (== net6.0)
      runtime.win-arm64.runtime.native.System.Data.SqlClient.sni (>= 4.4)
      runtime.win-x64.runtime.native.System.Data.SqlClient.sni (>= 4.4)
      runtime.win-x86.runtime.native.System.Data.SqlClient.sni (>= 4.4)
    runtime.win-arm64.runtime.native.System.Data.SqlClient.sni (4.4) - restriction: || (&& (== net472) (>= netcoreapp3.1)) (&& (== net472) (>= netstandard2.1)) (== net6.0)
    runtime.win-x64.runtime.native.System.Data.SqlClient.sni (4.4) - restriction: || (&& (== net472) (>= netcoreapp3.1)) (&& (== net472) (>= netstandard2.1)) (== net6.0)
    runtime.win-x86.runtime.native.System.Data.SqlClient.sni (4.4) - restriction: || (&& (== net472) (>= netcoreapp3.1)) (&& (== net472) (>= netstandard2.1)) (== net6.0)
    Scrutor (4.1) - restriction: || (&& (== net472) (>= net6.0)) (== net6.0)
      Microsoft.Extensions.DependencyInjection.Abstractions (>= 6.0) - restriction: || (&& (== net472) (>= net6.0)) (== net6.0)
      Microsoft.Extensions.DependencyModel (>= 6.0) - restriction: || (&& (== net472) (>= net6.0)) (== net6.0)
    Serilog (2.10)
    Serilog.Enrichers.Environment (2.2) - restriction: || (&& (== net472) (>= net6.0)) (== net6.0)
      Serilog (>= 2.3)
    Serilog.Enrichers.Thread (3.1) - restriction: || (&& (== net472) (>= net6.0)) (== net6.0)
      Serilog (>= 2.3)
    Serilog.Extensions.Logging (3.1) - restriction: || (&& (== net472) (>= net6.0)) (== net6.0)
      Microsoft.Extensions.Logging (>= 2.0)
      Serilog (>= 2.9)
    Serilog.Formatting.Compact (1.1) - restriction: || (&& (== net472) (>= net6.0)) (== net6.0)
      Serilog (>= 2.8)
    Serilog.Settings.Configuration (3.3) - restriction: || (&& (== net472) (>= net6.0)) (== net6.0)
      Microsoft.Extensions.DependencyModel (>= 3.0)
      Microsoft.Extensions.Options.ConfigurationExtensions (>= 2.0)
      Serilog (>= 2.10)
    Serilog.Sinks.Console (4.0.1) - restriction: || (&& (== net472) (>= net6.0)) (== net6.0)
      Serilog (>= 2.10)
    Serilog.Sinks.Email (2.4) - restriction: || (&& (== net472) (>= net6.0)) (== net6.0)
      MailKit (>= 2.6) - restriction: || (&& (== net472) (< net45)) (&& (== net472) (>= netstandard2.1)) (== net6.0)
      NETStandard.Library (>= 2.0.3) - restriction: || (&& (== net472) (< net45)) (&& (== net472) (>= netstandard2.1)) (== net6.0)
      Serilog (>= 2.9)
      Serilog.Sinks.PeriodicBatching (>= 2.3)
      System.Linq (>= 4.3) - restriction: || (&& (== net472) (< net45)) (&& (== net472) (>= netstandard2.1)) (== net6.0)
      System.Threading (>= 4.3) - restriction: || (&& (== net472) (< net45)) (&& (== net472) (>= netstandard2.1)) (== net6.0)
    Serilog.Sinks.File (5.0) - restriction: || (&& (== net472) (>= net6.0)) (== net6.0)
      Serilog (>= 2.10)
    Serilog.Sinks.PeriodicBatching (2.3.1) - restriction: || (&& (== net472) (>= net6.0)) (== net6.0)
      Serilog (>= 2.0)
    Serilog.Sinks.XUnit (3.0.3)
      Serilog (>= 2.10)
      xunit.abstractions (>= 2.0.3)
      xunit.core (>= 2.4.1)
    SourceLink.Copy.PdbFiles (2.8.3) - copy_local: true
    SourceLink.Embed.AllSourceFiles (2.8.3) - copy_local: true
    SqlStreamStore (1.2) - restriction: || (&& (== net472) (>= net6.0)) (== net6.0)
      Microsoft.CSharp (>= 4.7)
    SqlStreamStore.MsSql (1.2) - restriction: || (&& (== net472) (>= net6.0)) (== net6.0)
      Microsoft.Data.SqlClient (>= 1.1)
      SqlStreamStore (>= 1.2)
    Structurizr.AdrTools (0.9.3)
      NETStandard.Library (>= 1.6.1) - restriction: || (&& (== net472) (< net45)) (== net6.0)
      Structurizr.Core (>= 0.9.3)
    Structurizr.Client (0.9.7)
      Structurizr.Core (>= 0.9.7)
      System.Net.Http (>= 4.3.2)
    Structurizr.Core (0.9.7)
      Newtonsoft.Json (>= 10.0.3)
    Swashbuckle.AspNetCore (6.3) - restriction: || (&& (== net472) (>= net6.0)) (== net6.0)
      Microsoft.Extensions.ApiDescription.Server (>= 3.0)
      Swashbuckle.AspNetCore.Swagger (>= 6.3)
      Swashbuckle.AspNetCore.SwaggerGen (>= 6.3)
      Swashbuckle.AspNetCore.SwaggerUI (>= 6.3)
    Swashbuckle.AspNetCore.Annotations (6.3) - restriction: || (&& (== net472) (>= net6.0)) (== net6.0)
      Swashbuckle.AspNetCore.SwaggerGen (>= 6.3)
    Swashbuckle.AspNetCore.Filters (6.0.1) - restriction: || (&& (== net472) (>= net6.0)) (== net6.0)
      Microsoft.Extensions.DependencyInjection (>= 2.1)
      Microsoft.OpenApi (>= 1.2.2)
      Newtonsoft.Json (>= 12.0.3)
      Scrutor (>= 3.0.1)
      Swashbuckle.AspNetCore (>= 5.0)
      Swashbuckle.AspNetCore.Annotations (>= 5.0)
    Swashbuckle.AspNetCore.Newtonsoft (6.3) - restriction: || (&& (== net472) (>= net6.0)) (== net6.0)
      Microsoft.AspNetCore.Mvc.NewtonsoftJson (>= 6.0.0-rc.1.21452.15) - restriction: || (&& (== net472) (>= net6.0)) (== net6.0)
      Swashbuckle.AspNetCore.SwaggerGen (>= 6.3)
    Swashbuckle.AspNetCore.Swagger (6.3) - restriction: || (&& (== net472) (>= net6.0)) (== net6.0)
      Microsoft.OpenApi (>= 1.2.3)
    Swashbuckle.AspNetCore.SwaggerGen (6.3) - restriction: || (&& (== net472) (>= net6.0)) (== net6.0)
      Swashbuckle.AspNetCore.Swagger (>= 6.3)
    Swashbuckle.AspNetCore.SwaggerUI (6.3) - restriction: || (&& (== net472) (>= net6.0)) (== net6.0)
    System.Buffers (4.5.1)
    System.CodeDom (6.0) - restriction: || (&& (== net472) (>= netstandard2.1)) (== net6.0)
    System.Collections (4.3) - restriction: || (&& (== net472) (>= net6.0)) (== net6.0)
      Microsoft.NETCore.Platforms (>= 1.1) - restriction: || (&& (== net472) (< net45)) (== net6.0)
      Microsoft.NETCore.Targets (>= 1.1) - restriction: || (&& (== net472) (< net45)) (== net6.0)
      System.Runtime (>= 4.3) - restriction: || (&& (== net472) (< net45)) (== net6.0)
    System.Collections.Immutable (6.0)
      System.Runtime.CompilerServices.Unsafe (>= 6.0)
    System.Collections.NonGeneric (4.3) - restriction: || (&& (== net472) (< net35)) (== net6.0)
      System.Diagnostics.Debug (>= 4.3) - restriction: || (&& (== net472) (< net46)) (== net6.0)
      System.Globalization (>= 4.3) - restriction: || (&& (== net472) (< net46)) (== net6.0)
      System.Resources.ResourceManager (>= 4.3) - restriction: || (&& (== net472) (< net46)) (== net6.0)
      System.Runtime (>= 4.3) - restriction: || (&& (== net472) (< net46)) (== net6.0)
      System.Runtime.Extensions (>= 4.3) - restriction: || (&& (== net472) (< net46)) (== net6.0)
      System.Threading (>= 4.3) - restriction: || (&& (== net472) (< net46)) (== net6.0)
    System.Collections.Specialized (4.3) - restriction: || (&& (== net472) (< net35)) (== net6.0)
      System.Collections.NonGeneric (>= 4.3) - restriction: || (&& (== net472) (< net46)) (== net6.0)
      System.Globalization (>= 4.3) - restriction: || (&& (== net472) (< net46)) (== net6.0)
      System.Globalization.Extensions (>= 4.3) - restriction: || (&& (== net472) (< net46)) (== net6.0)
      System.Resources.ResourceManager (>= 4.3) - restriction: || (&& (== net472) (< net46)) (== net6.0)
      System.Runtime (>= 4.3) - restriction: || (&& (== net472) (< net46)) (== net6.0)
      System.Runtime.Extensions (>= 4.3) - restriction: || (&& (== net472) (< net46)) (== net6.0)
      System.Threading (>= 4.3) - restriction: || (&& (== net472) (< net46)) (== net6.0)
    System.ComponentModel (4.3) - restriction: || (&& (== net472) (< net35)) (== net6.0)
      System.Runtime (>= 4.3) - restriction: || (&& (== net472) (< net45)) (== net6.0)
    System.ComponentModel.Annotations (5.0) - restriction: || (&& (== net472) (>= netstandard2.1)) (== net6.0)
    System.ComponentModel.Primitives (4.3) - restriction: || (&& (== net472) (< net35)) (&& (== net472) (< netstandard1.0) (>= win8)) (&& (== net472) (>= wp8)) (&& (== net472) (>= wpa81)) (== net6.0)
      System.ComponentModel (>= 4.3) - restriction: || (&& (== net472) (< net45)) (== net6.0)
      System.Resources.ResourceManager (>= 4.3) - restriction: || (&& (== net472) (< net45)) (== net6.0)
      System.Runtime (>= 4.3) - restriction: || (&& (== net472) (< net45)) (== net6.0)
    System.ComponentModel.TypeConverter (4.3) - restriction: || (&& (== net472) (< net35)) (== net6.0)
      System.Collections (>= 4.3) - restriction: || (&& (== net472) (< net45)) (== net6.0)
      System.Collections.NonGeneric (>= 4.3)
      System.Collections.Specialized (>= 4.3) - restriction: || (&& (== net472) (< net45)) (== net6.0)
      System.ComponentModel (>= 4.3) - restriction: || (&& (== net472) (< net45)) (== net6.0)
      System.ComponentModel.Primitives (>= 4.3)
      System.Globalization (>= 4.3) - restriction: || (&& (== net472) (< net45)) (== net6.0)
      System.Linq (>= 4.3) - restriction: || (&& (== net472) (< net45)) (== net6.0)
      System.Reflection (>= 4.3) - restriction: || (&& (== net472) (< net45)) (== net6.0)
      System.Reflection.Extensions (>= 4.3) - restriction: || (&& (== net472) (< net45)) (== net6.0)
      System.Reflection.Primitives (>= 4.3) - restriction: || (&& (== net472) (< net45)) (== net6.0)
      System.Reflection.TypeExtensions (>= 4.3) - restriction: || (&& (== net472) (< net45)) (== net6.0)
      System.Resources.ResourceManager (>= 4.3) - restriction: || (&& (== net472) (< net45)) (== net6.0)
      System.Runtime (>= 4.3) - restriction: || (&& (== net472) (< net45)) (== net6.0)
      System.Runtime.Extensions (>= 4.3) - restriction: || (&& (== net472) (< net45)) (== net6.0)
      System.Threading (>= 4.3) - restriction: || (&& (== net472) (< net45)) (== net6.0)
    System.Configuration.ConfigurationManager (6.0)
      System.Security.Cryptography.ProtectedData (>= 6.0) - restriction: || (&& (== net472) (< net461)) (&& (== net472) (>= net6.0)) (== net6.0)
      System.Security.Permissions (>= 6.0)
    System.Data.Common (4.3) - restriction: || (&& (== net472) (>= net6.0)) (== net6.0)
      System.Collections (>= 4.3) - restriction: || (&& (== net472) (< net451)) (== net6.0)
      System.Globalization (>= 4.3) - restriction: || (&& (== net472) (< net451)) (== net6.0)
      System.IO (>= 4.3) - restriction: || (&& (== net472) (< net451)) (== net6.0)
      System.Resources.ResourceManager (>= 4.3) - restriction: || (&& (== net472) (< net451)) (== net6.0)
      System.Runtime (>= 4.3) - restriction: || (&& (== net472) (< net451)) (== net6.0)
      System.Runtime.Extensions (>= 4.3) - restriction: || (&& (== net472) (< net451)) (== net6.0)
      System.Text.RegularExpressions (>= 4.3) - restriction: || (&& (== net472) (< net451)) (== net6.0)
      System.Threading.Tasks (>= 4.3) - restriction: || (&& (== net472) (< net451)) (== net6.0)
    System.Data.SqlClient (4.8.3) - restriction: || (&& (== net472) (>= netstandard2.1)) (== net6.0)
      Microsoft.Win32.Registry (>= 4.7) - restriction: || (&& (== net472) (< net451)) (&& (== net472) (>= netcoreapp2.0)) (&& (== net472) (>= netcoreapp2.1)) (&& (== net472) (>= netcoreapp3.1)) (== net6.0)
      runtime.native.System.Data.SqlClient.sni (>= 4.7) - restriction: || (&& (== net472) (< net451)) (&& (== net472) (>= netcoreapp2.0)) (&& (== net472) (>= netcoreapp2.1)) (&& (== net472) (>= netcoreapp3.1)) (== net6.0)
      System.Security.Principal.Windows (>= 4.7) - restriction: || (&& (== net472) (< net451)) (&& (== net472) (>= netcoreapp2.0)) (&& (== net472) (>= netcoreapp2.1)) (&& (== net472) (>= netcoreapp3.1)) (== net6.0)
    System.Diagnostics.Debug (4.3) - restriction: || (&& (== net472) (< net35)) (== net6.0)
      Microsoft.NETCore.Platforms (>= 1.1) - restriction: || (&& (== net472) (< net45)) (== net6.0)
      Microsoft.NETCore.Targets (>= 1.1) - restriction: || (&& (== net472) (< net45)) (== net6.0)
      System.Runtime (>= 4.3) - restriction: || (&& (== net472) (< net45)) (== net6.0)
    System.Diagnostics.DiagnosticSource (6.0) - restriction: || (&& (== net472) (>= net6.0)) (== net6.0)
      System.Runtime.CompilerServices.Unsafe (>= 6.0)
    System.Diagnostics.EventLog (6.0) - restriction: || (&& (== net472) (>= net6.0)) (== net6.0)
    System.Diagnostics.TraceSource (4.3) - restriction: || (&& (== net472) (< net35)) (== net6.0)
      Microsoft.NETCore.Platforms (>= 1.1) - restriction: || (&& (== net472) (< net46)) (== net6.0)
      runtime.native.System (>= 4.3) - restriction: || (&& (== net472) (< net46)) (== net6.0)
      System.Collections (>= 4.3) - restriction: || (&& (== net472) (< net46)) (== net6.0)
      System.Diagnostics.Debug (>= 4.3) - restriction: || (&& (== net472) (< net46)) (== net6.0)
      System.Globalization (>= 4.3) - restriction: || (&& (== net472) (< net46)) (== net6.0)
      System.Resources.ResourceManager (>= 4.3) - restriction: || (&& (== net472) (< net46)) (== net6.0)
      System.Runtime (>= 4.3) - restriction: || (&& (== net472) (< net46)) (== net6.0)
      System.Runtime.Extensions (>= 4.3) - restriction: || (&& (== net472) (< net46)) (== net6.0)
      System.Threading (>= 4.3) - restriction: || (&& (== net472) (< net46)) (== net6.0)
    System.Drawing.Common (6.0) - restriction: || (&& (== net472) (>= netcoreapp3.1)) (== net6.0)
      Microsoft.Win32.SystemEvents (>= 6.0) - restriction: || (&& (== net472) (>= netcoreapp3.1)) (== net6.0)
    System.Dynamic.Runtime (4.3) - restriction: || (&& (== net472) (< net35)) (== net6.0)
      System.Collections (>= 4.3) - restriction: || (&& (== net472) (< net45)) (== net6.0)
      System.Diagnostics.Debug (>= 4.3) - restriction: || (&& (== net472) (< net45)) (== net6.0)
      System.Linq (>= 4.3) - restriction: || (&& (== net472) (< net45)) (== net6.0)
      System.Linq.Expressions (>= 4.3) - restriction: || (&& (== net472) (< net45)) (== net6.0)
      System.ObjectModel (>= 4.3) - restriction: || (&& (== net472) (< net45)) (== net6.0)
      System.Reflection (>= 4.3) - restriction: || (&& (== net472) (< net45)) (== net6.0)
      System.Reflection.Emit (>= 4.3) - restriction: || (&& (== net472) (< net45)) (== net6.0)
      System.Reflection.Emit.ILGeneration (>= 4.3) - restriction: || (&& (== net472) (< net45)) (== net6.0)
      System.Reflection.Primitives (>= 4.3) - restriction: || (&& (== net472) (< net45)) (== net6.0)
      System.Reflection.TypeExtensions (>= 4.3) - restriction: || (&& (== net472) (< net45)) (== net6.0)
      System.Resources.ResourceManager (>= 4.3) - restriction: || (&& (== net472) (< net45)) (== net6.0)
      System.Runtime (>= 4.3) - restriction: || (&& (== net472) (< net45)) (== net6.0)
      System.Runtime.Extensions (>= 4.3) - restriction: || (&& (== net472) (< net45)) (== net6.0)
      System.Threading (>= 4.3) - restriction: || (&& (== net472) (< net45)) (== net6.0)
    System.Formats.Asn1 (6.0) - restriction: || (&& (== net472) (>= net6.0)) (== net6.0)
    System.Globalization (4.3) - restriction: || (&& (== net472) (>= net6.0)) (== net6.0)
      Microsoft.NETCore.Platforms (>= 1.1) - restriction: || (&& (== net472) (< net45)) (== net6.0)
      Microsoft.NETCore.Targets (>= 1.1) - restriction: || (&& (== net472) (< net45)) (== net6.0)
      System.Runtime (>= 4.3) - restriction: || (&& (== net472) (< net45)) (== net6.0)
    System.Globalization.Extensions (4.3) - restriction: || (&& (== net472) (< net35)) (== net6.0)
      Microsoft.NETCore.Platforms (>= 1.1) - restriction: || (&& (== net472) (< net46)) (== net6.0)
      System.Globalization (>= 4.3) - restriction: || (&& (== net472) (< net46)) (== net6.0)
      System.Resources.ResourceManager (>= 4.3) - restriction: || (&& (== net472) (< net46)) (== net6.0)
      System.Runtime (>= 4.3) - restriction: || (&& (== net472) (< net46)) (== net6.0)
      System.Runtime.Extensions (>= 4.3) - restriction: || (&& (== net472) (< net46)) (== net6.0)
      System.Runtime.InteropServices (>= 4.3) - restriction: || (&& (== net472) (< net46)) (== net6.0)
    System.IdentityModel.Tokens.Jwt (6.16) - restriction: || (&& (== net472) (>= net6.0)) (== net6.0)
      Microsoft.IdentityModel.JsonWebTokens (>= 6.16)
      Microsoft.IdentityModel.Tokens (>= 6.16)
    System.IO (4.3)
      Microsoft.NETCore.Platforms (>= 1.1) - restriction: || (&& (== net472) (< net45)) (== net6.0)
      Microsoft.NETCore.Targets (>= 1.1) - restriction: || (&& (== net472) (< net45)) (== net6.0)
      System.Runtime (>= 4.3) - restriction: || (&& (== net472) (< net45)) (== net6.0)
      System.Text.Encoding (>= 4.3) - restriction: || (&& (== net472) (< net45)) (== net6.0)
      System.Threading.Tasks (>= 4.3) - restriction: || (&& (== net472) (< net45)) (== net6.0)
    System.IO.FileSystem (4.3) - restriction: || (&& (== net472) (>= net6.0)) (== net6.0)
      Microsoft.NETCore.Platforms (>= 1.1) - restriction: || (&& (== net472) (< net46)) (== net6.0)
      Microsoft.NETCore.Targets (>= 1.1) - restriction: || (&& (== net472) (< net46)) (== net6.0)
      System.IO (>= 4.3) - restriction: || (&& (== net472) (< net46)) (== net6.0)
      System.IO.FileSystem.Primitives (>= 4.3)
      System.Runtime (>= 4.3) - restriction: || (&& (== net472) (< net46)) (== net6.0)
      System.Runtime.Handles (>= 4.3) - restriction: || (&& (== net472) (< net46)) (== net6.0)
      System.Text.Encoding (>= 4.3) - restriction: || (&& (== net472) (< net46)) (== net6.0)
      System.Threading.Tasks (>= 4.3) - restriction: || (&& (== net472) (< net46)) (== net6.0)
    System.IO.FileSystem.Primitives (4.3) - restriction: || (&& (== net472) (>= net6.0)) (== net6.0)
      System.Runtime (>= 4.3) - restriction: || (&& (== net472) (< net46)) (== net6.0)
    System.IO.Pipelines (6.0.3) - restriction: || (&& (== net472) (>= net6.0)) (== net6.0)
    System.Linq (4.3) - restriction: || (&& (== net472) (>= net6.0)) (== net6.0)
      System.Collections (>= 4.3) - restriction: || (&& (== net472) (< net45)) (== net6.0)
      System.Diagnostics.Debug (>= 4.3) - restriction: || (&& (== net472) (< net45)) (== net6.0)
      System.Resources.ResourceManager (>= 4.3) - restriction: || (&& (== net472) (< net45)) (== net6.0)
      System.Runtime (>= 4.3) - restriction: || (&& (== net472) (< net45)) (== net6.0)
      System.Runtime.Extensions (>= 4.3) - restriction: || (&& (== net472) (< net45)) (== net6.0)
    System.Linq.Expressions (4.3) - restriction: || (&& (== net472) (< net35)) (== net6.0)
      System.Collections (>= 4.3) - restriction: || (&& (== net472) (< net45)) (== net6.0)
      System.Diagnostics.Debug (>= 4.3) - restriction: || (&& (== net472) (< net45)) (== net6.0)
      System.Globalization (>= 4.3) - restriction: || (&& (== net472) (< net45)) (== net6.0)
      System.IO (>= 4.3) - restriction: || (&& (== net472) (< net45)) (== net6.0)
      System.Linq (>= 4.3) - restriction: || (&& (== net472) (< net45)) (== net6.0)
      System.ObjectModel (>= 4.3) - restriction: || (&& (== net472) (< net45)) (== net6.0)
      System.Reflection (>= 4.3) - restriction: || (&& (== net472) (< net45)) (== net6.0)
      System.Reflection.Emit (>= 4.3) - restriction: || (&& (== net472) (< net45)) (== net6.0)
      System.Reflection.Emit.ILGeneration (>= 4.3) - restriction: || (&& (== net472) (< net45)) (== net6.0)
      System.Reflection.Emit.Lightweight (>= 4.3) - restriction: || (&& (== net472) (< net45)) (== net6.0)
      System.Reflection.Extensions (>= 4.3) - restriction: || (&& (== net472) (< net45)) (== net6.0)
      System.Reflection.Primitives (>= 4.3) - restriction: || (&& (== net472) (< net45)) (== net6.0)
      System.Reflection.TypeExtensions (>= 4.3) - restriction: || (&& (== net472) (< net45)) (== net6.0)
      System.Resources.ResourceManager (>= 4.3) - restriction: || (&& (== net472) (< net45)) (== net6.0)
      System.Runtime (>= 4.3) - restriction: || (&& (== net472) (< net45)) (== net6.0)
      System.Runtime.Extensions (>= 4.3) - restriction: || (&& (== net472) (< net45)) (== net6.0)
      System.Threading (>= 4.3) - restriction: || (&& (== net472) (< net45)) (== net6.0)
    System.Memory (4.5.4)
      System.Buffers (>= 4.5.1) - restriction: || (== net472) (&& (== net6.0) (>= monotouch)) (&& (== net6.0) (>= net461)) (&& (== net6.0) (< netcoreapp2.0)) (&& (== net6.0) (< netstandard1.1)) (&& (== net6.0) (< netstandard2.0)) (&& (== net6.0) (>= xamarinios)) (&& (== net6.0) (>= xamarinmac)) (&& (== net6.0) (>= xamarintvos)) (&& (== net6.0) (>= xamarinwatchos))
      System.Numerics.Vectors (>= 4.5) - restriction: || (== net472) (&& (== net6.0) (>= net461))
      System.Runtime.CompilerServices.Unsafe (>= 4.5.3) - restriction: || (== net472) (&& (== net6.0) (>= monotouch)) (&& (== net6.0) (>= net461)) (&& (== net6.0) (< netcoreapp2.0)) (&& (== net6.0) (< netcoreapp2.1)) (&& (== net6.0) (< netstandard1.1)) (&& (== net6.0) (< netstandard2.0)) (&& (== net6.0) (>= uap10.1)) (&& (== net6.0) (>= xamarinios)) (&& (== net6.0) (>= xamarinmac)) (&& (== net6.0) (>= xamarintvos)) (&& (== net6.0) (>= xamarinwatchos))
    System.Memory.Data (6.0) - restriction: || (&& (== net472) (>= net6.0)) (== net6.0)
      System.Text.Json (>= 6.0)
    System.Net.Http (4.3.4)
      System.Security.Cryptography.X509Certificates (>= 4.3)
    System.Numerics.Vectors (4.5)
    System.ObjectModel (4.3) - restriction: || (&& (== net472) (< net35)) (== net6.0)
      System.Collections (>= 4.3) - restriction: || (&& (== net472) (< net45)) (== net6.0)
      System.Diagnostics.Debug (>= 4.3) - restriction: || (&& (== net472) (< net45)) (== net6.0)
      System.Resources.ResourceManager (>= 4.3) - restriction: || (&& (== net472) (< net45)) (== net6.0)
      System.Runtime (>= 4.3) - restriction: || (&& (== net472) (< net45)) (== net6.0)
      System.Threading (>= 4.3) - restriction: || (&& (== net472) (< net45)) (== net6.0)
    System.Reactive (5.0)
    System.Reflection (4.3) - restriction: || (&& (== net472) (>= net6.0)) (== net6.0)
      Microsoft.NETCore.Platforms (>= 1.1) - restriction: || (&& (== net472) (< net45)) (== net6.0)
      Microsoft.NETCore.Targets (>= 1.1) - restriction: || (&& (== net472) (< net45)) (== net6.0)
      System.IO (>= 4.3) - restriction: || (&& (== net472) (< net45)) (== net6.0)
      System.Reflection.Primitives (>= 4.3) - restriction: || (&& (== net472) (< net45)) (== net6.0)
      System.Runtime (>= 4.3) - restriction: || (&& (== net472) (< net45)) (== net6.0)
    System.Reflection.Emit (4.7) - restriction: || (&& (== net472) (< net35)) (== net6.0)
    System.Reflection.Emit.ILGeneration (4.7) - restriction: || (&& (== net472) (< net35)) (== net6.0)
    System.Reflection.Emit.Lightweight (4.7) - restriction: || (&& (== net472) (< net35)) (== net6.0)
    System.Reflection.Extensions (4.3) - restriction: || (&& (== net472) (< net35)) (== net6.0)
      Microsoft.NETCore.Platforms (>= 1.1) - restriction: || (&& (== net472) (< net45)) (== net6.0)
      Microsoft.NETCore.Targets (>= 1.1) - restriction: || (&& (== net472) (< net45)) (== net6.0)
      System.Reflection (>= 4.3) - restriction: || (&& (== net472) (< net45)) (== net6.0)
      System.Runtime (>= 4.3) - restriction: || (&& (== net472) (< net45)) (== net6.0)
    System.Reflection.Metadata (6.0.1) - restriction: || (&& (== net472) (>= net6.0)) (== net6.0)
      System.Collections.Immutable (>= 6.0)
    System.Reflection.Primitives (4.3) - restriction: || (&& (== net472) (>= net6.0)) (== net6.0)
      Microsoft.NETCore.Platforms (>= 1.1) - restriction: || (&& (== net472) (< net45)) (== net6.0)
      Microsoft.NETCore.Targets (>= 1.1) - restriction: || (&& (== net472) (< net45)) (== net6.0)
      System.Runtime (>= 4.3) - restriction: || (&& (== net472) (< net45)) (== net6.0)
    System.Reflection.TypeExtensions (4.7) - restriction: || (&& (== net472) (< net35)) (== net6.0)
    System.Resources.Extensions (6.0)
      System.Memory (>= 4.5.4) - restriction: || (== net472) (&& (== net6.0) (>= net461))
    System.Resources.ResourceManager (4.3) - restriction: || (&& (== net472) (>= net6.0)) (== net6.0)
      Microsoft.NETCore.Platforms (>= 1.1) - restriction: || (&& (== net472) (< net45)) (== net6.0)
      Microsoft.NETCore.Targets (>= 1.1) - restriction: || (&& (== net472) (< net45)) (== net6.0)
      System.Globalization (>= 4.3) - restriction: || (&& (== net472) (< net45)) (== net6.0)
      System.Reflection (>= 4.3) - restriction: || (&& (== net472) (< net45)) (== net6.0)
      System.Runtime (>= 4.3) - restriction: || (&& (== net472) (< net45)) (== net6.0)
    System.Runtime (4.3.1)
      Microsoft.NETCore.Platforms (>= 1.1.1) - restriction: || (&& (== net472) (< net45)) (== net6.0)
      Microsoft.NETCore.Targets (>= 1.1.3) - restriction: || (&& (== net472) (< net45)) (== net6.0)
    System.Runtime.Caching (6.0) - restriction: || (&& (== net472) (>= net6.0)) (== net6.0)
      System.Configuration.ConfigurationManager (>= 6.0)
    System.Runtime.CompilerServices.Unsafe (6.0)
    System.Runtime.Extensions (4.3.1) - restriction: || (&& (== net472) (>= net6.0)) (== net6.0)
      Microsoft.NETCore.Platforms (>= 1.1.1) - restriction: || (&& (== net472) (< net45)) (== net6.0)
      Microsoft.NETCore.Targets (>= 1.1.3) - restriction: || (&& (== net472) (< net45)) (== net6.0)
      System.Runtime (>= 4.3.1) - restriction: || (&& (== net472) (< net45)) (== net6.0)
    System.Runtime.Handles (4.3) - restriction: || (&& (== net472) (>= net6.0)) (== net6.0)
      Microsoft.NETCore.Platforms (>= 1.1) - restriction: || (&& (== net472) (< net46)) (== net6.0)
      Microsoft.NETCore.Targets (>= 1.1) - restriction: || (&& (== net472) (< net46)) (== net6.0)
      System.Runtime (>= 4.3) - restriction: || (&& (== net472) (< net46)) (== net6.0)
    System.Runtime.InteropServices (4.3) - restriction: || (&& (== net472) (>= net6.0)) (== net6.0)
      Microsoft.NETCore.Platforms (>= 1.1) - restriction: || (&& (== net472) (< net45)) (&& (== net472) (>= netcoreapp1.1)) (== net6.0)
      Microsoft.NETCore.Targets (>= 1.1) - restriction: || (&& (== net472) (< net45)) (&& (== net472) (>= netcoreapp1.1)) (== net6.0)
      System.Reflection (>= 4.3) - restriction: || (&& (== net472) (< net45)) (&& (== net472) (>= netcoreapp1.1)) (== net6.0)
      System.Reflection.Primitives (>= 4.3) - restriction: || (&& (== net472) (< net45)) (&& (== net472) (>= netcoreapp1.1)) (== net6.0)
      System.Runtime (>= 4.3)
      System.Runtime.Handles (>= 4.3) - restriction: || (&& (== net472) (< net45)) (&& (== net472) (>= netcoreapp1.1)) (== net6.0)
    System.Security.AccessControl (6.0) - restriction: || (&& (== net472) (>= netstandard2.1)) (== net6.0)
    System.Security.Cryptography.Algorithms (4.3.1) - restriction: || (== net472) (&& (== net6.0) (>= net461))
      System.IO (>= 4.3)
      System.Runtime (>= 4.3)
      System.Security.Cryptography.Encoding (>= 4.3)
      System.Security.Cryptography.Primitives (>= 4.3)
    System.Security.Cryptography.Cng (5.0) - restriction: || (&& (== net472) (>= net6.0)) (== net6.0)
      System.Formats.Asn1 (>= 5.0) - restriction: || (&& (== net472) (>= netcoreapp3.0)) (== net6.0)
    System.Security.Cryptography.Encoding (4.3) - restriction: || (== net472) (&& (== net6.0) (>= net461)) (&& (== net6.0) (>= net463))
    System.Security.Cryptography.Pkcs (6.0) - restriction: || (&& (== net472) (>= net6.0)) (== net6.0)
      System.Formats.Asn1 (>= 6.0) - restriction: || (&& (== net472) (< net461)) (&& (== net472) (>= netstandard2.1)) (== net6.0)
    System.Security.Cryptography.Primitives (4.3) - restriction: || (== net472) (&& (== net6.0) (>= net461)) (&& (== net6.0) (>= net463))
    System.Security.Cryptography.ProtectedData (6.0) - restriction: || (&& (== net472) (>= net6.0)) (&& (== net472) (>= netstandard2.1)) (== net6.0)
    System.Security.Cryptography.X509Certificates (4.3.2) - restriction: || (== net472) (&& (== net6.0) (>= net47))
      System.Security.Cryptography.Algorithms (>= 4.3)
      System.Security.Cryptography.Encoding (>= 4.3)
    System.Security.Cryptography.Xml (6.0) - restriction: == net6.0
      System.Security.AccessControl (>= 6.0)
      System.Security.Cryptography.Pkcs (>= 6.0) - restriction: || (&& (== net472) (< net461)) (&& (== net472) (>= net6.0)) (== net6.0)
    System.Security.Permissions (6.0) - restriction: || (&& (== net472) (>= netstandard2.1)) (== net6.0)
      System.Security.AccessControl (>= 6.0)
      System.Windows.Extensions (>= 6.0) - restriction: || (&& (== net472) (>= netcoreapp3.1)) (== net6.0)
    System.Security.Principal.Windows (5.0) - restriction: || (&& (== net472) (>= net6.0)) (== net6.0)
    System.Text.Encoding (4.3) - restriction: || (&& (== net472) (< net35)) (== net6.0)
      Microsoft.NETCore.Platforms (>= 1.1) - restriction: || (&& (== net472) (< net45)) (== net6.0)
      Microsoft.NETCore.Targets (>= 1.1) - restriction: || (&& (== net472) (< net45)) (== net6.0)
      System.Runtime (>= 4.3) - restriction: || (&& (== net472) (< net45)) (== net6.0)
    System.Text.Encoding.CodePages (6.0) - restriction: || (&& (== net472) (>= net6.0)) (== net6.0)
      System.Runtime.CompilerServices.Unsafe (>= 6.0)
    System.Text.Encoding.Extensions (4.3) - restriction: || (&& (== net472) (>= net6.0)) (== net6.0)
      Microsoft.NETCore.Platforms (>= 1.1) - restriction: || (&& (== net472) (< net45)) (== net6.0)
      Microsoft.NETCore.Targets (>= 1.1) - restriction: || (&& (== net472) (< net45)) (== net6.0)
      System.Runtime (>= 4.3) - restriction: || (&& (== net472) (< net45)) (== net6.0)
      System.Text.Encoding (>= 4.3) - restriction: || (&& (== net472) (< net45)) (== net6.0)
    System.Text.Encodings.Web (6.0)
      System.Runtime.CompilerServices.Unsafe (>= 6.0)
    System.Text.Json (6.0.2)
      Microsoft.Bcl.AsyncInterfaces (>= 6.0) - restriction: || (== net472) (&& (== net6.0) (>= net461)) (&& (== net6.0) (< netcoreapp3.1))
      System.Buffers (>= 4.5.1) - restriction: || (== net472) (&& (== net6.0) (>= net461)) (&& (== net6.0) (< netcoreapp3.1))
      System.Memory (>= 4.5.4) - restriction: || (== net472) (&& (== net6.0) (>= net461)) (&& (== net6.0) (< netcoreapp3.1))
      System.Numerics.Vectors (>= 4.5) - restriction: || (== net472) (&& (== net6.0) (>= net461)) (&& (== net6.0) (< netcoreapp3.1))
      System.Runtime.CompilerServices.Unsafe (>= 6.0)
      System.Text.Encodings.Web (>= 6.0)
      System.Threading.Tasks.Extensions (>= 4.5.4) - restriction: || (== net472) (&& (== net6.0) (>= net461)) (&& (== net6.0) (< netcoreapp3.1))
      System.ValueTuple (>= 4.5) - restriction: || (== net472) (&& (== net6.0) (>= net461))
    System.Text.RegularExpressions (4.3.1) - restriction: || (&& (== net472) (>= net6.0)) (== net6.0)
      System.Runtime (>= 4.3.1) - restriction: || (&& (== net472) (< net45)) (&& (== net472) (>= netcoreapp1.1)) (== net6.0)
    System.Threading (4.3) - restriction: || (&& (== net472) (>= net6.0)) (== net6.0)
      System.Runtime (>= 4.3) - restriction: || (&& (== net472) (< net45)) (== net6.0)
      System.Threading.Tasks (>= 4.3) - restriction: || (&& (== net472) (< net45)) (== net6.0)
    System.Threading.Tasks (4.3) - restriction: || (&& (== net472) (>= net6.0)) (== net6.0)
      Microsoft.NETCore.Platforms (>= 1.1) - restriction: || (&& (== net472) (< net45)) (== net6.0)
      Microsoft.NETCore.Targets (>= 1.1) - restriction: || (&& (== net472) (< net45)) (== net6.0)
      System.Runtime (>= 4.3) - restriction: || (&& (== net472) (< net45)) (== net6.0)
    System.Threading.Tasks.Dataflow (6.0)
    System.Threading.Tasks.Extensions (4.5.4)
      System.Runtime.CompilerServices.Unsafe (>= 4.5.3) - restriction: || (== net472) (&& (== net6.0) (>= net461)) (&& (== net6.0) (< netcoreapp2.1)) (&& (== net6.0) (< netstandard1.0)) (&& (== net6.0) (< netstandard2.0)) (&& (== net6.0) (>= wp8))
    System.ValueTuple (4.5) - restriction: || (== net472) (&& (== net6.0) (>= net461))
    System.Windows.Extensions (6.0) - restriction: || (&& (== net472) (>= netcoreapp3.1)) (== net6.0)
      System.Drawing.Common (>= 6.0) - restriction: || (&& (== net472) (>= netcoreapp3.1)) (== net6.0)
    System.Xml.ReaderWriter (4.3.1) - restriction: || (&& (== net472) (>= net6.0)) (== net6.0)
      System.Collections (>= 4.3) - restriction: || (&& (== net472) (< net45)) (== net6.0)
      System.Diagnostics.Debug (>= 4.3) - restriction: || (&& (== net472) (< net45)) (== net6.0)
      System.Globalization (>= 4.3) - restriction: || (&& (== net472) (< net45)) (== net6.0)
      System.IO (>= 4.3) - restriction: || (&& (== net472) (< net45)) (== net6.0)
      System.IO.FileSystem (>= 4.3) - restriction: || (&& (== net472) (< net45)) (== net6.0)
      System.IO.FileSystem.Primitives (>= 4.3) - restriction: || (&& (== net472) (< net45)) (== net6.0)
      System.Resources.ResourceManager (>= 4.3) - restriction: || (&& (== net472) (< net45)) (== net6.0)
      System.Runtime (>= 4.3) - restriction: || (&& (== net472) (< net45)) (== net6.0)
      System.Runtime.Extensions (>= 4.3) - restriction: || (&& (== net472) (< net45)) (== net6.0)
      System.Runtime.InteropServices (>= 4.3) - restriction: || (&& (== net472) (< net45)) (== net6.0)
      System.Text.Encoding (>= 4.3) - restriction: || (&& (== net472) (< net45)) (== net6.0)
      System.Text.Encoding.Extensions (>= 4.3) - restriction: || (&& (== net472) (< net45)) (== net6.0)
      System.Text.RegularExpressions (>= 4.3) - restriction: || (&& (== net472) (< net45)) (== net6.0)
      System.Threading.Tasks (>= 4.3) - restriction: || (&& (== net472) (< net45)) (== net6.0)
      System.Threading.Tasks.Extensions (>= 4.3) - restriction: || (&& (== net472) (< net45)) (== net6.0)
    System.Xml.XmlDocument (4.3) - restriction: || (&& (== net472) (< net35)) (== net6.0)
      System.Collections (>= 4.3) - restriction: || (&& (== net472) (< net46)) (== net6.0)
      System.Diagnostics.Debug (>= 4.3) - restriction: || (&& (== net472) (< net46)) (== net6.0)
      System.Globalization (>= 4.3) - restriction: || (&& (== net472) (< net46)) (== net6.0)
      System.IO (>= 4.3) - restriction: || (&& (== net472) (< net46)) (== net6.0)
      System.Resources.ResourceManager (>= 4.3) - restriction: || (&& (== net472) (< net46)) (== net6.0)
      System.Runtime (>= 4.3) - restriction: || (&& (== net472) (< net46)) (== net6.0)
      System.Runtime.Extensions (>= 4.3) - restriction: || (&& (== net472) (< net46)) (== net6.0)
      System.Text.Encoding (>= 4.3) - restriction: || (&& (== net472) (< net46)) (== net6.0)
      System.Threading (>= 4.3) - restriction: || (&& (== net472) (< net46)) (== net6.0)
      System.Xml.ReaderWriter (>= 4.3) - restriction: || (&& (== net472) (< net46)) (== net6.0)
    TimeZoneConverter (5.0) - restriction: || (&& (== net472) (>= net6.0)) (== net6.0)
    xunit (2.4.1)
      xunit.analyzers (>= 0.10)
      xunit.assert (2.4.1)
      xunit.core (2.4.1)
    xunit.abstractions (2.0.3)
    xunit.analyzers (0.10)
    xunit.assert (2.4.1)
      NETStandard.Library (>= 1.6.1) - restriction: || (&& (== net472) (< net452)) (== net6.0)
    xunit.categories (2.0.6)
      xunit (>= 2.4.1)
    xunit.core (2.4.1)
      xunit.extensibility.core (2.4.1)
      xunit.extensibility.execution (2.4.1)
    xunit.extensibility.core (2.4.1)
      NETStandard.Library (>= 1.6.1) - restriction: || (&& (== net472) (< net452)) (== net6.0)
      xunit.abstractions (>= 2.0.3)
    xunit.extensibility.execution (2.4.1)
      NETStandard.Library (>= 1.6.1) - restriction: || (&& (== net472) (< net452)) (== net6.0)
      xunit.extensibility.core (2.4.1)
    xunit.runner.visualstudio (2.4.3)
